[System]
Scanner=SkyScan1272
Instrument S/N=15G09089-B
Software Version=1.1.19
Home Directory=C:\SkyScan1272\SkyScan1272
Source Type=HAMAMATSU_L11871_20
Camera Type=XIMEA xiRAY16
Camera Pixel Size (um)=7.4
Camera X/Y Ratio=1.0023
[User]
User Name=haberthu
Computer Name=ANAMIC02
[Acquisition]
Data Directory=D:\Results\EAWAG\IG92\proj
Filename Prefix=IG92
Filename Index Length=8
Number Of Files= 1895
Number Of Rows= 3280
Number Of Columns= 4904
Partial Width=OFF
Image crop origin X=0
Image crop origin Y=0
Camera binning=1x1
Image Rotation=-0.08200
Optical Axis (line)= 1766
Camera to Source (mm)=224.07267
Object to Source (mm)=151.40100
Source Voltage (kV)=  60
Source Current (uA)= 166
Image Pixel Size (um)=5.000018
Scaled Image Pixel Size (um)=5.000018
Image Format=TIFF
Depth (bits)=16
Reference Intensity=57000
Camera position=mid
Exposure (ms)=4133
Rotation Step (deg)=0.100
Use 360 Rotation=NO
Scanning position=9.361 mm
Frame Averaging=ON (2)
Random Movement=OFF (30)
Flat Field Correction=ON
FF updating interval=210
Geometrical Correction=ON
Filter=Al 0.25mm
Gantry direction=CC
Rotation Direction=CC
Type of Detector Motion=STEP AND SHOOT
Scanning Trajectory=ROUND
Number Of Horizontal Offset Positions=1
Study Date and Time=29 Jan 2021  17h:31m:09s
Scan duration=7h:38m:44s
Maximum vertical TS=0.0
Maximum horizontal TS=1.0
TS modified at=February01,08:39:57 ---  1895 of 1895 projections
TS modified according to=D:\Results\EAWAG\IG92\proj\IG92_TS.csv
TS modified at level=2
[Reconstruction]
Reconstruction Program=NRecon
Program Version=Version: 2.1.0.1
Program Home Directory=C:\SkyScan1272\SkyScan1272
Reconstruction engine=GPUReconServer
Engine version=Version: 2.1.0
Reconstruction from batch=Yes
Postalignment Applied=1
Postalignment=6.50
Reconstructed using oversize-option=No
Reconstruction servers= ANAMIC02 
Dataset Origin=SkyScan1272
Dataset Prefix=IG92
Dataset Directory=D:\Results\EAWAG\IG92\proj
Output Directory=D:\Results\EAWAG\IG92\rec
Time and Date=11 Jan 2022  18h:38m:38s
First Section=69
Last Section=3278
Reconstruction duration per slice (seconds)=0.910280
Total reconstruction time (3210 slices) in seconds=2922.000000
Heel Effect Correction On=0
Section to Section Step=1
Sections Count=3210
Result File Type=PNG
Result File Header Length (bytes)=Unknown: compressed JPG format (100%)
Result Image Width (pixels)=3200
Result Image Height (pixels)=1652
Pixel Size (um)=5.00002
Reconstruction Angular Range (deg)=189.50
Use 180+=OFF
Angular Step (deg)=0.1000
Smoothing=0
Ring Artifact Correction=13
Draw Scales=OFF
Object Bigger than FOV=ON
Reconstruction from ROI=ON
ROI Top (pixels)=3425
ROI Bottom (pixels)=1773
ROI Left (pixels)=947
ROI Right (pixels)=4147
ROI reference length=4904
Filter cutoff relative to Nyquist frequency=100
Filter type=0
Filter type description=Hamming (Alpha=0.54)
Undersampling factor=1
Threshold for defect pixel mask (%)=50
Beam Hardening Correction (%)=0
CS Static Rotation (deg)=-6.60
CS Static Rotation Total(deg)=-6.60
Minimum for CS to Image Conversion=0.000000
Maximum for CS to Image Conversion=0.247670
HU Calibration=OFF
BMP LUT=0
Cone-beam Angle Horiz.(deg)=9.259112
Cone-beam Angle Vert.(deg)=6.200336
