[System]
Scanner=SkyScan2214
Instrument S/N=20C18017
Software Version=1.8
Home Directory=C:\SkyScan2214\SkyScan2214 User Software
Source Type=Hamamatsu L10711
Camera Type=FlatPanel: 2...50um, 140mm max.FOV
Camera Pixel Size (um)=74.800
Camera X/Y Ratio=1.0030
[User]
User Name=Skyscan4
Computer Name=ANAMIC05
[Acquisition]
Data Directory=D:\Results\EAWAG\11601\proj
Filename Prefix=11601~00
Number Of Files= 1104
Number Of Rows= 1944
Number Of Columns= 3070
Filename Index Length=8
Partial Width=OFF
Image crop origin X=0
Image crop origin Y=0
Camera binning=1x1
Image Rotation=0.21000
Optical Axis (line)= 1003
Object to Source (mm)=46.111
Camera to Source (mm)=313.563
Source Voltage (kV)=  70
Source Current (uA)= 140
Source Target Power (W)=5.04
Image Pixel Size (um)=10.999632
Scaled Image Pixel Size (um)=10.999632
Image Format=TIFF
Depth (bits)=16
Reference Intensity=58000
Exposure (ms)=713
Rotation Step (deg)=0.200
Use 360 Rotation=NO
High Aspect Ratio=NO
Scanning position=37.233 mm
Frame Averaging=OFF (3)
Flat Field Correction=ON
FF updating interval=158
Random Movement=OFF (40)
Filter=No Filter
Gantry direction=CW
Rotation Direction=CW
Intrinsic CS rotation in degree=0.0
Type of Detector Motion=STEP AND SHOOT
Scanning Trajectory=ROUND
Number of connected scans=3
Current scan number=1
Number of lines to be reconstructed=1354
Source Filament Type=W
Source spot size=Large
Suggested HU - Calibration=180000
Number Of Horizontal Offset Positions=1
Study Date and Time=07 Jun 2021  10h:13m:49s
Estimated Scan duration=2h:48m:48s
Scan duration=0h:50m:23s
Maximum vertical TS=5.0
[Reconstruction]
Reconstruction Program=NRecon
Program Version=Version: 2.1.0.1
Program Home Directory=C:\SkyScan1272\SkyScan1272
Reconstruction engine=GPUReconServer
Engine version=Version: 2.1.0
Reconstruction from batch=Yes
Postalignment Applied=1
Reconstructed using oversize-option=No
Connected Reconstruction (parts)=3
Oversize-option Bitmap=15
Sub-scan post alignment [0]=25.000000
Sub-scan post alignment [1]=14.500000
Sub-scan post alignment [2]=5.000000
Sub-scan scan length [0]=1381
Sub-scan scan length [1]=1381
Sub-scan scan length [2]=1354
Used extra rotation per scan(deg)= 0.000  0.035  0.035 
Used extra shift in X per scan(micron)= 0.000  143.305  259.627 
Used extra shift in Y per scan(micron)= 0.000  181.284  350.417 
Reconstruction servers= ANAMIC02 
Dataset Origin=SkyScan2214
Dataset Prefix=11601~02
Dataset Directory=D:\Results\EAWAG\11601\proj
Output Directory=D:\Results\EAWAG\11601\rec_rereconstruct
Time and Date=13 Sep 2021  17h:29m:02s
First Section=240
Last Section=4704
Reconstruction duration per slice (seconds)=1.367354
Total reconstruction time (2763 slices) in seconds=3778.000000
Heel Effect Correction On=0
Section to Section Step=1
Sections Count=4465
Result File Type=PNG
Result File Header Length (bytes)=Unknown: compressed JPG format (100%)
Result Image Width (pixels)=3040
Result Image Height (pixels)=2056
Pixel Size (um)=10.99963
Reconstruction Angular Range (deg)=220.80
Use 180+=OFF
Angular Step (deg)=0.2000
Smoothing=0
Ring Artifact Correction=0
Draw Scales=OFF
Object Bigger than FOV=OFF
Reconstruction from ROI=ON
ROI Top (pixels)=2630
ROI Bottom (pixels)=571
ROI Left (pixels)=2
ROI Right (pixels)=3043
ROI reference length=3070
Filter cutoff relative to Nyquist frequency=100
Filter type=0
Filter type description=Hamming (Alpha=0.54)
Undersampling factor=1
Threshold for defect pixel mask (%)=0
Beam Hardening Correction (%)=0
CS Static Rotation (deg)=269.11
CS Static Rotation Total(deg)=269.11
Minimum for CS to Image Conversion=0.000000
Maximum for CS to Image Conversion=0.108015
HU Calibration=OFF
BMP LUT=0
Cone-beam Angle Horiz.(deg)=40.222366
Cone-beam Angle Vert.(deg)=26.108696
