[System]
Scanner=SkyScan2214
Instrument S/N=20C18017
Software Version=1.8
Home Directory=C:\SkyScan2214\SkyScan2214 User Software
Source Type=Hamamatsu L10711
Camera Type=FlatPanel: 2...50um, 140mm max.FOV
Camera Pixel Size (um)=74.800
Camera X/Y Ratio=1.0030
[User]
User Name=Skyscan4
Computer Name=ANAMIC05
[Acquisition]
Data Directory=D:\Results\EAWAG\11500\proj
Filename Prefix=11500~00
Number Of Files= 1104
Number Of Rows= 1944
Number Of Columns= 3070
Filename Index Length=8
Partial Width=OFF
Image crop origin X=0
Image crop origin Y=0
Camera binning=1x1
Image Rotation=0.21000
Optical Axis (line)= 1003
Object to Source (mm)=41.920
Camera to Source (mm)=313.563
Source Voltage (kV)=  70
Source Current (uA)= 140
Source Target Power (W)=5.89
Image Pixel Size (um)=9.999875
Scaled Image Pixel Size (um)=9.999875
Image Format=TIFF
Depth (bits)=16
Reference Intensity=58000
Exposure (ms)=576
Rotation Step (deg)=0.200
Use 360 Rotation=NO
High Aspect Ratio=NO
Scanning position=40.934 mm
Frame Averaging=OFF (3)
Flat Field Correction=ON
FF updating interval=158
Random Movement=OFF (40)
Filter=No Filter
Gantry direction=CW
Rotation Direction=CW
Intrinsic CS rotation in degree=0.0
Type of Detector Motion=STEP AND SHOOT
Scanning Trajectory=ROUND
Number of connected scans=4
Current scan number=1
Number of lines to be reconstructed=1171
Source Filament Type=W
Source spot size=Large
Suggested HU - Calibration=180000
Number Of Horizontal Offset Positions=1
Study Date and Time=10 Jun 2021  09h:43m:47s
Estimated Scan duration=3h:34m:20s
Scan duration=0h:46m:19s
Maximum vertical TS=5.0
[Reconstruction]
Reconstruction Program=NRecon
Program Version=Version: 2.0.0.5
Program Home Directory=C:\SkyScan2214\SkyScan2214 User Software
Reconstruction engine=GPUReconServer
Engine version=Version: 2.0.0
Reconstruction from batch=Yes
Postalignment Applied=1
Connected Reconstruction (parts)=4
Sub-scan post alignment [0]=29.500000
Sub-scan post alignment [1]=23.500000
Sub-scan post alignment [2]=14.000000
Sub-scan post alignment [3]=9.500000
Sub-scan scan length [0]=1170
Sub-scan scan length [1]=1169
Sub-scan scan length [2]=1170
Sub-scan scan length [3]=1171
Used extra rotation per scan(deg)= 0.000  -0.010  -0.010  -0.010 
Used extra shift in X per scan(micron)= 0.000  44.249  100.167  125.564 
Used extra shift in Y per scan(micron)= 0.000  -124.535  -209.213  -213.880 
Reconstruction servers= ANAMIC05 
Dataset Origin=SkyScan2214
Dataset Prefix=11500~03
Dataset Directory=D:\Results\EAWAG\11500\proj
Output Directory=D:\Results\EAWAG\11500\rec
Time and Date=10 Jun 2021  13h:05m:08s
First Section=525
Last Section=5356
Reconstruction duration per slice (seconds)=0.333333
Total reconstruction time (3510 slices) in seconds=1170.000000
Section to Section Step=1
Sections Count=4832
Result File Type=PNG
Result File Header Length (bytes)=Unknown: compressed JPG format (100%)
Result Image Width (pixels)=3040
Result Image Height (pixels)=2068
Pixel Size (um)=9.99988
Reconstruction Angular Range (deg)=220.80
Use 180+=OFF
Angular Step (deg)=0.2000
Smoothing=0
Ring Artifact Correction=0
Draw Scales=OFF
Object Bigger than FOV=OFF
Reconstruction from ROI=ON
ROI Top (pixels)=2615
ROI Bottom (pixels)=545
ROI Left (pixels)=22
ROI Right (pixels)=3063
ROI reference length=3070
Filter cutoff relative to Nyquist frequency=100
Filter type=0
Filter type description=Hamming (Alpha=0.54)
Undersampling factor=1
Threshold for defect pixel mask (%)=0
Beam Hardening Correction (%)=0
CS Static Rotation (deg)=107.92
CS Static Rotation Total(deg)=107.92
Minimum for CS to Image Conversion=0.000000
Maximum for CS to Image Conversion=0.145188
HU Calibration=OFF
BMP LUT=0
Cone-beam Angle Horiz.(deg)=40.222340
Cone-beam Angle Vert.(deg)=26.108677
