[System]
Scanner=SkyScan1272
Instrument S/N=15G09089-B
Software Version=1.1.19
Home Directory=C:\SkyScan1272\SkyScan1272
Source Type=HAMAMATSU_L11871_20
Camera Type=XIMEA xiRAY16
Camera Pixel Size (um)=7.4
Camera X/Y Ratio=1.0023
[User]
User Name=haberthu
Computer Name=ANAMIC02
[Acquisition]
Data Directory=D:\Results\EAWAG\106985\proj
Filename Prefix=106985_~01
Filename Index Length=8
Number Of Files=  974
Number Of Rows= 1640
Number Of Columns= 2452
Partial Width=OFF
Image crop origin X=0
Image crop origin Y=0
Camera binning=2x2
Image Rotation=0.13600
Optical Axis (line)=  894
Camera to Source (mm)=274.07267
Object to Source (mm)=92.61293
Source Voltage (kV)=  70
Source Current (uA)= 142
Image Pixel Size (um)=5.001124
Scaled Image Pixel Size (um)=5.001124
Image Format=TIFF
Depth (bits)=16
Reference Intensity=57000
Camera position=far
Exposure (ms)=2888
Rotation Step (deg)=0.200
Use 360 Rotation=NO
Scanning position=10.268 mm
Frame Averaging=ON (3)
Random Movement=OFF (30)
Flat Field Correction=ON
FF updating interval=104
Geometrical Correction=ON
Filter=Al 0.5mm
Gantry direction=CC
Rotation Direction=CC
Type of Detector Motion=STEP AND SHOOT
Scanning Trajectory=ROUND
Number Of Horizontal Offset Positions=2
Horizontal Overlap (pixel)=240
Number of connected scans=2
Current scan number=2
Number of lines to be reconstructed=1295
Study Date and Time=16 Nov 2020  23h:53m:27s
Scan duration=6h:58m:4s
Maximum vertical TS=5.0
[Reconstruction]
Reconstruction Program=NRecon
Program Version=Version: 2.0.0.5
Program Home Directory=C:\SkyScan1272\SkyScan1272
Reconstruction engine=GPUReconServer
Engine version=Version: 2.0.0
Reconstruction from batch=Yes
Postalignment Applied=1
Connected Reconstruction (parts)=2
Sub-scan post alignment [0]=41.000000
Sub-scan post alignment [1]=42.000000
Sub-scan scan length [0]=1285
Sub-scan scan length [1]=1295
Used extra rotation per scan(deg)= 0.000  0.000 
Used extra shift in X per scan(micron)= 0.000  12.495 
Used extra shift in Y per scan(micron)= 0.000  -12.241 
Reconstruction servers= ANAMIC02 
Dataset Origin=SkyScan1272
Dataset Prefix=106985_~01
Dataset Directory=D:\Results\EAWAG\106985\proj
Output Directory=D:\Results\EAWAG\106985\rec
Time and Date=20 Apr 2021  15h:54m:59s
First Section=152
Last Section=2922
Reconstruction duration per slice (seconds)=1.878694
Total reconstruction time (1286 slices) in seconds=2416.000000
Section to Section Step=1
Sections Count=2771
Result File Type=PNG
Result File Header Length (bytes)=Unknown: compressed JPG format (100%)
Result Image Width (pixels)=3508
Result Image Height (pixels)=1972
Pixel Size (um)=5.00112
Reconstruction Angular Range (deg)=194.80
Use 180+=OFF
Angular Step (deg)=0.2000
Smoothing=0
Ring Artifact Correction=14
Draw Scales=OFF
Object Bigger than FOV=OFF
Reconstruction from ROI=ON
ROI Top (pixels)=3519
ROI Bottom (pixels)=1546
ROI Left (pixels)=302
ROI Right (pixels)=3810
ROI reference length=4664
Filter cutoff relative to Nyquist frequency=100
Filter type=0
Filter type description=Hamming (Alpha=0.54)
Undersampling factor=1
Threshold for defect pixel mask (%)=0
Beam Hardening Correction (%)=0
CS Static Rotation (deg)=-53.34
CS Static Rotation Total(deg)=-53.34
Minimum for CS to Image Conversion=0.000000
Maximum for CS to Image Conversion=0.247237
HU Calibration=OFF
BMP LUT=0
Cone-beam Angle Horiz.(deg)=14.354799
Cone-beam Angle Vert.(deg)=5.067740
Sub-Scan 0 ends at slice=1536
Sub-Scan 1 ends at slice=2830
Automatic matching in Z=50
Automatic matching in X/Y=50
Automatic matching in rotation=5.000000
Automatic fusion=1
[File name convention]
Filename Index Length=8
Filename Prefix=106985__rec
