[System]
Scanner=SkyScan2214
Instrument S/N=20C18017
Software Version=1.8
Home Directory=C:\SkyScan2214\SkyScan2214 User Software
Source Type=Hamamatsu L10711
Camera Type=FlatPanel: 2...50um, 140mm max.FOV
Camera Pixel Size (um)=74.800
Camera X/Y Ratio=1.0030
[User]
User Name=Skyscan4
Computer Name=ANAMIC05
[Acquisition]
Data Directory=D:\Results\EAWAG\BucketOfFish_D\proj
Filename Prefix=BucketOfFish_C
Number Of Files= 3601
Number Of Rows= 1944
Number Of Columns= 3072
Filename Index Length=8
Partial Width=OFF
Image crop origin X=0
Image crop origin Y=0
Camera binning=1x1
Image Rotation=0.19000
Optical Axis (line)= 1003
Object to Source (mm)=146.720
Camera to Source (mm)=313.563
Source Voltage (kV)=  70
Source Current (uA)= 140
Source Target Power (W)=5.05
Image Pixel Size (um)=34.999866
Scaled Image Pixel Size (um)=34.999866
Image Format=TIFF
Depth (bits)=16
Reference Intensity=58000
Exposure (ms)=728
Rotation Step (deg)=0.100
Use 360 Rotation=YES
High Aspect Ratio=NO
Scanning position=28.866 mm
Frame Averaging=OFF (3)
Flat Field Correction=ON
FF updating interval=515
Random Movement=OFF (40)
Filter=No Filter
Gantry direction=CW
Rotation Direction=CW
Intrinsic CS rotation in degree=0.0
Type of Detector Motion=STEP AND SHOOT
Scanning Trajectory=ROUND
Source Filament Type=W
Source spot size=Large
Suggested HU - Calibration=180000
Number Of Horizontal Offset Positions=1
Study Date and Time=07 Mar 2022  15h:02m:04s
Estimated Scan duration=2h:52m:43s
Scan duration=3h:10m:41s
Maximum vertical TS=1.0
Maximum horizontal TS=2.0
TS modified at=March07,15:20:08 ---  3601 of 3601 projections
TS modified according to=D:\Results\EAWAG\BucketOfFish_D\proj\BucketOfFish_C_2DTransform.csv
TS modified at level=3
[Reconstruction]
Reconstruction Program=NRecon
Program Version=Version: 2.1.0.1
Program Home Directory=C:\SkyScan2214\SkyScan2214 User Software
Reconstruction engine=GPUReconServer
Engine version=Version: 2.1.0
Reconstruction from batch=Yes
Postalignment Applied=1
Postalignment=3.50
Reconstructed using oversize-option=No
Reconstruction servers= ANAMIC05 
Dataset Origin=SkyScan2214
Dataset Prefix=BucketOfFish_C
Dataset Directory=D:\Results\EAWAG\BucketOfFish_D\proj
Output Directory=D:\Results\EAWAG\BucketOfFish_D\rec_105005
Time and Date=08 Mar 2022  12h:32m:06s
First Section=2
Last Section=1942
Reconstruction duration per slice (seconds)=0.081401
Total reconstruction time (1941 slices) in seconds=158.000000
Heel Effect Correction On=0
Section to Section Step=1
Sections Count=1941
Result File Type=PNG
Result File Header Length (bytes)=Unknown: compressed JPG format (100%)
Result Image Width (pixels)=1232
Result Image Height (pixels)=948
Pixel Size (um)=34.99987
Reconstruction Angular Range (deg)=360.00
Use 180+=OFF
Angular Step (deg)=0.1000
Smoothing=0
Ring Artifact Correction=0
Draw Scales=OFF
Object Bigger than FOV=OFF
Reconstruction from ROI=ON_ROUND
ROI Top (pixels)=976
ROI Bottom (pixels)=27
ROI Left (pixels)=317
ROI Right (pixels)=1551
ROI reference length=3072
Filter cutoff relative to Nyquist frequency=100
Filter type=0
Filter type description=Hamming (Alpha=0.54)
Undersampling factor=1
Threshold for defect pixel mask (%)=0
Beam Hardening Correction (%)=0
CS Static Rotation (deg)=0.00
CS Static Rotation Total(deg)=0.00
Minimum for CS to Image Conversion=0.000000
Maximum for CS to Image Conversion=0.045000
HU Calibration=OFF
BMP LUT=0
Cone-beam Angle Horiz.(deg)=40.246761
Cone-beam Angle Vert.(deg)=26.108896
