[System]
Scanner=SkyScan2214
Instrument S/N=20C18017
Software Version=1.8
Home Directory=C:\SkyScan2214\SkyScan2214 User Software
Source Type=Hamamatsu L10711
Camera Type=FlatPanel: 2...50um, 140mm max.FOV
Camera Pixel Size (um)=74.800
Camera X/Y Ratio=1.0030
[User]
User Name=Skyscan4
Computer Name=ANAMIC05
[Acquisition]
Data Directory=D:\Results\EAWAG\161543\proj
Filename Prefix=161543~00
Number Of Files= 1104
Number Of Rows= 1944
Number Of Columns= 3070
Filename Index Length=8
Partial Width=OFF
Image crop origin X=0
Image crop origin Y=0
Camera binning=1x1
Image Rotation=0.21000
Optical Axis (line)= 1003
Object to Source (mm)=55.001
Camera to Source (mm)=313.563
Source Voltage (kV)=  70
Source Current (uA)= 125
Source Target Power (W)=4.61
Image Pixel Size (um)=13.120329
Scaled Image Pixel Size (um)=13.120329
Image Format=TIFF
Depth (bits)=16
Reference Intensity=58000
Exposure (ms)=750
Rotation Step (deg)=0.200
Use 360 Rotation=NO
High Aspect Ratio=NO
Scanning position=4.631 mm
Frame Averaging=OFF (3)
Flat Field Correction=ON
FF updating interval=158
Random Movement=OFF (40)
Filter=No Filter
Gantry direction=CW
Rotation Direction=CW
Intrinsic CS rotation in degree=0.0
Type of Detector Motion=STEP AND SHOOT
Scanning Trajectory=ROUND
Number of connected scans=3
Current scan number=1
Number of lines to be reconstructed=1402
Source Filament Type=W
Source spot size=Large
Suggested HU - Calibration=180000
Number Of Horizontal Offset Positions=1
Study Date and Time=24 Mar 2021  14h:21m:33s
Estimated Scan duration=2h:51m:0s
Scan duration=1h:4m:16s
Maximum vertical TS=5.0
[Reconstruction]
Reconstruction Program=NRecon
Program Version=Version: 2.0.0.5
Program Home Directory=C:\SkyScan1272\SkyScan1272
Reconstruction engine=NReconServer
Engine version=Version: 2.0.0
Reconstruction from batch=Yes
Postalignment Applied=1
Connected Reconstruction (parts)=3
Sub-scan post alignment [0]=16.000000
Sub-scan post alignment [1]=4.500000
Sub-scan post alignment [2]=-5.000000
Sub-scan scan length [0]=1404
Sub-scan scan length [1]=1406
Sub-scan scan length [2]=1402
Used extra rotation per scan(deg)= 0.000  0.000  0.079 
Used extra shift in X per scan(micron)= 0.000  33.734  73.313 
Used extra shift in Y per scan(micron)= 0.000  -45.776  -58.899 
Reconstruction servers= ANAMIC02 
Reconstruction mode=Standard
Dataset Origin=SkyScan2214
Dataset Prefix=161543~02
Dataset Directory=D:\Results\EAWAG\161543\proj
Output Directory=D:\Results\EAWAG\161543\rec
Time and Date=14 Apr 2021  08h:52m:53s
First Section=344
Last Section=4746
Reconstruction duration per slice (seconds)=5.276058
Total reconstruction time (2811 slices) in seconds=14831.000000
Section to Section Step=1
Sections Count=4403
Result File Type=PNG
Result File Header Length (bytes)=Unknown: compressed JPG format (100%)
Result Image Width (pixels)=2936
Result Image Height (pixels)=2108
Pixel Size (um)=13.12033
Reconstruction Angular Range (deg)=220.80
Use 180+=OFF
Angular Step (deg)=0.2000
Smoothing=0
Ring Artifact Correction=0
Draw Scales=OFF
Object Bigger than FOV=OFF
Reconstruction from ROI=ON
ROI Top (pixels)=2539
ROI Bottom (pixels)=428
ROI Left (pixels)=86
ROI Right (pixels)=3023
ROI reference length=3070
Filter cutoff relative to Nyquist frequency=100
Filter type=0
Filter type description=Hamming (Alpha=0.54)
Undersampling factor=1
Threshold for defect pixel mask (%)=0
Beam Hardening Correction (%)=0
CS Static Rotation (deg)=-43.51
CS Static Rotation Total(deg)=-43.51
Minimum for CS to Image Conversion=0.000000
Maximum for CS to Image Conversion=0.050316
HU Calibration=OFF
BMP LUT=0
Cone-beam Angle Horiz.(deg)=40.222412
Cone-beam Angle Vert.(deg)=26.108727
