[System]
Scanner=SkyScan2214
Instrument S/N=20C18017
Software Version=1.8
Home Directory=C:\SkyScan2214\SkyScan2214 User Software
Source Type=Hamamatsu L10711
Camera Type=FlatPanel: 2...50um, 140mm max.FOV
Camera Pixel Size (um)=74.800
Camera X/Y Ratio=1.0030
[User]
User Name=Skyscan4
Computer Name=ANAMIC05
[Acquisition]
Data Directory=D:\Results\EAWAG\10715\proj
Filename Prefix=10715~00
Number Of Files= 1104
Number Of Rows= 1944
Number Of Columns= 3070
Filename Index Length=8
Partial Width=OFF
Image crop origin X=0
Image crop origin Y=0
Camera binning=1x1
Image Rotation=0.21000
Optical Axis (line)= 1003
Object to Source (mm)=30.998
Camera to Source (mm)=313.563
Source Voltage (kV)=  70
Source Current (uA)= 125
Source Target Power (W)=4.91
Image Pixel Size (um)=7.394447
Scaled Image Pixel Size (um)=7.394447
Image Format=TIFF
Depth (bits)=16
Reference Intensity=58000
Exposure (ms)=720
Rotation Step (deg)=0.200
Use 360 Rotation=NO
High Aspect Ratio=NO
Scanning position=39.801 mm
Frame Averaging=OFF (3)
Flat Field Correction=ON
FF updating interval=158
Random Movement=OFF (40)
Filter=No Filter
Gantry direction=CW
Rotation Direction=CW
Intrinsic CS rotation in degree=0.0
Type of Detector Motion=STEP AND SHOOT
Scanning Trajectory=ROUND
Number of connected scans=3
Current scan number=1
Number of lines to be reconstructed=1477
Source Filament Type=W
Source spot size=Large
Suggested HU - Calibration=180000
Number Of Horizontal Offset Positions=1
Study Date and Time=07 May 2021  10h:11m:10s
Estimated Scan duration=2h:49m:12s
Scan duration=0h:51m:4s
Maximum vertical TS=5.0
[Reconstruction]
Reconstruction Program=NRecon
Program Version=Version: 2.1.0.1
Program Home Directory=C:\SkyScan2214\SkyScan2214 User Software
Reconstruction engine=GPUReconServer
Engine version=Version: 2.1.0
Reconstruction from batch=Yes
Postalignment Applied=1
Reconstructed using oversize-option=No
Connected Reconstruction (parts)=3
Oversize-option Bitmap=9
Sub-scan post alignment [0]=33.500000
Sub-scan post alignment [1]=22.000000
Sub-scan post alignment [2]=12.000000
Sub-scan scan length [0]=1476
Sub-scan scan length [1]=1479
Sub-scan scan length [2]=1477
Used extra rotation per scan(deg)= 0.000  0.091  0.155 
Used extra shift in X per scan(micron)= 0.000  14.278  21.404 
Used extra shift in Y per scan(micron)= 0.000  -13.633  -16.079 
Reconstruction servers= ANAMIC05 
Dataset Origin=SkyScan2214
Dataset Prefix=10715~02
Dataset Directory=D:\Results\EAWAG\10715\proj
Output Directory=D:\Results\EAWAG\10715\rec
Time and Date=03 May 2022  18h:26m:13s
First Section=344
Last Section=4896
Reconstruction duration per slice (seconds)=0.200217
Total reconstruction time (4605 slices) in seconds=922.000000
Heel Effect Correction On=0
Section to Section Step=1
Sections Count=4553
Result File Type=PNG
Result File Header Length (bytes)=Unknown: compressed JPG format (100%)
Result Image Width (pixels)=2956
Result Image Height (pixels)=1904
Pixel Size (um)=7.39445
Reconstruction Angular Range (deg)=220.80
Use 180+=OFF
Angular Step (deg)=0.2000
Smoothing=0
Ring Artifact Correction=0
Draw Scales=OFF
Object Bigger than FOV=OFF
Reconstruction from ROI=ON
ROI Top (pixels)=2333
ROI Bottom (pixels)=426
ROI Left (pixels)=52
ROI Right (pixels)=3009
ROI reference length=3070
Filter cutoff relative to Nyquist frequency=100
Filter type=0
Filter type description=Hamming (Alpha=0.54)
Undersampling factor=1
Threshold for defect pixel mask (%)=0
Beam Hardening Correction (%)=0
CS Static Rotation (deg)=109.00
CS Static Rotation Total(deg)=109.00
Minimum for CS to Image Conversion=0.000000
Maximum for CS to Image Conversion=0.158883
HU Calibration=OFF
BMP LUT=0
Cone-beam Angle Horiz.(deg)=40.222229
Cone-beam Angle Vert.(deg)=26.108603
