[System]
Scanner=SkyScan2214
Instrument S/N=20C18017
Software Version=1.8
Home Directory=C:\SkyScan2214\SkyScan2214 User Software
Source Type=Hamamatsu L10711
Camera Type=FlatPanel: 2...50um, 140mm max.FOV
Camera Pixel Size (um)=74.800
Camera X/Y Ratio=1.0030
[User]
User Name=Skyscan4
Computer Name=ANAMIC05
[Acquisition]
Data Directory=D:\Results\EAWAG\PyOS85\proj_pj
Filename Prefix=PyOS85~00
Number Of Files= 2205
Number Of Rows= 1944
Number Of Columns= 3072
Filename Index Length=8
Partial Width=OFF
Image crop origin X=0
Image crop origin Y=0
Camera binning=1x1
Image Rotation=0.18000
Optical Axis (line)= 1003
Object to Source (mm)=46.111
Camera to Source (mm)=313.563
Source Voltage (kV)=  60
Source Current (uA)= 140
Source Target Power (W)=2.20
Image Pixel Size (um)=10.999632
Scaled Image Pixel Size (um)=10.999632
Image Format=TIFF
Depth (bits)=16
Reference Intensity=58000
Exposure (ms)=1482
Rotation Step (deg)=0.100
Use 360 Rotation=NO
High Aspect Ratio=NO
Scanning position=59.969 mm
Frame Averaging=OFF (5)
Flat Field Correction=ON
FF updating interval=315
Random Movement=OFF (40)
Filter=No Filter
Gantry direction=CW
Rotation Direction=CW
Intrinsic CS rotation in degree=0.0
Type of Detector Motion=STEP AND SHOOT
Scanning Trajectory=ROUND
Source Filament Type=W
Source spot size=Mid
Suggested HU - Calibration=180000
Number Of Horizontal Offset Positions=1
Study Date and Time=02 May 2023  23h:44m:49s
Estimated Scan duration=2h:22m:36s
Scan duration=2h:48m:20s
Maximum vertical TS=0.0
TS modified at=May03,10:59:03 ---  2205 of 2205 projections
TS modified according to=D:\Results\EAWAG\PyOS85\proj_pj\PyOS85~00_2DTransform.csv
TS modified at level=3
Maximum horizontal TS=3.0
[Reconstruction]
Pseudo-parallel projection calculated=1
