[System]
Scanner=SkyScan2214
Instrument S/N=20C18017
Software Version=1.8
Home Directory=C:\SkyScan2214\SkyScan2214 User Software
Source Type=Hamamatsu L10711
Camera Type=FlatPanel: 2...50um, 140mm max.FOV
Camera Pixel Size (um)=74.800
Camera X/Y Ratio=1.0030
[User]
User Name=Skyscan4
Computer Name=ANAMIC05
[Acquisition]
Data Directory=D:\Results\EAWAG\161476\proj
Filename Prefix=161476~00
Number Of Files= 1104
Number Of Rows= 1944
Number Of Columns= 3070
Filename Index Length=8
Partial Width=OFF
Image crop origin X=0
Image crop origin Y=0
Camera binning=1x1
Image Rotation=0.21000
Optical Axis (line)= 1003
Object to Source (mm)=49.997
Camera to Source (mm)=313.563
Source Voltage (kV)=  70
Source Current (uA)= 125
Source Target Power (W)=4.52
Image Pixel Size (um)=11.926680
Scaled Image Pixel Size (um)=11.926680
Image Format=TIFF
Depth (bits)=16
Reference Intensity=58000
Exposure (ms)=908
Rotation Step (deg)=0.200
Use 360 Rotation=NO
High Aspect Ratio=NO
Scanning position=3.196 mm
Frame Averaging=OFF (3)
Flat Field Correction=ON
FF updating interval=158
Random Movement=OFF (40)
Filter=No Filter
Gantry direction=CW
Rotation Direction=CW
Intrinsic CS rotation in degree=0.0
Type of Detector Motion=STEP AND SHOOT
Scanning Trajectory=ROUND
Number of connected scans=3
Current scan number=1
Number of lines to be reconstructed=1552
Source Filament Type=W
Source spot size=Large
Suggested HU - Calibration=180000
Number Of Horizontal Offset Positions=1
Study Date and Time=13 Apr 2021  13h:46m:49s
Estimated Scan duration=3h:0m:18s
Scan duration=0h:59m:34s
Maximum vertical TS=5.0
[Reconstruction]
Reconstruction Program=NRecon
Program Version=Version: 2.1.0.1
Program Home Directory=C:\SkyScan1272\SkyScan1272
Reconstruction engine=GPUReconServer
Engine version=Version: 2.1.0
Reconstruction from batch=Yes
Postalignment Applied=1
Reconstructed using oversize-option=No
Connected Reconstruction (parts)=3
Oversize-option Bitmap=15
Sub-scan post alignment [0]=16.500000
Sub-scan post alignment [1]=4.500000
Sub-scan post alignment [2]=-7.500000
Sub-scan scan length [0]=1552
Sub-scan scan length [1]=1555
Sub-scan scan length [2]=1552
Used extra rotation per scan(deg)= 0.000  0.049  0.154 
Used extra shift in X per scan(micron)= 0.000  92.965  266.227 
Used extra shift in Y per scan(micron)= 0.000  44.294  80.480 
Reconstruction servers= ANAMIC02 
Dataset Origin=SkyScan2214
Dataset Prefix=161476~02
Dataset Directory=D:\Results\EAWAG\161476\proj
Output Directory=D:\Results\EAWAG\161476\rec_rereconstruct
Time and Date=20 Sep 2021  10h:01m:41s
First Section=480
Last Section=5050
Reconstruction duration per slice (seconds)=1.013835
Total reconstruction time (3108 slices) in seconds=3151.000000
Heel Effect Correction On=0
Section to Section Step=1
Sections Count=4571
Result File Type=PNG
Result File Header Length (bytes)=Unknown: compressed JPG format (100%)
Result Image Width (pixels)=3008
Result Image Height (pixels)=2020
Pixel Size (um)=11.92668
Reconstruction Angular Range (deg)=220.80
Use 180+=OFF
Angular Step (deg)=0.2000
Smoothing=0
Ring Artifact Correction=0
Draw Scales=OFF
Object Bigger than FOV=OFF
Reconstruction from ROI=ON
ROI Top (pixels)=2683
ROI Bottom (pixels)=663
ROI Left (pixels)=28
ROI Right (pixels)=3036
ROI reference length=3070
Filter cutoff relative to Nyquist frequency=100
Filter type=0
Filter type description=Hamming (Alpha=0.54)
Undersampling factor=1
Threshold for defect pixel mask (%)=0
Beam Hardening Correction (%)=0
CS Static Rotation (deg)=104.00
CS Static Rotation Total(deg)=104.00
Minimum for CS to Image Conversion=0.000000
Maximum for CS to Image Conversion=0.131485
HU Calibration=OFF
BMP LUT=0
Cone-beam Angle Horiz.(deg)=40.222534
Cone-beam Angle Vert.(deg)=26.108809
Sub-Scan 0 ends at slice=1758
Sub-Scan 1 ends at slice=3311
Sub-Scan 2 ends at slice=4727
Automatic Matching In Z=50
Automatic Matching In X/Y=50
Automatic Matching In Rotation=5.000000
Automatic Fusion=1
Automatic Heel Effect Correction=0
[File name convention]
Filename Index Length=8
Filename Prefix=161476_rec
