[System]
Scanner=SkyScan2214
Instrument S/N=20C18017
Software Version=1.8
Home Directory=C:\SkyScan2214\SkyScan2214 User Software
Source Type=Hamamatsu L10711
Camera Type=FlatPanel: 2...50um, 140mm max.FOV
Camera Pixel Size (um)=74.800
Camera X/Y Ratio=1.0030
[User]
User Name=Skyscan4
Computer Name=ANAMIC05
[Acquisition]
Data Directory=D:\Results\EAWAG\AN33\proj
Filename Prefix=AN33~00
Number Of Files= 2205
Number Of Rows= 1944
Number Of Columns= 3072
Filename Index Length=8
Partial Width=OFF
Image crop origin X=0
Image crop origin Y=0
Camera binning=1x1
Image Rotation=0.21000
Optical Axis (line)= 1003
Object to Source (mm)=34.001
Camera to Source (mm)=313.563
Source Voltage (kV)=  70
Source Current (uA)= 140
Source Target Power (W)=4.05
Image Pixel Size (um)=8.110939
Scaled Image Pixel Size (um)=8.110939
Image Format=TIFF
Depth (bits)=16
Reference Intensity=58000
Exposure (ms)=834
Rotation Step (deg)=0.100
Use 360 Rotation=NO
High Aspect Ratio=NO
Scanning position=38.660 mm
Frame Averaging=OFF (4)
Flat Field Correction=ON
FF updating interval=315
Random Movement=OFF (40)
Filter=No Filter
Gantry direction=CW
Rotation Direction=CW
Intrinsic CS rotation in degree=0.0
Type of Detector Motion=STEP AND SHOOT
Scanning Trajectory=ROUND
Number of connected scans=3
Current scan number=1
Number of lines to be reconstructed=1461
Source Filament Type=W
Source spot size=Large
Suggested HU - Calibration=180000
Number Of Horizontal Offset Positions=1
Study Date and Time=24 Aug 2021  12h:46m:48s
Estimated Scan duration=5h:51m:42s
Scan duration=1h:49m:28s
Maximum vertical TS=5.0
[Reconstruction]
Reconstruction Program=NRecon
Program Version=Version: 2.1.0.1
Program Home Directory=C:\SkyScan2214\SkyScan2214 User Software
Reconstruction engine=GPUReconServer
Engine version=Version: 2.1.0
Reconstruction from batch=Yes
Postalignment Applied=1
Reconstructed using oversize-option=No
Connected Reconstruction (parts)=3
Oversize-option Bitmap=9
Sub-scan post alignment [0]=137.000000
Sub-scan post alignment [1]=125.500000
Sub-scan post alignment [2]=116.000000
Sub-scan scan length [0]=1469
Sub-scan scan length [1]=1465
Sub-scan scan length [2]=1461
Used extra rotation per scan(deg)= 0.000  0.038  0.143 
Used extra shift in X per scan(micron)= 0.000  23.423  48.598 
Used extra shift in Y per scan(micron)= 0.000  -73.608  -113.351 
Reconstruction servers= ANAMIC05 
Dataset Origin=SkyScan2214
Dataset Prefix=AN33~02
Dataset Directory=D:\Results\EAWAG\AN33\proj
Output Directory=D:\Results\EAWAG\AN33\rec
Time and Date=19 Sep 2022  16h:46m:18s
First Section=360
Last Section=4864
Reconstruction duration per slice (seconds)=0.520273
Total reconstruction time (2935 slices) in seconds=1527.000000
Heel Effect Correction On=0
Section to Section Step=1
Sections Count=4505
Result File Type=PNG
Result File Header Length (bytes)=Unknown: compressed JPG format (100%)
Result Image Width (pixels)=3048
Result Image Height (pixels)=2216
Pixel Size (um)=8.11094
Reconstruction Angular Range (deg)=220.50
Use 180+=OFF
Angular Step (deg)=0.1000
Smoothing=0
Ring Artifact Correction=0
Draw Scales=OFF
Object Bigger than FOV=OFF
Reconstruction from ROI=ON
ROI Top (pixels)=2585
ROI Bottom (pixels)=366
ROI Left (pixels)=12
ROI Right (pixels)=3062
ROI reference length=3072
Filter cutoff relative to Nyquist frequency=100
Filter type=0
Filter type description=Hamming (Alpha=0.54)
Undersampling factor=1
Threshold for defect pixel mask (%)=0
Beam Hardening Correction (%)=0
CS Static Rotation (deg)=125.62
CS Static Rotation Total(deg)=125.62
Minimum for CS to Image Conversion=0.000000
Maximum for CS to Image Conversion=0.160460
HU Calibration=OFF
BMP LUT=0
Cone-beam Angle Horiz.(deg)=40.246964
Cone-beam Angle Vert.(deg)=26.109032
Sub-Scan 0 ends at slice=1717
Sub-Scan 1 ends at slice=3184
Sub-Scan 2 ends at slice=4554
Automatic Matching In Z=50
Automatic Matching In X/Y=50
Automatic Matching In Rotation=5.000000
Automatic Fusion=1
Automatic Heel Effect Correction=0
[File name convention]
Filename Index Length=8
Filename Prefix=AN33_rec
