[System]
Scanner=SkyScan2214
Instrument S/N=20C18017
Software Version=1.8
Home Directory=C:\SkyScan2214\SkyScan2214 User Software
Source Type=Hamamatsu L10711
Camera Type=FlatPanel: 2...50um, 140mm max.FOV
Camera Pixel Size (um)=74.800
Camera X/Y Ratio=1.0030
[User]
User Name=Skyscan4
Computer Name=ANAMIC05
[Acquisition]
Data Directory=D:\Results\EAWAG\10619\head\proj_2xbin_23um
Filename Prefix=10619~01
Number Of Files= 1104
Number Of Rows=  486
Number Of Columns=  768
Filename Index Length=8
Partial Width=OFF
Image crop origin X=0
Image crop origin Y=0
Camera binning=4x4
Image Rotation=0.18000
Optical Axis (line)=  250
Object to Source (mm)=35.500
Camera to Source (mm)=313.563
Source Voltage (kV)=  70
Source Current (uA)= 140
Source Target Power (W)=5.77
Image Pixel Size (um)=33.873713
Scaled Image Pixel Size (um)=33.873713
Image Format=TIFF
Depth (bits)=16
Reference Intensity=58000
Exposure (ms)=681
Rotation Step (deg)=0.200
Use 360 Rotation=NO
High Aspect Ratio=NO
Scanning position=56.266 mm
Frame Averaging=OFF (4)
Flat Field Correction=ON
FF updating interval=158
Random Movement=OFF (10)
Filter=No Filter
Gantry direction=CW
Rotation Direction=CW
Intrinsic CS rotation in degree=0.0
Type of Detector Motion=STEP AND SHOOT
Scanning Trajectory=ROUND
Number of connected scans=3
Current scan number=2
Number of lines to be reconstructed=320
Source Filament Type=W
Source spot size=Large
Suggested HU - Calibration=180000
Number Of Horizontal Offset Positions=1
Study Date and Time=21 Oct 2021  16h:24m:19s
Estimated Scan duration=0h:52m:0s
Scan duration=0h:31m:21s
Maximum vertical TS=0.0
Maximum horizontal TS=0.0
TS modified at=October21,17:13:49 ---  1104 of 1104 projections
TS modified according to=D:\Results\EAWAG\10619\head\proj_2xbin_23um\10619~01_TS.csv
TS modified at level=2
Extra Image Shift In X suggested (micron)=9.407459
Extra Image Shift In Y suggested (micron)=-4.876184
Extra CS Rotation suggested (deg)=0.061369
[Reconstruction]
Pseudo-parallel projection calculated=1
