[System]
Scanner=SkyScan2214
Instrument S/N=20C18017
Software Version=1.8
Home Directory=C:\SkyScan2214\SkyScan2214 User Software
Source Type=Hamamatsu L10711
Camera Type=FlatPanel: 2...50um, 140mm max.FOV
Camera Pixel Size (um)=74.800
Camera X/Y Ratio=1.0030
[User]
User Name=Skyscan4
Computer Name=ANAMIC05
[Acquisition]
Data Directory=D:\Results\EAWAG\11992\proj
Filename Prefix=11992~00
Number Of Files= 1104
Number Of Rows= 1944
Number Of Columns= 3072
Filename Index Length=8
Partial Width=OFF
Image crop origin X=0
Image crop origin Y=0
Camera binning=1x1
Image Rotation=0.21000
Optical Axis (line)= 1003
Object to Source (mm)=28.502
Camera to Source (mm)=313.563
Source Voltage (kV)=  70
Source Current (uA)= 140
Source Target Power (W)=2.59
Image Pixel Size (um)=6.799137
Scaled Image Pixel Size (um)=6.799137
Image Format=TIFF
Depth (bits)=16
Reference Intensity=58000
Exposure (ms)=1101
Rotation Step (deg)=0.200
Use 360 Rotation=NO
High Aspect Ratio=NO
Scanning position=42.525 mm
Frame Averaging=OFF (4)
Flat Field Correction=ON
FF updating interval=158
Random Movement=OFF (40)
Filter=No Filter
Gantry direction=CW
Rotation Direction=CW
Intrinsic CS rotation in degree=0.0
Type of Detector Motion=STEP AND SHOOT
Scanning Trajectory=ROUND
Number of connected scans=3
Current scan number=1
Number of lines to be reconstructed=1493
Source Filament Type=W
Source spot size=Mid
Suggested HU - Calibration=180000
Number Of Horizontal Offset Positions=1
Study Date and Time=07 Sep 2021  10h:32m:35s
Estimated Scan duration=3h:11m:39s
Scan duration=1h:5m:27s
Maximum vertical TS=5.0
[Reconstruction]
Reconstruction Program=NRecon
Program Version=Version: 2.1.0.1
Program Home Directory=C:\SkyScan2214\SkyScan2214 User Software
Reconstruction engine=GPUReconServer
Engine version=Version: 2.1.0
Reconstruction from batch=Yes
Postalignment Applied=1
Reconstructed using oversize-option=No
Connected Reconstruction (parts)=3
Oversize-option Bitmap=15
Sub-scan post alignment [0]=164.000000
Sub-scan post alignment [1]=154.500000
Sub-scan post alignment [2]=147.500000
Sub-scan scan length [0]=1491
Sub-scan scan length [1]=1492
Sub-scan scan length [2]=1493
Used extra rotation per scan(deg)= 0.000  0.000  0.147 
Used extra shift in X per scan(micron)= 0.000  3.331  5.735 
Used extra shift in Y per scan(micron)= 0.000  -10.094  4.561 
Reconstruction servers= ANAMIC05 
Dataset Origin=SkyScan2214
Dataset Prefix=11992~02
Dataset Directory=D:\Results\EAWAG\11992\proj
Output Directory=D:\Results\EAWAG\11992\rec
Time and Date=07 Sep 2021  16h:56m:09s
First Section=345
Last Section=4927
Reconstruction duration per slice (seconds)=0.300603
Total reconstruction time (2984 slices) in seconds=897.000000
Heel Effect Correction On=0
Section to Section Step=1
Sections Count=4583
Result File Type=PNG
Result File Header Length (bytes)=Unknown: compressed JPG format (100%)
Result Image Width (pixels)=2952
Result Image Height (pixels)=2028
Pixel Size (um)=6.79914
Reconstruction Angular Range (deg)=220.80
Use 180+=OFF
Angular Step (deg)=0.2000
Smoothing=0
Ring Artifact Correction=0
Draw Scales=OFF
Object Bigger than FOV=OFF
Reconstruction from ROI=ON
ROI Top (pixels)=2331
ROI Bottom (pixels)=302
ROI Left (pixels)=83
ROI Right (pixels)=3036
ROI reference length=3072
Filter cutoff relative to Nyquist frequency=100
Filter type=0
Filter type description=Hamming (Alpha=0.54)
Undersampling factor=1
Threshold for defect pixel mask (%)=0
Beam Hardening Correction (%)=0
CS Static Rotation (deg)=30.51
CS Static Rotation Total(deg)=30.51
Minimum for CS to Image Conversion=0.000000
Maximum for CS to Image Conversion=0.112715
HU Calibration=OFF
BMP LUT=0
Cone-beam Angle Horiz.(deg)=40.246880
Cone-beam Angle Vert.(deg)=26.108976
Sub-Scan 0 ends at slice=1728
Sub-Scan 1 ends at slice=3219
Sub-Scan 2 ends at slice=4603
Automatic Matching In Z=50
Automatic Matching In X/Y=50
Automatic Matching In Rotation=5.000000
Automatic Fusion=1
Automatic Heel Effect Correction=0
[File name convention]
Filename Index Length=8
Filename Prefix=11992_rec
