[System]
Scanner=SkyScan1272
Instrument S/N=15G09089-B
Software Version=1.1.19
Home Directory=C:\SkyScan1272\SkyScan1272
Source Type=HAMAMATSU_L11871_20
Camera Type=XIMEA xiRAY16
Camera Pixel Size (um)=7.4
Camera X/Y Ratio=1.0023
[User]
User Name=haberthu
Computer Name=ANAMIC02
[Acquisition]
Data Directory=D:\Results\EAWAG\Teeth\W\proj_al0.25
Filename Prefix=W
Filename Index Length=8
Number Of Files=  471
Number Of Rows= 1092
Number Of Columns= 1632
Partial Width=OFF
Image crop origin X=0
Image crop origin Y=0
Camera binning=3x3
Image Rotation=0.13600
Optical Axis (line)=  596
Camera to Source (mm)=274.07267
Object to Source (mm)=37.03600
Source Voltage (kV)=  60
Source Current (uA)= 166
Image Pixel Size (um)=2.999931
Scaled Image Pixel Size (um)=2.999931
Image Format=TIFF
Depth (bits)=16
Reference Intensity=57000
Camera position=far
Exposure (ms)=1985
Rotation Step (deg)=0.400
Use 360 Rotation=NO
Scanning position=56.474 mm
Frame Averaging=ON (3)
Random Movement=OFF (30)
Flat Field Correction=ON
Geometrical Correction=ON
Filter=Al 0.25mm
Gantry direction=CC
Rotation Direction=CC
Type of Detector Motion=STEP AND SHOOT
Scanning Trajectory=ROUND
Number Of Horizontal Offset Positions=1
Study Date and Time=10 Dec 2020  13h:19m:28s
Scan duration=1h:16m:8s
Maximum vertical TS=50.0
Maximum horizontal TS=17.0
TS modified at=December10,13:24:30 ---  471 of 471 projections
TS modified according to=D:\Results\EAWAG\Teeth\W\proj_al0.25\W_TS.csv
TS modified at level=2
[Reconstruction]
Reconstruction Program=NRecon
Program Version=Version: 1.7.4.6
Program Home Directory=C:\SkyScan1272\SkyScan1272
Reconstruction engine=GPUReconServer
Engine version=Version: 1.7.4
Reconstruction from batch=Yes
Postalignment Applied=1
Postalignment=111.50
Reconstruction servers= ANAMIC02 
Dataset Origin=SkyScan1272
Dataset Prefix=W
Dataset Directory=D:\Results\EAWAG\Teeth\W\proj_al0.25
Output Directory=D:\Results\EAWAG\Teeth\W\rec_al0.25
Time and Date=15 Dec 2020  09h:43m:27s
First Section=450
Last Section=550
Reconstruction duration per slice (seconds)=0.188119
Total reconstruction time (101 slices) in seconds=19.000000
Section to Section Step=1
Sections Count=101
Result File Type=PNG
Result File Header Length (bytes)=Unknown: compressed JPG format (100%)
Result Image Width (pixels)=1632
Result Image Height (pixels)=1632
Pixel Size (um)=2.99993
Reconstruction Angular Range (deg)=188.40
Use 180+=OFF
Angular Step (deg)=0.4000
Smoothing=0
Ring Artifact Correction=5
Draw Scales=OFF
Object Bigger than FOV=OFF
Reconstruction from ROI=OFF
Filter cutoff relative to Nyquist frequency=100
Filter type=0
Filter type description=Hamming (Alpha=0.54)
Undersampling factor=1
Threshold for defect pixel mask (%)=0
Beam Hardening Correction (%)=0
CS Static Rotation (deg)=0.00
CS Static Rotation Total(deg)=0.00
Minimum for CS to Image Conversion=0.000000
Maximum for CS to Image Conversion=0.277898
HU Calibration=OFF
BMP LUT=0
Cone-beam Angle Horiz.(deg)=7.563081
Cone-beam Angle Vert.(deg)=5.064651
[File name convention]
Filename Index Length=8
Filename Prefix=W_rec
