[System]
Scanner=SkyScan2214
Instrument S/N=20C18017
Software Version=1.8
Home Directory=C:\SkyScan2214\SkyScan2214 User Software
Source Type=Hamamatsu L10711
Camera Type=FlatPanel: 2...50um, 140mm max.FOV
Camera Pixel Size (um)=74.800
Camera X/Y Ratio=1.0030
[User]
User Name=Skyscan4
Computer Name=ANAMIC05
[Acquisition]
Data Directory=D:\Results\EAWAG\106641\proj
Filename Prefix=106641~00
Number Of Files= 1104
Number Of Rows= 1944
Number Of Columns= 3072
Filename Index Length=8
Partial Width=OFF
Image crop origin X=0
Image crop origin Y=0
Camera binning=1x1
Image Rotation=0.21000
Optical Axis (line)= 1003
Object to Source (mm)=35.500
Camera to Source (mm)=313.563
Source Voltage (kV)=  70
Source Current (uA)= 140
Source Target Power (W)=2.66
Image Pixel Size (um)=8.468428
Scaled Image Pixel Size (um)=8.468428
Image Format=TIFF
Depth (bits)=16
Reference Intensity=58000
Exposure (ms)=1101
Rotation Step (deg)=0.200
Use 360 Rotation=NO
High Aspect Ratio=NO
Scanning position=42.439 mm
Frame Averaging=OFF (4)
Flat Field Correction=ON
FF updating interval=158
Random Movement=OFF (40)
Filter=No Filter
Gantry direction=CW
Rotation Direction=CW
Intrinsic CS rotation in degree=0.0
Type of Detector Motion=STEP AND SHOOT
Scanning Trajectory=ROUND
Number of connected scans=3
Current scan number=1
Number of lines to be reconstructed=1471
Source Filament Type=W
Source spot size=Mid
Suggested HU - Calibration=180000
Number Of Horizontal Offset Positions=1
Study Date and Time=06 Sep 2021  15h:02m:51s
Estimated Scan duration=3h:11m:39s
Scan duration=1h:5m:18s
Maximum vertical TS=5.0
[Reconstruction]
Reconstruction Program=NRecon
Program Version=Version: 2.1.0.1
Program Home Directory=C:\SkyScan1272\SkyScan1272
Reconstruction engine=GPUReconServer
Engine version=Version: 2.1.0
Reconstruction from batch=Yes
Postalignment Applied=1
Reconstructed using oversize-option=No
Connected Reconstruction (parts)=3
Oversize-option Bitmap=15
Sub-scan post alignment [0]=133.000000
Sub-scan post alignment [1]=126.500000
Sub-scan post alignment [2]=118.500000
Sub-scan scan length [0]=1472
Sub-scan scan length [1]=1472
Sub-scan scan length [2]=1471
Used extra rotation per scan(deg)= 0.000  0.171  0.262 
Used extra shift in X per scan(micron)= 0.000  -9.076  -10.156 
Used extra shift in Y per scan(micron)= 0.000  15.626  15.680 
Reconstruction servers= ANAMIC02 
Dataset Origin=SkyScan2214
Dataset Prefix=106641~02
Dataset Directory=D:\Results\EAWAG\106641\proj
Output Directory=D:\Results\EAWAG\106641\rec_rereconstruct
Time and Date=02 Feb 2022  21h:21m:15s
First Section=517
Last Section=4884
Reconstruction duration per slice (seconds)=0.881494
Total reconstruction time (2945 slices) in seconds=2596.000000
Heel Effect Correction On=0
Section to Section Step=1
Sections Count=4368
Result File Type=PNG
Result File Header Length (bytes)=Unknown: compressed JPG format (100%)
Result Image Width (pixels)=2860
Result Image Height (pixels)=1764
Pixel Size (um)=8.46843
Reconstruction Angular Range (deg)=220.80
Use 180+=OFF
Angular Step (deg)=0.2000
Smoothing=0
Ring Artifact Correction=0
Draw Scales=OFF
Object Bigger than FOV=OFF
Reconstruction from ROI=ON
ROI Top (pixels)=2289
ROI Bottom (pixels)=525
ROI Left (pixels)=138
ROI Right (pixels)=3001
ROI reference length=3072
Filter cutoff relative to Nyquist frequency=100
Filter type=0
Filter type description=Hamming (Alpha=0.54)
Undersampling factor=1
Threshold for defect pixel mask (%)=0
Beam Hardening Correction (%)=0
CS Static Rotation (deg)=-2.10
CS Static Rotation Total(deg)=-2.10
Minimum for CS to Image Conversion=0.000000
Maximum for CS to Image Conversion=0.135231
HU Calibration=OFF
BMP LUT=0
Cone-beam Angle Horiz.(deg)=40.246540
Cone-beam Angle Vert.(deg)=26.108742
Sub-Scan 0 ends at slice=1718
Sub-Scan 1 ends at slice=3190
Sub-Scan 2 ends at slice=4564
Automatic Matching In Z=50
Automatic Matching In X/Y=50
Automatic Matching In Rotation=5.000000
Automatic Fusion=1
Automatic Heel Effect Correction=0
[File name convention]
Filename Index Length=8
Filename Prefix=106641_rec
