[System]
Scanner=SkyScan2214
Instrument S/N=20C18017
Software Version=1.8
Home Directory=C:\SkyScan2214\SkyScan2214 User Software
Source Type=Hamamatsu L10711
Camera Type=FlatPanel: 2...50um, 140mm max.FOV
Camera Pixel Size (um)=74.800
Camera X/Y Ratio=1.0030
[User]
User Name=Skyscan4
Computer Name=ANAMIC05
[Acquisition]
Data Directory=D:\Results\EAWAG\MA31\proj
Filename Prefix=MA31~02
Number Of Files= 1104
Number Of Rows= 1944
Number Of Columns= 2802
Filename Index Length=8
Partial Width=OFF
Image crop origin X=0
Image crop origin Y=0
Camera binning=1x1
Image Rotation=0.18000
Optical Axis (line)= 1003
Object to Source (mm)=33.500
Camera to Source (mm)=313.563
Source Voltage (kV)=  70
Source Current (uA)= 131
Source Target Power (W)=4.14
Image Pixel Size (um)=7.991271
Scaled Image Pixel Size (um)=7.991271
Image Format=TIFF
Depth (bits)=16
Reference Intensity=58000
Exposure (ms)=777
Rotation Step (deg)=0.200
Use 360 Rotation=NO
High Aspect Ratio=NO
Scanning position=58.623 mm
Frame Averaging=OFF (3)
Flat Field Correction=ON
FF updating interval=158
Random Movement=OFF (40)
Filter=No Filter
Gantry direction=CW
Rotation Direction=CW
Intrinsic CS rotation in degree=0.0
Type of Detector Motion=STEP AND SHOOT
Scanning Trajectory=ROUND
Number of connected scans=3
Current scan number=3
Number of lines to be reconstructed=1221
Source Filament Type=W
Source spot size=Mid
Suggested HU - Calibration=180000
Number Of Horizontal Offset Positions=1
Study Date and Time=22 Jun 2021  11h:32m:15s
Estimated Scan duration=2h:52m:36s
Scan duration=0h:53m:37s
Maximum vertical TS=1.0
Maximum horizontal TS=5.0
TS modified at=June22,15:22:58 ---  1104 of 1104 projections
TS modified according to=D:\Results\EAWAG\MA31\proj\MA31~02_2DTransform.csv
TS modified at level=4
[Reconstruction]
Reconstruction Program=NRecon
Program Version=Version: 2.0.0.5
Program Home Directory=C:\SkyScan2214\SkyScan2214 User Software
Reconstruction engine=GPUReconServer
Engine version=Version: 2.0.0
Reconstruction from batch=Yes
Postalignment Applied=1
Connected Reconstruction (parts)=3
Sub-scan post alignment [0]=-62.000000
Sub-scan post alignment [1]=-64.000000
Sub-scan post alignment [2]=-73.000000
Sub-scan scan length [0]=1224
Sub-scan scan length [1]=1225
Sub-scan scan length [2]=1221
Used extra rotation per scan(deg)= 0.000  0.171  0.171 
Used extra shift in X per scan(micron)= 0.000  37.132  49.616 
Used extra shift in Y per scan(micron)= 0.000  69.998  98.174 
Reconstruction servers= ANAMIC05 
Dataset Origin=SkyScan2214
Dataset Prefix=MA31~02
Dataset Directory=D:\Results\EAWAG\MA31\proj\TScopy
Output Directory=D:\Results\EAWAG\MA31\rec
Time and Date=22 Jun 2021  17h:21m:46s
First Section=580
Last Section=4384
Reconstruction duration per slice (seconds)=0.328980
Total reconstruction time (2450 slices) in seconds=806.000000
Section to Section Step=1
Sections Count=3805
Result File Type=PNG
Result File Header Length (bytes)=Unknown: compressed JPG format (100%)
Result Image Width (pixels)=2800
Result Image Height (pixels)=2800
Pixel Size (um)=7.99127
Reconstruction Angular Range (deg)=220.80
Use 180+=OFF
Angular Step (deg)=0.2000
Smoothing=0
Ring Artifact Correction=0
Draw Scales=OFF
Object Bigger than FOV=OFF
Reconstruction from ROI=OFF
Filter cutoff relative to Nyquist frequency=100
Filter type=0
Filter type description=Hamming (Alpha=0.54)
Undersampling factor=1
Threshold for defect pixel mask (%)=0
Beam Hardening Correction (%)=0
CS Static Rotation (deg)=10.41
CS Static Rotation Total(deg)=10.41
Minimum for CS to Image Conversion=0.000000
Maximum for CS to Image Conversion=0.096143
HU Calibration=OFF
BMP LUT=0
Cone-beam Angle Horiz.(deg)=36.959476
Cone-beam Angle Vert.(deg)=26.108547
Sub-Scan 0 ends at slice=1615
Sub-Scan 1 ends at slice=2839
Sub-Scan 2 ends at slice=4094
Automatic matching in Z=50
Automatic matching in X/Y=50
Automatic matching in rotation=5.000000
Automatic fusion=1
[File name convention]
Filename Index Length=8
Filename Prefix=MA31_rec
