[System]
Scanner=SkyScan2214
Instrument S/N=20C18017
Software Version=1.8
Home Directory=C:\SkyScan2214\SkyScan2214 User Software
Source Type=Hamamatsu L10711
Camera Type=FlatPanel: 2...50um, 140mm max.FOV
Camera Pixel Size (um)=74.800
Camera X/Y Ratio=1.0030
[User]
User Name=Skyscan4
Computer Name=ANAMIC05
[Acquisition]
Data Directory=D:\Results\EAWAG\11447\proj
Filename Prefix=11447~00
Number Of Files= 1104
Number Of Rows= 1944
Number Of Columns= 3070
Filename Index Length=8
Partial Width=OFF
Image crop origin X=0
Image crop origin Y=0
Camera binning=1x1
Image Rotation=0.21000
Optical Axis (line)= 1003
Object to Source (mm)=31.499
Camera to Source (mm)=313.563
Source Voltage (kV)=  70
Source Current (uA)= 125
Source Target Power (W)=2.93
Image Pixel Size (um)=7.514115
Scaled Image Pixel Size (um)=7.514115
Image Format=TIFF
Depth (bits)=16
Reference Intensity=58000
Exposure (ms)=969
Rotation Step (deg)=0.200
Use 360 Rotation=NO
High Aspect Ratio=NO
Scanning position=44.419 mm
Frame Averaging=OFF (3)
Flat Field Correction=ON
FF updating interval=158
Random Movement=OFF (40)
Filter=No Filter
Gantry direction=CW
Rotation Direction=CW
Intrinsic CS rotation in degree=0.0
Type of Detector Motion=STEP AND SHOOT
Scanning Trajectory=ROUND
Number of connected scans=2
Current scan number=1
Number of lines to be reconstructed=1543
Source Filament Type=W
Source spot size=Large
Suggested HU - Calibration=180000
Number Of Horizontal Offset Positions=1
Study Date and Time=11 May 2021  10h:16m:14s
Estimated Scan duration=2h:2m:36s
Scan duration=1h:0m:47s
Maximum vertical TS=5.0
[Reconstruction]
Reconstruction Program=NRecon
Program Version=Version: 2.1.0.1
Program Home Directory=C:\SkyScan1272\SkyScan1272
Reconstruction engine=GPUReconServer
Engine version=Version: 2.1.0
Reconstruction from batch=Yes
Postalignment Applied=1
Reconstructed using oversize-option=No
Connected Reconstruction (parts)=2
Oversize-option Bitmap=15
Sub-scan post alignment [0]=26.000000
Sub-scan post alignment [1]=15.000000
Sub-scan scan length [0]=1546
Sub-scan scan length [1]=1543
Used extra rotation per scan(deg)= 0.000  -0.021 
Used extra shift in X per scan(micron)= 0.000  -3.483 
Used extra shift in Y per scan(micron)= 0.000  -12.489 
Reconstruction servers= ANAMIC02 
Dataset Origin=SkyScan2214
Dataset Prefix=11447~01
Dataset Directory=D:\Results\EAWAG\11447\proj
Output Directory=D:\Results\EAWAG\11447\rec_rereconstruct
Time and Date=27 Aug 2021  18h:42m:15s
First Section=265
Last Section=3485
Reconstruction duration per slice (seconds)=1.881060
Total reconstruction time (1547 slices) in seconds=2910.000000
Heel Effect Correction On=0
Section to Section Step=1
Sections Count=3221
Result File Type=PNG
Result File Header Length (bytes)=Unknown: compressed JPG format (100%)
Result Image Width (pixels)=2928
Result Image Height (pixels)=1612
Pixel Size (um)=7.51411
Reconstruction Angular Range (deg)=220.80
Use 180+=OFF
Angular Step (deg)=0.2000
Smoothing=0
Ring Artifact Correction=0
Draw Scales=OFF
Object Bigger than FOV=OFF
Reconstruction from ROI=ON
ROI Top (pixels)=2473
ROI Bottom (pixels)=860
ROI Left (pixels)=72
ROI Right (pixels)=3002
ROI reference length=3070
Filter cutoff relative to Nyquist frequency=100
Filter type=0
Filter type description=Hamming (Alpha=0.54)
Undersampling factor=1
Threshold for defect pixel mask (%)=0
Beam Hardening Correction (%)=0
CS Static Rotation (deg)=211.11
CS Static Rotation Total(deg)=211.11
Minimum for CS to Image Conversion=0.000000
Maximum for CS to Image Conversion=0.131378
HU Calibration=OFF
BMP LUT=0
Cone-beam Angle Horiz.(deg)=40.223000
Cone-beam Angle Vert.(deg)=26.109125
Sub-Scan 0 ends at slice=1755
Sub-Scan 1 ends at slice=3166
Automatic Matching In Z=50
Automatic Matching In X/Y=50
Automatic Matching In Rotation=5.000000
Automatic Fusion=1
Automatic Heel Effect Correction=0
[File name convention]
Filename Index Length=8
Filename Prefix=11447_rec
