[System]
Scanner=SkyScan2214
Instrument S/N=20C18017
Software Version=1.8
Home Directory=C:\SkyScan2214\SkyScan2214 User Software
Source Type=Hamamatsu L10711
Camera Type=FlatPanel: 2...50um, 140mm max.FOV
Camera Pixel Size (um)=74.800
Camera X/Y Ratio=1.0030
[User]
User Name=Skyscan4
Computer Name=ANAMIC05
[Acquisition]
Data Directory=D:\Results\EAWAG\103704\proj
Filename Prefix=103704~00
Number Of Files= 1471
Number Of Rows=  972
Number Of Columns= 1536
Filename Index Length=8
Partial Width=OFF
Image crop origin X=0
Image crop origin Y=0
Camera binning=2x2
Image Rotation=0.18000
Optical Axis (line)=  501
Object to Source (mm)=22.501
Camera to Source (mm)=313.563
Source Voltage (kV)=  70
Source Current (uA)= 140
Source Target Power (W)=6.08
Image Pixel Size (um)=10.735332
Scaled Image Pixel Size (um)=10.735332
Image Format=TIFF
Depth (bits)=16
Reference Intensity=58000
Exposure (ms)=648
Rotation Step (deg)=0.150
Use 360 Rotation=NO
High Aspect Ratio=NO
Scanning position=28.218 mm
Frame Averaging=OFF (4)
Flat Field Correction=ON
FF updating interval=211
Random Movement=OFF (20)
Filter=No Filter
Gantry direction=CW
Rotation Direction=CW
Intrinsic CS rotation in degree=0.0
Type of Detector Motion=STEP AND SHOOT
Scanning Trajectory=ROUND
Number of connected scans=3
Current scan number=1
Number of lines to be reconstructed=645
Source Filament Type=W
Source spot size=Large
Suggested HU - Calibration=180000
Number Of Horizontal Offset Positions=1
Study Date and Time=29 Oct 2021  11h:02m:18s
Estimated Scan duration=1h:45m:4s
Scan duration=0h:45m:30s
Maximum vertical TS=5.0
[Reconstruction]
Reconstruction Program=NRecon
Program Version=Version: 2.1.0.1
Program Home Directory=C:\SkyScan2214\SkyScan2214 User Software
Reconstruction engine=GPUReconServer
Engine version=Version: 2.1.0
Reconstruction from batch=Yes
Postalignment Applied=1
Reconstructed using oversize-option=No
Connected Reconstruction (parts)=3
Oversize-option Bitmap=9
Sub-scan post alignment [0]=99.000000
Sub-scan post alignment [1]=90.500000
Sub-scan post alignment [2]=89.000000
Sub-scan scan length [0]=645
Sub-scan scan length [1]=642
Sub-scan scan length [2]=645
Reconstruction servers= ANAMIC05 
Dataset Origin=SkyScan2214
Dataset Prefix=103704~02
Dataset Directory=D:\Results\EAWAG\103704\proj
Output Directory=D:\Results\EAWAG\103704\rec
Time and Date=29 Oct 2021  13h:03m:22s
First Section=266
Last Section=2260
Reconstruction duration per slice (seconds)=0.069995
Total reconstruction time (2043 slices) in seconds=143.000000
Heel Effect Correction On=0
Section to Section Step=1
Sections Count=1995
Result File Type=PNG
Result File Header Length (bytes)=Unknown: compressed JPG format (100%)
Result Image Width (pixels)=1484
Result Image Height (pixels)=932
Pixel Size (um)=10.73533
Reconstruction Angular Range (deg)=220.65
Use 180+=OFF
Angular Step (deg)=0.1500
Smoothing=0
Ring Artifact Correction=0
Draw Scales=OFF
Object Bigger than FOV=OFF
Reconstruction from ROI=ON
ROI Top (pixels)=1165
ROI Bottom (pixels)=232
ROI Left (pixels)=41
ROI Right (pixels)=1528
ROI reference length=1536
Filter cutoff relative to Nyquist frequency=100
Filter type=0
Filter type description=Hamming (Alpha=0.54)
Undersampling factor=1
Threshold for defect pixel mask (%)=0
Beam Hardening Correction (%)=0
CS Static Rotation (deg)=-2.31
CS Static Rotation Total(deg)=-2.31
Minimum for CS to Image Conversion=0.000000
Maximum for CS to Image Conversion=0.114614
HU Calibration=OFF
BMP LUT=0
Cone-beam Angle Horiz.(deg)=40.247322
Cone-beam Angle Vert.(deg)=26.109276
