[System]
Scanner=SkyScan2214
Instrument S/N=20C18017
Software Version=1.8
Home Directory=C:\SkyScan2214\SkyScan2214 User Software
Source Type=Hamamatsu L10711
Camera Type=FlatPanel: 2...50um, 140mm max.FOV
Camera Pixel Size (um)=74.800
Camera X/Y Ratio=1.0030
[User]
User Name=Skyscan4
Computer Name=ANAMIC05
[Acquisition]
Data Directory=D:\Results\EAWAG\103658\proj
Filename Prefix=103658~00
Number Of Files= 1104
Number Of Rows= 1944
Number Of Columns= 3070
Filename Index Length=8
Partial Width=OFF
Image crop origin X=0
Image crop origin Y=0
Camera binning=1x1
Image Rotation=0.21000
Optical Axis (line)= 1003
Object to Source (mm)=34.998
Camera to Source (mm)=313.563
Source Voltage (kV)=  80
Source Current (uA)= 125
Source Target Power (W)=3.12
Image Pixel Size (um)=8.348760
Scaled Image Pixel Size (um)=8.348760
Image Format=TIFF
Depth (bits)=16
Reference Intensity=58000
Exposure (ms)=1111
Rotation Step (deg)=0.200
Use 360 Rotation=NO
High Aspect Ratio=NO
Scanning position=36.721 mm
Frame Averaging=OFF (3)
Flat Field Correction=ON
FF updating interval=158
Random Movement=OFF (40)
Filter=No Filter
Gantry direction=CW
Rotation Direction=CW
Intrinsic CS rotation in degree=0.0
Type of Detector Motion=STEP AND SHOOT
Scanning Trajectory=ROUND
Number of connected scans=3
Current scan number=1
Number of lines to be reconstructed=1045
Source Filament Type=W
Source spot size=Mid
Suggested HU - Calibration=180000
Number Of Horizontal Offset Positions=1
Study Date and Time=23 Apr 2021  10h:36m:23s
Estimated Scan duration=3h:26m:27s
Scan duration=1h:6m:50s
Maximum vertical TS=5.0
[Reconstruction]
Reconstruction Program=NRecon
Program Version=Version: 2.0.0.5
Program Home Directory=C:\SkyScan1272\SkyScan1272
Reconstruction engine=GPUReconServer
Engine version=Version: 2.0.0
Reconstruction from batch=Yes
Postalignment Applied=1
Connected Reconstruction (parts)=3
Sub-scan post alignment [0]=24.000000
Sub-scan post alignment [1]=14.500000
Sub-scan post alignment [2]=9.000000
Sub-scan scan length [0]=1044
Sub-scan scan length [1]=1046
Sub-scan scan length [2]=1045
Used extra rotation per scan(deg)= 0.000  0.000  0.122 
Used extra shift in X per scan(micron)= 0.000  4.054  1.614 
Used extra shift in Y per scan(micron)= 0.000  -13.099  10.285 
Reconstruction servers= ANAMIC02 
Dataset Origin=SkyScan2214
Dataset Prefix=103658~02
Dataset Directory=D:\Results\EAWAG\103658\proj
Output Directory=D:\Results\EAWAG\103658\rec
Time and Date=22 Jun 2021  22h:42m:37s
First Section=496
Last Section=3710
Reconstruction duration per slice (seconds)=0.964610
Total reconstruction time (2091 slices) in seconds=2017.000000
Section to Section Step=1
Sections Count=3215
Result File Type=PNG
Result File Header Length (bytes)=Unknown: compressed JPG format (100%)
Result Image Width (pixels)=2672
Result Image Height (pixels)=1548
Pixel Size (um)=8.34876
Reconstruction Angular Range (deg)=220.80
Use 180+=OFF
Angular Step (deg)=0.2000
Smoothing=0
Ring Artifact Correction=0
Draw Scales=OFF
Object Bigger than FOV=OFF
Reconstruction from ROI=ON
ROI Top (pixels)=2385
ROI Bottom (pixels)=834
ROI Left (pixels)=275
ROI Right (pixels)=2950
ROI reference length=3070
Filter cutoff relative to Nyquist frequency=100
Filter type=0
Filter type description=Hamming (Alpha=0.54)
Undersampling factor=1
Threshold for defect pixel mask (%)=0
Beam Hardening Correction (%)=0
CS Static Rotation (deg)=128.00
CS Static Rotation Total(deg)=128.00
Minimum for CS to Image Conversion=0.000000
Maximum for CS to Image Conversion=0.160490
HU Calibration=OFF
BMP LUT=0
Cone-beam Angle Horiz.(deg)=40.222801
Cone-beam Angle Vert.(deg)=26.108990
