[System]
Scanner=SkyScan2214
Instrument S/N=20C18017
Software Version=1.8
Home Directory=C:\SkyScan2214\SkyScan2214 User Software
Source Type=Hamamatsu L10711
Camera Type=FlatPanel: 2...50um, 140mm max.FOV
Camera Pixel Size (um)=74.800
Camera X/Y Ratio=1.0030
[User]
User Name=Skyscan4
Computer Name=ANAMIC05
[Acquisition]
Data Directory=D:\Results\EAWAG\10448\proj
Filename Prefix=10448~00
Number Of Files= 1104
Number Of Rows= 1944
Number Of Columns= 3070
Filename Index Length=8
Partial Width=OFF
Image crop origin X=0
Image crop origin Y=0
Camera binning=1x1
Image Rotation=0.21000
Optical Axis (line)= 1003
Object to Source (mm)=38.002
Camera to Source (mm)=313.563
Source Voltage (kV)=  70
Source Current (uA)= 140
Source Target Power (W)=5.78
Image Pixel Size (um)=9.065253
Scaled Image Pixel Size (um)=9.065253
Image Format=TIFF
Depth (bits)=16
Reference Intensity=58000
Exposure (ms)=576
Rotation Step (deg)=0.200
Use 360 Rotation=NO
High Aspect Ratio=NO
Scanning position=33.972 mm
Frame Averaging=OFF (3)
Flat Field Correction=ON
FF updating interval=158
Random Movement=OFF (40)
Filter=No Filter
Gantry direction=CW
Rotation Direction=CW
Intrinsic CS rotation in degree=0.0
Type of Detector Motion=STEP AND SHOOT
Scanning Trajectory=ROUND
Number of connected scans=3
Current scan number=1
Number of lines to be reconstructed=1375
Source Filament Type=W
Source spot size=Large
Suggested HU - Calibration=180000
Number Of Horizontal Offset Positions=1
Study Date and Time=10 Jun 2021  13h:24m:31s
Estimated Scan duration=2h:40m:45s
Scan duration=0h:45m:56s
Maximum vertical TS=5.0
[Reconstruction]
Reconstruction Program=NRecon
Program Version=Version: 2.1.0.1
Program Home Directory=C:\SkyScan1272\SkyScan1272
Reconstruction engine=GPUReconServer
Engine version=Version: 2.1.0
Reconstruction from batch=Yes
Postalignment Applied=1
Reconstructed using oversize-option=No
Connected Reconstruction (parts)=3
Oversize-option Bitmap=15
Sub-scan post alignment [0]=22.500000
Sub-scan post alignment [1]=16.000000
Sub-scan post alignment [2]=7.000000
Sub-scan scan length [0]=1408
Sub-scan scan length [1]=1396
Sub-scan scan length [2]=1375
Used extra rotation per scan(deg)= 0.000  0.540  1.151 
Used extra shift in X per scan(micron)= 0.000  165.120  332.011 
Used extra shift in Y per scan(micron)= 0.000  34.805  4.207 
Reconstruction servers= ANAMIC02 
Dataset Origin=SkyScan2214
Dataset Prefix=10448~02
Dataset Directory=D:\Results\EAWAG\10448\proj
Output Directory=D:\Results\EAWAG\10448\rec_rereconstruct
Time and Date=27 Aug 2021  20h:01m:11s
First Section=344
Last Section=4692
Reconstruction duration per slice (seconds)=1.677718
Total reconstruction time (2805 slices) in seconds=4706.000000
Heel Effect Correction On=0
Section to Section Step=1
Sections Count=4349
Result File Type=PNG
Result File Header Length (bytes)=Unknown: compressed JPG format (100%)
Result Image Width (pixels)=3068
Result Image Height (pixels)=3068
Pixel Size (um)=9.06525
Reconstruction Angular Range (deg)=220.80
Use 180+=OFF
Angular Step (deg)=0.2000
Smoothing=0
Ring Artifact Correction=0
Draw Scales=OFF
Object Bigger than FOV=OFF
Reconstruction from ROI=OFF
Filter cutoff relative to Nyquist frequency=100
Filter type=0
Filter type description=Hamming (Alpha=0.54)
Undersampling factor=1
Threshold for defect pixel mask (%)=0
Beam Hardening Correction (%)=0
CS Static Rotation (deg)=229.70
CS Static Rotation Total(deg)=229.70
Minimum for CS to Image Conversion=0.000000
Maximum for CS to Image Conversion=0.127140
HU Calibration=OFF
BMP LUT=0
Cone-beam Angle Horiz.(deg)=40.222355
Cone-beam Angle Vert.(deg)=26.108686
