[System]
Scanner=SkyScan2214
Instrument S/N=20C18017
Software Version=1.8
Home Directory=C:\SkyScan2214\SkyScan2214 User Software
Source Type=Hamamatsu L10711
Camera Type=CCD2: 0.2...6um, 22/42mm max.FOV
Camera Pixel Size (um)=8.916
Camera X/Y Ratio=1.0000
[User]
User Name=Skyscan4
Computer Name=ANAMIC05
[Acquisition]
Data Directory=D:\Results\EAWAG\106985\2214_proj
Filename Prefix=106985~00
Number Of Files= 1913
Number Of Rows= 2688
Number Of Columns= 4032
Filename Index Length=8
Partial Width=OFF
Image crop origin X=0
Image crop origin Y=0
Camera binning=1x1
Image Rotation=0.25000
Optical Axis (line)= 1333
Object to Source (mm)=115.415
Camera to Source (mm)=233.876
Source Voltage (kV)=  70
Source Current (uA)= 115
Source Target Power (W)=4.24
Image Pixel Size (um)=4.399916
Scaled Image Pixel Size (um)=4.399916
Image Format=TIFF
Depth (bits)=16
Reference Intensity=58000
Camera position=close
Exposure (ms)=412
Rotation Step (deg)=0.100
Use 360 Rotation=NO
High Aspect Ratio=NO
Scanning position=17.845 mm
Frame Averaging=ON (2)
Flat Field Correction=ON
FF updating interval=274
Random Movement=OFF (40)
Filter=No Filter
Gantry direction=CW
Rotation Direction=CW
Intrinsic CS rotation in degree=0.0
Type of Detector Motion=STEP AND SHOOT
Scanning Trajectory=ROUND
Number of connected scans=3
Current scan number=1
Number of lines to be reconstructed=1904
Source Filament Type=W
Source spot size=Mid
Camera zoom position=Near
Suggested HU - Calibration=180000
Number Of Horizontal Offset Positions=1
Study Date and Time=14 Jan 2022  11h:41m:40s
Estimated Scan duration=6h:46m:0s
Scan duration=1h:46m:19s
Maximum vertical TS=5.0
[Reconstruction]
Reconstruction Program=NRecon
Program Version=Version: 2.1.0.1
Program Home Directory=C:\SkyScan2214\SkyScan2214 User Software
Reconstruction engine=GPUReconServer
Engine version=Version: 2.1.0
Reconstruction from batch=Yes
Postalignment Applied=1
Reconstructed using oversize-option=No
Connected Reconstruction (parts)=3
Oversize-option Bitmap=9
Sub-scan post alignment [0]=27.000000
Sub-scan post alignment [1]=13.000000
Sub-scan post alignment [2]=-3.000000
Sub-scan scan length [0]=1893
Sub-scan scan length [1]=1893
Sub-scan scan length [2]=1904
Reconstruction servers= ANAMIC05 
Dataset Origin=SkyScan2214
Dataset Prefix=106985~02
Dataset Directory=D:\Results\EAWAG\106985\2214_proj
Output Directory=D:\Results\EAWAG\106985\2214_rec
Time and Date=03 May 2022  18h:02m:21s
First Section=1023
Last Section=6391
Reconstruction duration per slice (seconds)=0.343675
Total reconstruction time (5447 slices) in seconds=1872.000000
Heel Effect Correction On=0
Section to Section Step=1
Sections Count=5369
Result File Type=PNG
Result File Header Length (bytes)=Unknown: compressed JPG format (100%)
Result Image Width (pixels)=3844
Result Image Height (pixels)=2152
Pixel Size (um)=4.39992
Reconstruction Angular Range (deg)=191.30
Use 180+=OFF
Angular Step (deg)=0.1000
Smoothing=0
Ring Artifact Correction=0
Draw Scales=OFF
Object Bigger than FOV=OFF
Reconstruction from ROI=ON
ROI Top (pixels)=3150
ROI Bottom (pixels)=997
ROI Left (pixels)=75
ROI Right (pixels)=3921
ROI reference length=4032
Filter cutoff relative to Nyquist frequency=100
Filter type=0
Filter type description=Hamming (Alpha=0.54)
Undersampling factor=1
Threshold for defect pixel mask (%)=0
Beam Hardening Correction (%)=0
CS Static Rotation (deg)=95.00
CS Static Rotation Total(deg)=95.00
Minimum for CS to Image Conversion=0.000000
Maximum for CS to Image Conversion=0.517143
HU Calibration=OFF
BMP LUT=0
Cone-beam Angle Horiz.(deg)=8.789666
Cone-beam Angle Vert.(deg)=5.866168
Sub-Scan 0 ends at slice=2279
Sub-Scan 1 ends at slice=4172
Sub-Scan 2 ends at slice=6369
Automatic Matching In Z=50
Automatic Matching In X/Y=0
Automatic Matching In Rotation=0.000000
Automatic Fusion=1
Automatic Heel Effect Correction=0
[File name convention]
Filename Index Length=8
Filename Prefix=106985_rec
