[System]
Scanner=SkyScan2214
Instrument S/N=20C18017
Software Version=1.8
Home Directory=C:\SkyScan2214\SkyScan2214 User Software
Source Type=Hamamatsu L10711
Camera Type=FlatPanel: 2...50um, 140mm max.FOV
Camera Pixel Size (um)=74.800
Camera X/Y Ratio=1.0030
[User]
User Name=Skyscan4
Computer Name=ANAMIC05
[Acquisition]
Data Directory=D:\Results\EAWAG\11601\proj_head
Filename Prefix=11601~01
Number Of Files= 1471
Number Of Rows= 1944
Number Of Columns= 3072
Filename Index Length=8
Partial Width=OFF
Image crop origin X=0
Image crop origin Y=0
Camera binning=1x1
Image Rotation=0.18000
Optical Axis (line)= 1003
Object to Source (mm)=75.454
Camera to Source (mm)=313.563
Source Voltage (kV)=  70
Source Current (uA)= 140
Source Target Power (W)=5.28
Image Pixel Size (um)=17.999448
Scaled Image Pixel Size (um)=17.999448
Image Format=TIFF
Depth (bits)=16
Reference Intensity=58000
Exposure (ms)=873
Rotation Step (deg)=0.150
Use 360 Rotation=NO
High Aspect Ratio=NO
Scanning position=75.281 mm
Frame Averaging=OFF (4)
Flat Field Correction=ON
FF updating interval=211
Random Movement=OFF (40)
Filter=No Filter
Gantry direction=CW
Rotation Direction=CW
Intrinsic CS rotation in degree=0.0
Type of Detector Motion=STEP AND SHOOT
Scanning Trajectory=ROUND
Number of connected scans=2
Current scan number=2
Number of lines to be reconstructed=1311
Source Filament Type=W
Source spot size=Large
Suggested HU - Calibration=180000
Number Of Horizontal Offset Positions=1
Study Date and Time=12 Oct 2021  14h:36m:30s
Estimated Scan duration=2h:38m:26s
Scan duration=1h:16m:23s
Maximum vertical TS=0.0
Maximum horizontal TS=0.0
TS modified at=October12,15:51:24 ---  1471 of 1471 projections
TS modified according to=D:\Results\EAWAG\11601\proj_head\11601~01_2DTransform.csv
TS modified at level=3
Extra Image Shift In X suggested (micron)=11.266841
Extra Image Shift In Y suggested (micron)=-6.815444
Extra CS Rotation suggested (deg)=0.076955
[Reconstruction]
Pseudo-parallel projection calculated=1
