[System]
Scanner=SkyScan1272
Instrument S/N=15G09089-B
Software Version=1.1.19
Home Directory=C:\SkyScan1272\SkyScan1272
Source Type=HAMAMATSU_L11871_20
Camera Type=XIMEA xiRAY16
Camera Pixel Size (um)=7.4
Camera X/Y Ratio=1.0023
[User]
User Name=haberthu
Computer Name=ANAMIC02
[Acquisition]
Data Directory=D:\Results\EAWAG\103635\pharynx\proj
Filename Prefix=103635
Filename Index Length=8
Number Of Files=  962
Number Of Rows= 1640
Number Of Columns= 2452
Partial Width=OFF
Image crop origin X=0
Image crop origin Y=0
Camera binning=2x2
Image Rotation=-0.08200
Optical Axis (line)=  870
Camera to Source (mm)=174.07267
Object to Source (mm)=58.80850
Source Voltage (kV)=  60
Source Current (uA)= 166
Image Pixel Size (um)=5.000014
Scaled Image Pixel Size (um)=5.000014
Image Format=TIFF
Depth (bits)=16
Reference Intensity=57000
Camera position=close
Exposure (ms)=1500
Rotation Step (deg)=0.200
Use 360 Rotation=NO
Scanning position=16.898 mm
Frame Averaging=ON (3)
Random Movement=OFF (30)
Flat Field Correction=ON
FF updating interval=321
Geometrical Correction=ON
Filter=Al 0.25mm
Gantry direction=CC
Rotation Direction=CC
Type of Detector Motion=STEP AND SHOOT
Scanning Trajectory=ROUND
Number Of Horizontal Offset Positions=1
Number of connected scans=1
Current scan number=1
Number of lines to be reconstructed=0
Study Date and Time=08 Feb 2021  14h:24m:12s
Scan duration=1h:57m:1s
Maximum vertical TS=1.0
Maximum horizontal TS=3.0
TS modified at=February08,14:49:59 ---  962 of 962 projections
TS modified according to=D:\Results\EAWAG\103635\pharynx\proj\103635_TS.csv
TS modified at level=2
[Reconstruction]
Reconstruction Program=NRecon
Program Version=Version: 2.0.0.5
Program Home Directory=C:\SkyScan1272\SkyScan1272
Reconstruction engine=GPUReconServer
Engine version=Version: 2.0.0
Reconstruction from batch=Yes
Postalignment Applied=1
Postalignment=11.00
Reconstruction servers= ANAMIC02 
Dataset Origin=SkyScan1272
Dataset Prefix=103635
Dataset Directory=D:\Results\EAWAG\103635\pharynx\proj
Output Directory=D:\Results\EAWAG\103635\pharynx\rec
Time and Date=04 Jun 2021  10h:54m:16s
First Section=2
Last Section=1638
Reconstruction duration per slice (seconds)=0.318876
Total reconstruction time (1637 slices) in seconds=522.000000
Section to Section Step=1
Sections Count=1637
Result File Type=PNG
Result File Header Length (bytes)=Unknown: compressed JPG format (100%)
Result Image Width (pixels)=2440
Result Image Height (pixels)=1900
Pixel Size (um)=5.00001
Reconstruction Angular Range (deg)=192.40
Use 180+=OFF
Angular Step (deg)=0.2000
Smoothing=0
Ring Artifact Correction=14
Draw Scales=OFF
Object Bigger than FOV=OFF
Reconstruction from ROI=ON
ROI Top (pixels)=2334
ROI Bottom (pixels)=432
ROI Left (pixels)=6
ROI Right (pixels)=2448
ROI reference length=2452
Filter cutoff relative to Nyquist frequency=100
Filter type=0
Filter type description=Hamming (Alpha=0.54)
Undersampling factor=1
Threshold for defect pixel mask (%)=0
Beam Hardening Correction (%)=10
CS Static Rotation (deg)=158.00
CS Static Rotation Total(deg)=158.00
Minimum for CS to Image Conversion=0.000000
Maximum for CS to Image Conversion=0.215369
HU Calibration=OFF
BMP LUT=0
Cone-beam Angle Horiz.(deg)=11.901690
Cone-beam Angle Vert.(deg)=7.976189
