[System]
Scanner=SkyScan1272
Instrument S/N=15G09089-B
Software Version=1.4
Home Directory=C:\SkyScan1272\SkyScan1272
Source Type=HAMAMATSU_L11871_20
Camera Type=XIMEA xiRAY16
Camera Pixel Size (um)=7.4
Camera X/Y Ratio=1.0023
[User]
User Name=haberthu
Computer Name=ANAMIC02
[Acquisition]
Data Directory=D:\Results\EAWAG\109857\proj
Filename Prefix=109857~00
Filename Index Length=8
Number Of Files= 1895
Number Of Rows= 3280
Number Of Columns= 4904
Partial Width=OFF
Image crop origin X=0
Image crop origin Y=0
Camera binning=1x1
Image Rotation=-0.08200
Optical Axis (line)= 1766
Camera to Source (mm)=224.07267
Object to Source (mm)=136.26100
Source Voltage (kV)=  60
Source Current (uA)= 166
Image Pixel Size (um)=4.500020
Scaled Image Pixel Size (um)=4.500020
Image Format=TIFF
Depth (bits)=16
Reference Intensity=57000
Camera position=Middle
Exposure (ms)=3314
Rotation Step (deg)=0.100
Use 360 Rotation=NO
Scanning position=6.788 mm
Frame Averaging=ON (3)
Random Movement=OFF (30)
Flat Field Correction=ON
FF updating interval=271
Geometrical Correction=ON
Filter=Al 0.25mm
Gantry direction=CC
Rotation Direction=CC
Type of Detector Motion=STEP AND SHOOT
Scanning Trajectory=ROUND
Beam position=0
Skip extra frame=On
Source spot size=Small
Number Of Horizontal Offset Positions=1
Number of connected scans=2
Current scan number=1
Number of lines to be reconstructed=2416
Study Date and Time=03 Dec 2021  01h:07m:01s
Scan duration=8h:2m:9s
Maximum vertical TS=5.0
[Reconstruction]
Reconstruction Program=NRecon
Program Version=Version: 2.1.0.1
Program Home Directory=C:\SkyScan1272\SkyScan1272
Reconstruction engine=GPUReconServer
Engine version=Version: 2.1.0
Reconstruction from batch=Yes
Postalignment Applied=1
Reconstructed using oversize-option=No
Connected Reconstruction (parts)=2
Oversize-option Bitmap=15
Sub-scan post alignment [0]=-34.000000
Sub-scan post alignment [1]=-41.000000
Sub-scan scan length [0]=2402
Sub-scan scan length [1]=2416
Used extra rotation per scan(deg)= 0.000  -0.276 
Used extra shift in X per scan(micron)= 0.000  82.019 
Used extra shift in Y per scan(micron)= 0.000  46.006 
Reconstruction servers= ANAMIC02 
Dataset Origin=SkyScan1272
Dataset Prefix=109857~01
Dataset Directory=D:\Results\EAWAG\109857\proj
Output Directory=D:\Results\EAWAG\109857\rec
Time and Date=03 Dec 2021  19h:37m:57s
First Section=578
Last Section=5573
Reconstruction duration per slice (seconds)=6.432792
Total reconstruction time (2403 slices) in seconds=15458.000000
Heel Effect Correction On=0
Section to Section Step=1
Sections Count=4996
Result File Type=PNG
Result File Header Length (bytes)=Unknown: compressed JPG format (100%)
Result Image Width (pixels)=3496
Result Image Height (pixels)=2180
Pixel Size (um)=4.50002
Reconstruction Angular Range (deg)=189.50
Use 180+=OFF
Angular Step (deg)=0.1000
Smoothing=0
Ring Artifact Correction=13
Draw Scales=OFF
Object Bigger than FOV=OFF
Reconstruction from ROI=ON
ROI Top (pixels)=3632
ROI Bottom (pixels)=1451
ROI Left (pixels)=729
ROI Right (pixels)=4226
ROI reference length=4904
Filter cutoff relative to Nyquist frequency=100
Filter type=0
Filter type description=Hamming (Alpha=0.54)
Undersampling factor=1
Threshold for defect pixel mask (%)=50
Beam Hardening Correction (%)=0
CS Static Rotation (deg)=82.95
CS Static Rotation Total(deg)=82.95
Minimum for CS to Image Conversion=0.000000
Maximum for CS to Image Conversion=0.295771
HU Calibration=OFF
BMP LUT=0
Cone-beam Angle Horiz.(deg)=9.259113
Cone-beam Angle Vert.(deg)=6.200336
Sub-Scan 0 ends at slice=2967
Sub-Scan 1 ends at slice=5559
Automatic Matching In Z=50
Automatic Matching In X/Y=50
Automatic Matching In Rotation=5.000000
Automatic Fusion=1
Automatic Heel Effect Correction=0
[File name convention]
Filename Index Length=8
Filename Prefix=109857_rec
