[System]
Scanner=SkyScan1272
Instrument S/N=15G09089-B
Software Version=1.1.19
Home Directory=C:\SkyScan1272\SkyScan1272
Source Type=HAMAMATSU_L11871_20
Camera Type=XIMEA xiRAY16
Camera Pixel Size (um)=7.4
Camera X/Y Ratio=1.0023
[User]
User Name=haberthu
Computer Name=ANAMIC02
[Acquisition]
Data Directory=D:\Results\EAWAG\21322\proj
Filename Prefix=21322~00
Filename Index Length=8
Number Of Files=  315
Number Of Rows=  820
Number Of Columns= 1224
Partial Width=OFF
Image crop origin X=0
Image crop origin Y=0
Camera binning=4x4
Image Rotation=0.13600
Optical Axis (line)=  447
Camera to Source (mm)=274.07267
Object to Source (mm)=200.13529
Source Voltage (kV)=  70
Source Current (uA)= 142
Image Pixel Size (um)=21.614722
Scaled Image Pixel Size (um)=21.614722
Image Format=TIFF
Depth (bits)=16
Reference Intensity=57000
Camera position=far
Exposure (ms)=1667
Rotation Step (deg)=0.600
Use 360 Rotation=NO
Scanning position=27.915 mm
Frame Averaging=ON (3)
Random Movement=OFF (30)
Flat Field Correction=ON
FF updating interval=105
Geometrical Correction=ON
Filter=Al 0.5mm
Gantry direction=CC
Rotation Direction=CC
Type of Detector Motion=STEP AND SHOOT
Scanning Trajectory=ROUND
Number Of Horizontal Offset Positions=1
Number of connected scans=4
Current scan number=1
Number of lines to be reconstructed=592
Study Date and Time=28 Sep 2020  12h:35m:20s
Scan duration=0h:43m:38s
Maximum vertical TS=5.0
[Reconstruction]
Reconstruction Program=NRecon
Program Version=Version: 1.7.4.6
Program Home Directory=C:\SkyScan1272\SkyScan1272
Reconstruction engine=GPUReconServer
Engine version=Version: 1.7.4
Reconstruction from batch=Yes
Postalignment Applied=1
Connected Reconstruction (parts)=4
Sub-scan post alignment [0]=-1.500000
Sub-scan post alignment [1]=-1.500000
Sub-scan post alignment [2]=-1.000000
Sub-scan post alignment [3]=-1.000000
Sub-scan scan length [0]=592
Sub-scan scan length [1]=593
Sub-scan scan length [2]=591
Sub-scan scan length [3]=592
Used extra rotation per scan(deg)= 0.000  -0.051  0.134  0.457 
Used extra shift in X per scan(micron)= 0.000  -1.653  -2.968  -3.323 
Used extra shift in Y per scan(micron)= 0.000  -30.948  -27.120  -22.760 
Reconstruction servers= ANAMIC02 
Dataset Origin=SkyScan1272
Dataset Prefix=21322~03
Dataset Directory=D:\Results\EAWAG\21322\whole\proj_full
Output Directory=D:\Results\EAWAG\21322\whole\proj_full
Time and Date=04 Feb 2021  17h:29m:06s
First Section=80
Last Section=2570
Reconstruction duration per slice (seconds)=0.208779
Total reconstruction time (1777 slices) in seconds=371.000000
Section to Section Step=1
Sections Count=2491
Result File Type=PNG
Result File Header Length (bytes)=Unknown: compressed JPG format (100%)
Result Image Width (pixels)=936
Result Image Height (pixels)=788
Pixel Size (um)=21.61472
Reconstruction Angular Range (deg)=189.00
Use 180+=OFF
Angular Step (deg)=0.6000
Smoothing=0
Ring Artifact Correction=19
Draw Scales=OFF
Object Bigger than FOV=OFF
Reconstruction from ROI=ON
ROI Top (pixels)=1024
ROI Bottom (pixels)=233
ROI Left (pixels)=158
ROI Right (pixels)=1096
ROI reference length=1224
Filter cutoff relative to Nyquist frequency=100
Filter type=0
Filter type description=Hamming (Alpha=0.54)
Undersampling factor=1
Threshold for defect pixel mask (%)=0
Beam Hardening Correction (%)=0
CS Static Rotation (deg)=220.00
CS Static Rotation Total(deg)=220.00
Minimum for CS to Image Conversion=0.000000
Maximum for CS to Image Conversion=0.108892
HU Calibration=OFF
BMP LUT=0
Cone-beam Angle Horiz.(deg)=7.563081
Cone-beam Angle Vert.(deg)=5.070827
Automatic matching in Z=50
Automatic matching in X/Y=50
Automatic matching in rotation=5.000000
Automatic fusion=1
[File name convention]
Filename Index Length=8
Filename Prefix=21322_rec
