[System]
Scanner=SkyScan1272
Instrument S/N=15G09089-B
Software Version=1.1.19
Home Directory=C:\SkyScan1272\SkyScan1272
Source Type=HAMAMATSU_L11871_20
Camera Type=XIMEA xiRAY16
Camera Pixel Size (um)=7.4
Camera X/Y Ratio=1.0023
[User]
User Name=haberthu
Computer Name=ANAMIC02
[Acquisition]
Data Directory=D:\Results\EAWAG\21322\proj
Filename Prefix=21322~00
Filename Index Length=8
Number Of Files=  315
Number Of Rows=  820
Number Of Columns= 1224
Partial Width=OFF
Image crop origin X=0
Image crop origin Y=0
Camera binning=4x4
Image Rotation=0.13600
Optical Axis (line)=  447
Camera to Source (mm)=274.07267
Object to Source (mm)=200.13529
Source Voltage (kV)=  70
Source Current (uA)= 142
Image Pixel Size (um)=21.614722
Scaled Image Pixel Size (um)=21.614722
Image Format=TIFF
Depth (bits)=16
Reference Intensity=57000
Camera position=far
Exposure (ms)=1667
Rotation Step (deg)=0.600
Use 360 Rotation=NO
Scanning position=27.915 mm
Frame Averaging=ON (3)
Random Movement=OFF (30)
Flat Field Correction=ON
FF updating interval=105
Geometrical Correction=ON
Filter=Al 0.5mm
Gantry direction=CC
Rotation Direction=CC
Type of Detector Motion=STEP AND SHOOT
Scanning Trajectory=ROUND
Number Of Horizontal Offset Positions=1
Number of connected scans=4
Current scan number=1
Number of lines to be reconstructed=592
Study Date and Time=28 Sep 2020  12h:35m:20s
Scan duration=0h:43m:38s
Maximum vertical TS=5.0
[Reconstruction]
Pseudo-parallel projection calculated=1
