[System]
Scanner=SkyScan2214
Instrument S/N=20C18017
Software Version=1.8
Home Directory=C:\SkyScan2214\SkyScan2214 User Software
Source Type=Hamamatsu L10711
Camera Type=FlatPanel: 2...50um, 140mm max.FOV
Camera Pixel Size (um)=74.800
Camera X/Y Ratio=1.0030
[User]
User Name=Skyscan4
Computer Name=ANAMIC05
[Acquisition]
Data Directory=D:\Results\EAWAG\10619\proj_rescan_OJ
Filename Prefix=10619~00
Number Of Files= 2205
Number Of Rows=  486
Number Of Columns=  768
Filename Index Length=8
Partial Width=OFF
Image crop origin X=0
Image crop origin Y=0
Camera binning=4x4
Image Rotation=0.18000
Optical Axis (line)=  250
Object to Source (mm)=35.500
Camera to Source (mm)=313.563
Source Voltage (kV)=  70
Source Current (uA)= 140
Source Target Power (W)=5.61
Image Pixel Size (um)=33.873713
Scaled Image Pixel Size (um)=33.873713
Image Format=TIFF
Depth (bits)=16
Reference Intensity=58000
Exposure (ms)=681
Rotation Step (deg)=0.100
Use 360 Rotation=NO
High Aspect Ratio=NO
Scanning position=41.343 mm
Frame Averaging=OFF (4)
Flat Field Correction=ON
FF updating interval=315
Random Movement=OFF (10)
Filter=No Filter
Gantry direction=CW
Rotation Direction=CW
Intrinsic CS rotation in degree=0.0
Type of Detector Motion=STEP AND SHOOT
Scanning Trajectory=ROUND
Source Filament Type=W
Source spot size=Large
Suggested HU - Calibration=180000
Number Of Horizontal Offset Positions=1
Study Date and Time=21 Oct 2021  11h:08m:04s
Estimated Scan duration=0h:52m:0s
Scan duration=1h:2m:20s
Maximum vertical TS=0.0
Maximum horizontal TS=0.0
TS modified at=October21,12:02:22 ---  2205 of 2205 projections
TS modified according to=D:\Results\EAWAG\10619\proj_rescan_OJ\10619~00_2DTransform.csv
TS modified at level=3
[Reconstruction]
Reconstruction Program=NRecon
Program Version=Version: 2.1.0.1
Program Home Directory=C:\SkyScan2214\SkyScan2214 User Software
Reconstruction engine=GPUReconServer
Engine version=Version: 2.1.0
Reconstruction from batch=Yes
Postalignment Applied=1
Postalignment=30.00
Reconstructed using oversize-option=No
Reconstruction servers= ANAMIC05 
Dataset Origin=SkyScan2214
Dataset Prefix=10619~00
Dataset Directory=D:\Results\EAWAG\10619\proj_rescan_OJ
Output Directory=D:\Results\EAWAG\10619\rec_rescan_OJ
Time and Date=22 Oct 2021  09h:14m:10s
First Section=144
Last Section=484
Reconstruction duration per slice (seconds)=0.026393
Total reconstruction time (341 slices) in seconds=9.000000
Heel Effect Correction On=0
Section to Section Step=1
Sections Count=341
Result File Type=PNG
Result File Header Length (bytes)=Unknown: compressed JPG format (100%)
Result Image Width (pixels)=712
Result Image Height (pixels)=476
Pixel Size (um)=33.87371
Reconstruction Angular Range (deg)=220.50
Use 180+=OFF
Angular Step (deg)=0.1000
Smoothing=0
Ring Artifact Correction=0
Draw Scales=OFF
Object Bigger than FOV=OFF
Reconstruction from ROI=ON
ROI Top (pixels)=632
ROI Bottom (pixels)=153
ROI Left (pixels)=32
ROI Right (pixels)=746
ROI reference length=768
Filter cutoff relative to Nyquist frequency=100
Filter type=0
Filter type description=Hamming (Alpha=0.54)
Undersampling factor=1
Threshold for defect pixel mask (%)=0
Beam Hardening Correction (%)=0
CS Static Rotation (deg)=108.20
CS Static Rotation Total(deg)=108.20
Minimum for CS to Image Conversion=0.000000
Maximum for CS to Image Conversion=0.079659
HU Calibration=OFF
BMP LUT=0
Cone-beam Angle Horiz.(deg)=40.246544
Cone-beam Angle Vert.(deg)=26.108746
[File name convention]
Filename Index Length=8
Filename Prefix=10619_rec
