[System]
Scanner=SkyScan2214
Instrument S/N=20C18017
Software Version=1.8
Home Directory=C:\SkyScan2214\SkyScan2214 User Software
Source Type=Hamamatsu L10711
Camera Type=FlatPanel: 2...50um, 140mm max.FOV
Camera Pixel Size (um)=74.800
Camera X/Y Ratio=1.0030
[User]
User Name=Skyscan4
Computer Name=ANAMIC05
[Acquisition]
Data Directory=D:\Results\EAWAG\13115\proj
Filename Prefix=13115
Number Of Files= 1104
Number Of Rows= 1944
Number Of Columns= 3070
Filename Index Length=8
Partial Width=OFF
Image crop origin X=0
Image crop origin Y=0
Camera binning=1x1
Image Rotation=0.21000
Optical Axis (line)= 1003
Object to Source (mm)=92.224
Camera to Source (mm)=313.563
Source Voltage (kV)=  70
Source Current (uA)= 125
Source Target Power (W)=5.87
Image Pixel Size (um)=21.999992
Scaled Image Pixel Size (um)=21.999992
Image Format=TIFF
Depth (bits)=16
Reference Intensity=58000
Exposure (ms)=280
Rotation Step (deg)=0.200
Use 360 Rotation=NO
High Aspect Ratio=NO
Scanning position=13.983 mm
Frame Averaging=OFF (3)
Flat Field Correction=ON
FF updating interval=158
Random Movement=OFF (40)
Filter=No Filter
Gantry direction=CW
Rotation Direction=CW
Intrinsic CS rotation in degree=0.0
Type of Detector Motion=STEP AND SHOOT
Scanning Trajectory=ROUND
Source Filament Type=W
Source spot size=Large
Suggested HU - Calibration=180000
Number Of Horizontal Offset Positions=1
Study Date and Time=09 Mar 2021  11h:44m:27s
Estimated Scan duration=0h:57m:11s
Scan duration=0h:36m:34s
Maximum vertical TS=0.0
Maximum horizontal TS=0.0
TS modified at=December03,14:11:14 ---  1104 of 1104 projections
TS modified according to=D:\Results\EAWAG\13115\proj_22um\13115_2DTransform.csv
TS modified at level=3
[Reconstruction]
Reconstruction Program=NRecon
Program Version=Version: 2.1.0.1
Program Home Directory=C:\SkyScan1272\SkyScan1272
Reconstruction engine=GPUReconServer
Engine version=Version: 2.1.0
Reconstruction from batch=Yes
Postalignment Applied=1
Postalignment=1.50
Reconstructed using oversize-option=No
Reconstruction servers= ANAMIC02 
Dataset Origin=SkyScan2214
Dataset Prefix=13115
Dataset Directory=D:\Results\EAWAG\13115\proj_22um
Output Directory=D:\Results\EAWAG\13115\rec_22um
Time and Date=03 Dec 2021  20h:00m:56s
First Section=2
Last Section=1942
Reconstruction duration per slice (seconds)=0.610510
Total reconstruction time (1941 slices) in seconds=1185.000000
Heel Effect Correction On=0
Section to Section Step=1
Sections Count=1941
Result File Type=PNG
Result File Header Length (bytes)=Unknown: compressed JPG format (100%)
Result Image Width (pixels)=2752
Result Image Height (pixels)=1408
Pixel Size (um)=21.99999
Reconstruction Angular Range (deg)=220.80
Use 180+=OFF
Angular Step (deg)=0.2000
Smoothing=0
Ring Artifact Correction=0
Draw Scales=OFF
Object Bigger than FOV=OFF
Reconstruction from ROI=ON
ROI Top (pixels)=2279
ROI Bottom (pixels)=871
ROI Left (pixels)=142
ROI Right (pixels)=2897
ROI reference length=3070
Filter cutoff relative to Nyquist frequency=100
Filter type=0
Filter type description=Hamming (Alpha=0.54)
Undersampling factor=1
Threshold for defect pixel mask (%)=0
Beam Hardening Correction (%)=0
CS Static Rotation (deg)=234.25
CS Static Rotation Total(deg)=234.25
Minimum for CS to Image Conversion=0.000000
Maximum for CS to Image Conversion=0.047498
HU Calibration=OFF
BMP LUT=0
Cone-beam Angle Horiz.(deg)=40.222790
Cone-beam Angle Vert.(deg)=26.108982
[File name convention]
Filename Index Length=8
Filename Prefix=13115_rec
