[System]
Scanner=SkyScan2214
Instrument S/N=20C18017
Software Version=1.8
Home Directory=C:\SkyScan2214\SkyScan2214 User Software
Source Type=Hamamatsu L10711
Camera Type=FlatPanel: 2...50um, 140mm max.FOV
Camera Pixel Size (um)=74.800
Camera X/Y Ratio=1.0030
[User]
User Name=Skyscan4
Computer Name=ANAMIC05
[Acquisition]
Data Directory=D:\Results\EAWAG\10619\head\proj_2xbin_23um
Filename Prefix=10619~00
Number Of Files= 1104
Number Of Rows=  486
Number Of Columns=  768
Filename Index Length=8
Partial Width=OFF
Image crop origin X=0
Image crop origin Y=0
Camera binning=4x4
Image Rotation=0.18000
Optical Axis (line)=  250
Object to Source (mm)=35.500
Camera to Source (mm)=313.563
Source Voltage (kV)=  70
Source Current (uA)= 140
Source Target Power (W)=5.75
Image Pixel Size (um)=33.873713
Scaled Image Pixel Size (um)=33.873713
Image Format=TIFF
Depth (bits)=16
Reference Intensity=58000
Exposure (ms)=681
Rotation Step (deg)=0.200
Use 360 Rotation=NO
High Aspect Ratio=NO
Scanning position=45.394 mm
Frame Averaging=OFF (4)
Flat Field Correction=ON
FF updating interval=158
Random Movement=OFF (10)
Filter=No Filter
Gantry direction=CW
Rotation Direction=CW
Intrinsic CS rotation in degree=0.0
Type of Detector Motion=STEP AND SHOOT
Scanning Trajectory=ROUND
Number of connected scans=3
Current scan number=1
Number of lines to be reconstructed=320
Source Filament Type=W
Source spot size=Large
Suggested HU - Calibration=180000
Number Of Horizontal Offset Positions=1
Study Date and Time=21 Oct 2021  15h:51m:59s
Estimated Scan duration=0h:52m:0s
Scan duration=0h:31m:11s
Maximum vertical TS=5.0
[Reconstruction]
Reconstruction Program=NRecon
Program Version=Version: 2.1.0.1
Program Home Directory=C:\SkyScan2214\SkyScan2214 User Software
Reconstruction engine=GPUReconServer
Engine version=Version: 2.1.0
Reconstruction from batch=Yes
Postalignment Applied=1
Reconstructed using oversize-option=No
Connected Reconstruction (parts)=3
Oversize-option Bitmap=9
Sub-scan post alignment [0]=34.000000
Sub-scan post alignment [1]=32.000000
Sub-scan post alignment [2]=30.500000
Sub-scan scan length [0]=320
Sub-scan scan length [1]=320
Sub-scan scan length [2]=320
Used extra rotation per scan(deg)= 0.000  0.061  0.165 
Used extra shift in X per scan(micron)= 0.000  9.407  5.311 
Used extra shift in Y per scan(micron)= 0.000  -4.876  20.273 
Reconstruction servers= ANAMIC05 
Dataset Origin=SkyScan2214
Dataset Prefix=10619~02
Dataset Directory=D:\Results\EAWAG\10619\head\proj_2xbin_23um
Output Directory=D:\Results\EAWAG\10619\head\rec_2xbin_23um
Time and Date=03 May 2022  18h:31m:29s
First Section=28
Last Section=1124
Reconstruction duration per slice (seconds)=0.414977
Total reconstruction time (641 slices) in seconds=266.000000
Heel Effect Correction On=0
Section to Section Step=1
Sections Count=1097
Result File Type=PNG
Result File Header Length (bytes)=Unknown: compressed JPG format (100%)
Result Image Width (pixels)=768
Result Image Height (pixels)=768
Pixel Size (um)=33.87371
Reconstruction Angular Range (deg)=220.80
Use 180+=OFF
Angular Step (deg)=0.2000
Smoothing=0
Ring Artifact Correction=0
Draw Scales=OFF
Object Bigger than FOV=OFF
Reconstruction from ROI=OFF
Filter cutoff relative to Nyquist frequency=100
Filter type=0
Filter type description=Hamming (Alpha=0.54)
Undersampling factor=1
Threshold for defect pixel mask (%)=0
Beam Hardening Correction (%)=0
CS Static Rotation (deg)=107.67
CS Static Rotation Total(deg)=107.67
Minimum for CS to Image Conversion=0.000000
Maximum for CS to Image Conversion=0.090000
HU Calibration=OFF
BMP LUT=0
Cone-beam Angle Horiz.(deg)=40.246544
Cone-beam Angle Vert.(deg)=26.108746
Sub-Scan 0 ends at slice=405
Sub-Scan 1 ends at slice=725
Sub-Scan 2 ends at slice=1044
Automatic Matching In Z=50
Automatic Matching In X/Y=50
Automatic Matching In Rotation=5.000000
Automatic Fusion=1
Automatic Heel Effect Correction=0
[File name convention]
Filename Index Length=8
Filename Prefix=10619_rec
