[System]
Scanner=SkyScan2214
Instrument S/N=20C18017
Software Version=1.8
Home Directory=C:\SkyScan2214\SkyScan2214 User Software
Source Type=Hamamatsu L10711
Camera Type=FlatPanel: 2...50um, 140mm max.FOV
Camera Pixel Size (um)=74.800
Camera X/Y Ratio=1.0030
[User]
User Name=Skyscan4
Computer Name=ANAMIC05
[Acquisition]
Data Directory=D:\Results\EAWAG\104021\proj
Filename Prefix=104021~00
Number Of Files= 1104
Number Of Rows= 1944
Number Of Columns= 3070
Filename Index Length=8
Partial Width=OFF
Image crop origin X=0
Image crop origin Y=0
Camera binning=1x1
Image Rotation=0.21000
Optical Axis (line)= 1003
Object to Source (mm)=24.997
Camera to Source (mm)=313.563
Source Voltage (kV)=  70
Source Current (uA)= 140
Source Target Power (W)=3.69
Image Pixel Size (um)=5.962976
Scaled Image Pixel Size (um)=5.962976
Image Format=TIFF
Depth (bits)=16
Reference Intensity=58000
Exposure (ms)=1021
Rotation Step (deg)=0.200
Use 360 Rotation=NO
High Aspect Ratio=NO
Scanning position=14.188 mm
Frame Averaging=OFF (3)
Flat Field Correction=ON
FF updating interval=158
Random Movement=OFF (40)
Filter=No Filter
Gantry direction=CW
Rotation Direction=CW
Intrinsic CS rotation in degree=0.0
Type of Detector Motion=STEP AND SHOOT
Scanning Trajectory=ROUND
Number of connected scans=3
Current scan number=1
Number of lines to be reconstructed=1327
Source Filament Type=W
Source spot size=Mid
Suggested HU - Calibration=180000
Number Of Horizontal Offset Positions=1
Study Date and Time=18 May 2021  10h:15m:42s
Estimated Scan duration=3h:6m:57s
Scan duration=1h:1m:52s
Maximum vertical TS=0.0
Maximum horizontal TS=0.0
TS modified at=May18,15:02:09 ---  1104 of 1104 projections
TS modified according to=D:\Results\EAWAG\104021\proj\104021~00_TS.csv
TS modified at level=2
[Reconstruction]
Pseudo-parallel projection calculated=1
