[System]
Scanner=SkyScan2214
Instrument S/N=20C18017
Software Version=1.8
Home Directory=C:\SkyScan2214\SkyScan2214 User Software
Source Type=Hamamatsu L10711
Camera Type=FlatPanel: 2...50um, 140mm max.FOV
Camera Pixel Size (um)=74.800
Camera X/Y Ratio=1.0030
[User]
User Name=Skyscan4
Computer Name=ANAMIC05
[Acquisition]
Data Directory=D:\Results\EAWAG\11557\head\proj
Filename Prefix=11557~02
Number Of Files= 1104
Number Of Rows=  972
Number Of Columns= 1536
Filename Index Length=8
Partial Width=OFF
Image crop origin X=0
Image crop origin Y=0
Camera binning=2x2
Image Rotation=0.18000
Optical Axis (line)=  501
Object to Source (mm)=48.206
Camera to Source (mm)=313.563
Source Voltage (kV)=  70
Source Current (uA)= 140
Source Target Power (W)=5.56
Image Pixel Size (um)=22.999021
Scaled Image Pixel Size (um)=22.999021
Image Format=TIFF
Depth (bits)=16
Reference Intensity=58000
Exposure (ms)=720
Rotation Step (deg)=0.200
Use 360 Rotation=NO
High Aspect Ratio=NO
Scanning position=77.235 mm
Frame Averaging=OFF (4)
Flat Field Correction=ON
FF updating interval=158
Random Movement=OFF (20)
Filter=No Filter
Gantry direction=CW
Rotation Direction=CW
Intrinsic CS rotation in degree=0.0
Type of Detector Motion=STEP AND SHOOT
Scanning Trajectory=ROUND
Number of connected scans=3
Current scan number=3
Number of lines to be reconstructed=621
Source Filament Type=W
Source spot size=Large
Suggested HU - Calibration=180000
Number Of Horizontal Offset Positions=1
Study Date and Time=19 Oct 2021  15h:17m:07s
Estimated Scan duration=2h:41m:51s
Scan duration=0h:38m:23s
Maximum vertical TS=0.0
Maximum horizontal TS=0.0
TS modified at=October19,16:10:56 ---  1104 of 1104 projections
TS modified according to=D:\Results\EAWAG\11557\head\proj\11557~02_2DTransform.csv
TS modified at level=3
Extra Image Shift In X suggested (micron)=-20.766356
Extra Image Shift In Y suggested (micron)=-5.762609
Extra CS Rotation suggested (deg)=0.161732
[Reconstruction]
Pseudo-parallel projection calculated=1
