[System]
Scanner=SkyScan2214
Instrument S/N=20C18017
Software Version=1.8
Home Directory=C:\SkyScan2214\SkyScan2214 User Software
Source Type=Hamamatsu L10711
Camera Type=FlatPanel: 2...50um, 140mm max.FOV
Camera Pixel Size (um)=74.800
Camera X/Y Ratio=1.0030
[User]
User Name=Skyscan4
Computer Name=ANAMIC05
[Acquisition]
Data Directory=D:\Results\EAWAG\11557\proj
Filename Prefix=11557~00
Number Of Files= 2205
Number Of Rows= 1944
Number Of Columns= 3072
Filename Index Length=8
Partial Width=OFF
Image crop origin X=0
Image crop origin Y=0
Camera binning=1x1
Image Rotation=0.18000
Optical Axis (line)= 1003
Object to Source (mm)=37.519
Camera to Source (mm)=313.563
Source Voltage (kV)=  70
Source Current (uA)= 140
Source Target Power (W)=4.41
Image Pixel Size (um)=8.950130
Scaled Image Pixel Size (um)=8.950130
Image Format=TIFF
Depth (bits)=16
Reference Intensity=58000
Exposure (ms)=873
Rotation Step (deg)=0.100
Use 360 Rotation=NO
High Aspect Ratio=NO
Scanning position=38.149 mm
Frame Averaging=OFF (4)
Flat Field Correction=ON
FF updating interval=315
Random Movement=OFF (40)
Filter=No Filter
Gantry direction=CW
Rotation Direction=CW
Intrinsic CS rotation in degree=0.0
Type of Detector Motion=STEP AND SHOOT
Scanning Trajectory=ROUND
Number of connected scans=3
Current scan number=1
Number of lines to be reconstructed=1509
Source Filament Type=W
Source spot size=Large
Suggested HU - Calibration=180000
Number Of Horizontal Offset Positions=1
Study Date and Time=20 Sep 2021  19h:16m:36s
Estimated Scan duration=5h:56m:18s
Scan duration=1h:53m:29s
Maximum vertical TS=5.0
[Reconstruction]
Reconstruction Program=NRecon
Program Version=Version: 2.1.0.1
Program Home Directory=C:\SkyScan1272\SkyScan1272
Reconstruction engine=GPUReconServer
Engine version=Version: 2.1.0
Reconstruction from batch=Yes
Postalignment Applied=1
Reconstructed using oversize-option=No
Connected Reconstruction (parts)=3
Oversize-option Bitmap=15
Sub-scan post alignment [0]=134.000000
Sub-scan post alignment [1]=115.500000
Sub-scan post alignment [2]=109.500000
Sub-scan scan length [0]=1508
Sub-scan scan length [1]=1511
Sub-scan scan length [2]=1509
Used extra rotation per scan(deg)= 0.000  0.000  0.204 
Used extra shift in X per scan(micron)= 0.000  -4.374  -0.492 
Used extra shift in Y per scan(micron)= 0.000  -76.673  -49.070 
Reconstruction servers= ANAMIC02 
Dataset Origin=SkyScan2214
Dataset Prefix=11557~01
Dataset Directory=D:\Results\EAWAG\11557\proj
Output Directory=D:\Results\EAWAG\11557\rec_rereconstruct_OJ_B
Time and Date=21 Oct 2021  20h:00m:07s
First Section=454
Last Section=2466
Reconstruction duration per slice (seconds)=1.382372
Total reconstruction time (1509 slices) in seconds=2086.000000
Heel Effect Correction On=0
Section to Section Step=1
Sections Count=2013
Result File Type=PNG
Result File Header Length (bytes)=Unknown: compressed JPG format (100%)
Result Image Width (pixels)=1896
Result Image Height (pixels)=1624
Pixel Size (um)=8.95013
Reconstruction Angular Range (deg)=220.50
Use 180+=OFF
Angular Step (deg)=0.1000
Smoothing=0
Ring Artifact Correction=0
Draw Scales=OFF
Object Bigger than FOV=OFF
Reconstruction from ROI=ON
ROI Top (pixels)=2258
ROI Bottom (pixels)=633
ROI Left (pixels)=46
ROI Right (pixels)=1943
ROI reference length=3072
Filter cutoff relative to Nyquist frequency=100
Filter type=0
Filter type description=Hamming (Alpha=0.54)
Undersampling factor=1
Threshold for defect pixel mask (%)=0
Beam Hardening Correction (%)=0
CS Static Rotation (deg)=18.54
CS Static Rotation Total(deg)=18.54
Minimum for CS to Image Conversion=0.000000
Maximum for CS to Image Conversion=0.115974
HU Calibration=OFF
BMP LUT=0
Cone-beam Angle Horiz.(deg)=40.246849
Cone-beam Angle Vert.(deg)=26.108955
Sub-Scan 0 ends at slice=1736
Sub-Scan 1 ends at slice=3246
Sub-Scan 2 ends at slice=4639
Automatic Matching In Z=50
Automatic Matching In X/Y=50
Automatic Matching In Rotation=5.000000
Automatic Fusion=1
Automatic Heel Effect Correction=0
[File name convention]
Filename Index Length=8
Filename Prefix=11557_rec
