[System]
Scanner=SkyScan1272
Instrument S/N=15G09089-B
Software Version=1.4
Home Directory=C:\SkyScan1272\SkyScan1272
Source Type=HAMAMATSU_L11871_20
Camera Type=XIMEA xiRAY16
Camera Pixel Size (um)=7.4
Camera X/Y Ratio=1.0023
[User]
User Name=haberthu
Computer Name=ANAMIC02
[Acquisition]
Data Directory=D:\Results\EAWAG\103637\proj
Filename Prefix=103637~02
Filename Index Length=8
Number Of Files= 1921
Number Of Rows= 3280
Number Of Columns= 4904
Partial Width=OFF
Image crop origin X=0
Image crop origin Y=0
Camera binning=1x1
Image Rotation=-0.08200
Optical Axis (line)= 1740
Camera to Source (mm)=174.07267
Object to Source (mm)=82.33100
Source Voltage (kV)=  60
Source Current (uA)= 166
Image Pixel Size (um)=3.499972
Scaled Image Pixel Size (um)=3.499972
Image Format=TIFF
Depth (bits)=16
Reference Intensity=57000
Camera position=Close
Exposure (ms)=1981
Rotation Step (deg)=0.100
Use 360 Rotation=NO
Scanning position=22.065 mm
Frame Averaging=ON (3)
Random Movement=OFF (30)
Flat Field Correction=ON
FF updating interval=275
Geometrical Correction=ON
Filter=Al 0.25mm
Gantry direction=CC
Rotation Direction=CC
Type of Detector Motion=STEP AND SHOOT
Scanning Trajectory=ROUND
Beam position=0
Skip extra frame=On
Source spot size=Small
Number Of Horizontal Offset Positions=1
Number of connected scans=3
Current scan number=3
Number of lines to be reconstructed=2000
Study Date and Time=24 Nov 2021  01h:55m:19s
Scan duration=5h:56m:30s
Maximum vertical TS=1.0
Maximum horizontal TS=1.0
TS modified at=November27,11:42:50 ---  1921 of 1921 projections
TS modified according to=D:\Results\EAWAG\103637\proj\103637~02_TS.csv
TS modified at level=2
Extra Image Shift In X suggested (micron)=-8.244986
Extra Image Shift In Y suggested (micron)=-0.836351
Extra CS Rotation suggested (deg)=-0.237697
[Reconstruction]
Pseudo-parallel projection calculated=1
