[System]
Scanner=SkyScan2214
Instrument S/N=20C18017
Software Version=1.8
Home Directory=C:\SkyScan2214\SkyScan2214 User Software
Source Type=Hamamatsu L10711
Camera Type=FlatPanel: 2...50um, 140mm max.FOV
Camera Pixel Size (um)=74.800
Camera X/Y Ratio=1.0030
[User]
User Name=Skyscan4
Computer Name=ANAMIC05
[Acquisition]
Data Directory=D:\Results\EAWAG\103767\proj
Filename Prefix=103767~00
Number Of Files= 1104
Number Of Rows= 1944
Number Of Columns= 3070
Filename Index Length=8
Partial Width=OFF
Image crop origin X=0
Image crop origin Y=0
Camera binning=1x1
Image Rotation=0.21000
Optical Axis (line)= 1003
Object to Source (mm)=30.001
Camera to Source (mm)=313.563
Source Voltage (kV)=  70
Source Current (uA)= 125
Source Target Power (W)=4.56
Image Pixel Size (um)=7.156626
Scaled Image Pixel Size (um)=7.156626
Image Format=TIFF
Depth (bits)=16
Reference Intensity=58000
Exposure (ms)=720
Rotation Step (deg)=0.200
Use 360 Rotation=NO
High Aspect Ratio=NO
Scanning position=0.000 mm
Frame Averaging=OFF (3)
Flat Field Correction=ON
FF updating interval=158
Random Movement=OFF (40)
Filter=No Filter
Gantry direction=CW
Rotation Direction=CW
Intrinsic CS rotation in degree=0.0
Type of Detector Motion=STEP AND SHOOT
Scanning Trajectory=ROUND
Number of connected scans=3
Current scan number=1
Number of lines to be reconstructed=1087
Source Filament Type=W
Source spot size=Large
Suggested HU - Calibration=180000
Number Of Horizontal Offset Positions=1
Study Date and Time=19 Apr 2021  13h:32m:36s
Estimated Scan duration=3h:22m:48s
Scan duration=0h:52m:32s
Maximum vertical TS=5.0
[Reconstruction]
Reconstruction Program=NRecon
Program Version=Version: 2.0.0.5
Program Home Directory=C:\SkyScan2214\SkyScan2214 User Software
Reconstruction engine=GPUReconServer
Engine version=Version: 2.0.0
Reconstruction from batch=Yes
Postalignment Applied=1
Connected Reconstruction (parts)=3
Sub-scan post alignment [0]=12.000000
Sub-scan post alignment [1]=-0.500000
Sub-scan post alignment [2]=-6.000000
Sub-scan scan length [0]=861
Sub-scan scan length [1]=1082
Sub-scan scan length [2]=1087
Used extra rotation per scan(deg)= 0.000  0.054  0.160 
Used extra shift in X per scan(micron)= 0.000  12.030  13.461 
Used extra shift in Y per scan(micron)= 0.000  -32.923  -15.772 
Reconstruction servers= ANAMIC05 
Dataset Origin=SkyScan2214
Dataset Prefix=103767~02
Dataset Directory=D:\Results\EAWAG\103767\proj
Output Directory=D:\Results\EAWAG\103767\rec
Time and Date=19 Apr 2021  16h:32m:40s
First Section=344
Last Section=3896
Reconstruction duration per slice (seconds)=0.355453
Total reconstruction time (1944 slices) in seconds=691.000000
Section to Section Step=1
Sections Count=3553
Result File Type=PNG
Result File Header Length (bytes)=Unknown: compressed JPG format (100%)
Result Image Width (pixels)=2748
Result Image Height (pixels)=1816
Pixel Size (um)=7.15663
Reconstruction Angular Range (deg)=220.80
Use 180+=OFF
Angular Step (deg)=0.2000
Smoothing=0
Ring Artifact Correction=0
Draw Scales=OFF
Object Bigger than FOV=OFF
Reconstruction from ROI=ON
ROI Top (pixels)=2510
ROI Bottom (pixels)=694
ROI Left (pixels)=305
ROI Right (pixels)=3053
ROI reference length=3070
Filter cutoff relative to Nyquist frequency=100
Filter type=0
Filter type description=Hamming (Alpha=0.54)
Undersampling factor=1
Threshold for defect pixel mask (%)=0
Beam Hardening Correction (%)=0
CS Static Rotation (deg)=-60.77
CS Static Rotation Total(deg)=-60.77
Minimum for CS to Image Conversion=0.000000
Maximum for CS to Image Conversion=0.076978
HU Calibration=OFF
BMP LUT=0
Cone-beam Angle Horiz.(deg)=40.222282
Cone-beam Angle Vert.(deg)=26.108635
Sub-Scan 0 ends at slice=1433
Sub-Scan 1 ends at slice=2405
Sub-Scan 2 ends at slice=3563
Automatic matching in Z=50
Automatic matching in X/Y=50
Automatic matching in rotation=5.000000
Automatic fusion=1
[File name convention]
Filename Index Length=8
Filename Prefix=103767_rec
