[System]
Scanner=SkyScan2214
Instrument S/N=20C18017
Software Version=1.8
Home Directory=C:\SkyScan2214\SkyScan2214 User Software
Source Type=Hamamatsu L10711
Camera Type=FlatPanel: 2...50um, 140mm max.FOV
Camera Pixel Size (um)=74.800
Camera X/Y Ratio=1.0030
[User]
User Name=Skyscan4
Computer Name=ANAMIC05
[Acquisition]
Data Directory=D:\Results\EAWAG\10794\head\proj
Filename Prefix=10794~00
Number Of Files= 1104
Number Of Rows=  972
Number Of Columns= 1536
Filename Index Length=8
Partial Width=OFF
Image crop origin X=0
Image crop origin Y=0
Camera binning=2x2
Image Rotation=0.18000
Optical Axis (line)=  501
Object to Source (mm)=62.881
Camera to Source (mm)=313.563
Source Voltage (kV)=  70
Source Current (uA)= 140
Source Target Power (W)=6.39
Image Pixel Size (um)=30.000352
Scaled Image Pixel Size (um)=30.000352
Image Format=TIFF
Depth (bits)=16
Reference Intensity=58000
Exposure (ms)=648
Rotation Step (deg)=0.200
Use 360 Rotation=NO
High Aspect Ratio=NO
Scanning position=40.860 mm
Frame Averaging=OFF (4)
Flat Field Correction=ON
FF updating interval=158
Random Movement=OFF (20)
Filter=No Filter
Gantry direction=CW
Rotation Direction=CW
Intrinsic CS rotation in degree=0.0
Type of Detector Motion=STEP AND SHOOT
Scanning Trajectory=ROUND
Number of connected scans=2
Current scan number=1
Number of lines to be reconstructed=768
Source Filament Type=W
Source spot size=Large
Suggested HU - Calibration=180000
Number Of Horizontal Offset Positions=1
Study Date and Time=02 Nov 2021  09h:53m:14s
Estimated Scan duration=1h:45m:4s
Scan duration=0h:34m:18s
Maximum vertical TS=5.0
[Reconstruction]
Reconstruction Program=NRecon
Program Version=Version: 2.1.0.1
Program Home Directory=C:\SkyScan2214\SkyScan2214 User Software
Reconstruction engine=GPUReconServer
Engine version=Version: 2.1.0
Reconstruction from batch=Yes
Postalignment Applied=1
Reconstructed using oversize-option=No
Connected Reconstruction (parts)=2
Oversize-option Bitmap=9
Sub-scan post alignment [0]=38.000000
Sub-scan post alignment [1]=32.500000
Sub-scan scan length [0]=769
Sub-scan scan length [1]=768
Reconstruction servers= ANAMIC05 
Dataset Origin=SkyScan2214
Dataset Prefix=10794~01
Dataset Directory=D:\Results\EAWAG\10794\head\proj
Output Directory=D:\Results\EAWAG\10794\head\rec
Time and Date=02 Nov 2021  10h:59m:25s
First Section=127
Last Section=1738
Reconstruction duration per slice (seconds)=0.049279
Total reconstruction time (1664 slices) in seconds=82.000000
Heel Effect Correction On=0
Section to Section Step=1
Sections Count=1612
Result File Type=PNG
Result File Header Length (bytes)=Unknown: compressed JPG format (100%)
Result Image Width (pixels)=1436
Result Image Height (pixels)=740
Pixel Size (um)=30.00035
Reconstruction Angular Range (deg)=220.80
Use 180+=OFF
Angular Step (deg)=0.2000
Smoothing=0
Ring Artifact Correction=0
Draw Scales=OFF
Object Bigger than FOV=OFF
Reconstruction from ROI=ON
ROI Top (pixels)=1162
ROI Bottom (pixels)=421
ROI Left (pixels)=34
ROI Right (pixels)=1473
ROI reference length=1536
Filter cutoff relative to Nyquist frequency=100
Filter type=0
Filter type description=Hamming (Alpha=0.54)
Undersampling factor=1
Threshold for defect pixel mask (%)=0
Beam Hardening Correction (%)=0
CS Static Rotation (deg)=-73.05
CS Static Rotation Total(deg)=-73.05
Minimum for CS to Image Conversion=0.000000
Maximum for CS to Image Conversion=0.109660
HU Calibration=OFF
BMP LUT=0
Cone-beam Angle Horiz.(deg)=40.246750
Cone-beam Angle Vert.(deg)=26.108887
Sub-Scan 0 ends at slice=875
Sub-Scan 1 ends at slice=1578
Automatic Matching In Z=50
Automatic Matching In X/Y=0
Automatic Matching In Rotation=0.000000
Automatic Fusion=1
Automatic Heel Effect Correction=0
[File name convention]
Filename Index Length=8
Filename Prefix=10794_rec
