[System]
Scanner=SkyScan2214
Instrument S/N=20C18017
Software Version=1.8
Home Directory=C:\SkyScan2214\SkyScan2214 User Software
Source Type=Hamamatsu L10711
Camera Type=FlatPanel: 2...50um, 140mm max.FOV
Camera Pixel Size (um)=74.800
Camera X/Y Ratio=1.0030
[User]
User Name=Skyscan4
Computer Name=ANAMIC05
[Acquisition]
Data Directory=D:\Results\EAWAG\IG96\proj_pj
Filename Prefix=IG96
Number Of Files= 2205
Number Of Rows= 1944
Number Of Columns= 3072
Filename Index Length=8
Partial Width=OFF
Image crop origin X=0
Image crop origin Y=0
Camera binning=1x1
Image Rotation=0.19000
Optical Axis (line)= 1003
Object to Source (mm)=25.149
Camera to Source (mm)=313.563
Source Voltage (kV)=  60
Source Current (uA)= 140
Source Target Power (W)=2.11
Image Pixel Size (um)=5.999331
Scaled Image Pixel Size (um)=5.999331
Image Format=TIFF
Depth (bits)=16
Reference Intensity=58000
Exposure (ms)=1831
Rotation Step (deg)=0.100
Use 360 Rotation=NO
High Aspect Ratio=NO
Scanning position=43.902 mm
Frame Averaging=OFF (3)
Flat Field Correction=ON
FF updating interval=315
Random Movement=OFF (40)
Filter=No Filter
Gantry direction=CW
Rotation Direction=CW
Intrinsic CS rotation in degree=0.0
Type of Detector Motion=STEP AND SHOOT
Scanning Trajectory=ROUND
Source Filament Type=W
Source spot size=Mid
Suggested HU - Calibration=180000
Number Of Horizontal Offset Positions=1
Study Date and Time=08 Sep 2022  16h:10m:15s
Estimated Scan duration=2h:36m:19s
Scan duration=3h:5m:24s
Maximum vertical TS=0.0
Maximum horizontal TS=1.0
TS modified at=September08,16:15:21 ---  2205 of 2205 projections
TS modified according to=D:\Results\EAWAG\IG96\proj_pj\IG96_2DTransform.csv
TS modified at level=3
[Reconstruction]
Reconstruction Program=NRecon
Program Version=Version: 2.1.0.1
Program Home Directory=C:\SkyScan2214\SkyScan2214 User Software
Reconstruction engine=GPUReconServer
Engine version=Version: 2.1.0
Reconstruction from batch=Yes
Postalignment Applied=1
Postalignment=23.00
Reconstructed using oversize-option=No
Reconstruction servers= ANAMIC05 
Dataset Origin=SkyScan2214
Dataset Prefix=IG96
Dataset Directory=D:\Results\EAWAG\IG96\proj_pj
Output Directory=D:\Results\EAWAG\IG96\rec_pj
Time and Date=08 Sep 2022  16h:45m:27s
First Section=2
Last Section=1942
Reconstruction duration per slice (seconds)=0.184956
Total reconstruction time (1941 slices) in seconds=359.000000
Heel Effect Correction On=0
Section to Section Step=1
Sections Count=1941
Result File Type=PNG
Result File Header Length (bytes)=Unknown: compressed JPG format (100%)
Result Image Width (pixels)=2872
Result Image Height (pixels)=1436
Pixel Size (um)=5.99933
Reconstruction Angular Range (deg)=220.50
Use 180+=OFF
Angular Step (deg)=0.1000
Smoothing=0
Ring Artifact Correction=0
Draw Scales=OFF
Object Bigger than FOV=OFF
Reconstruction from ROI=ON
ROI Top (pixels)=2338
ROI Bottom (pixels)=901
ROI Left (pixels)=168
ROI Right (pixels)=3043
ROI reference length=3072
Filter cutoff relative to Nyquist frequency=100
Filter type=0
Filter type description=Hamming (Alpha=0.54)
Undersampling factor=1
Threshold for defect pixel mask (%)=0
Beam Hardening Correction (%)=0
CS Static Rotation (deg)=28.34
CS Static Rotation Total(deg)=28.34
Minimum for CS to Image Conversion=0.000000
Maximum for CS to Image Conversion=0.120589
HU Calibration=OFF
BMP LUT=0
Cone-beam Angle Horiz.(deg)=40.247192
Cone-beam Angle Vert.(deg)=26.109188
[File name convention]
Filename Index Length=8
Filename Prefix=IG96_rec
