[System]
Scanner=SkyScan2214
Instrument S/N=20C18017
Software Version=1.8
Home Directory=C:\SkyScan2214\SkyScan2214 User Software
Source Type=Hamamatsu L10711
Camera Type=FlatPanel: 2...50um, 140mm max.FOV
Camera Pixel Size (um)=74.800
Camera X/Y Ratio=1.0030
[User]
User Name=Skyscan4
Computer Name=ANAMIC05
[Acquisition]
Data Directory=D:\Results\EAWAG\11447\proj_oj
Filename Prefix=11447
Number Of Files= 2205
Number Of Rows= 1944
Number Of Columns= 3072
Filename Index Length=8
Partial Width=OFF
Image crop origin X=0
Image crop origin Y=0
Camera binning=1x1
Image Rotation=0.19000
Optical Axis (line)= 1003
Object to Source (mm)=27.499
Camera to Source (mm)=313.563
Source Voltage (kV)=  70
Source Current (uA)= 140
Source Target Power (W)=5.27
Image Pixel Size (um)=6.559801
Scaled Image Pixel Size (um)=6.559801
Image Format=TIFF
Depth (bits)=16
Reference Intensity=58000
Exposure (ms)=655
Rotation Step (deg)=0.100
Use 360 Rotation=NO
High Aspect Ratio=NO
Scanning position=27.221 mm
Frame Averaging=OFF (3)
Flat Field Correction=ON
FF updating interval=315
Random Movement=OFF (40)
Filter=No Filter
Gantry direction=CW
Rotation Direction=CW
Intrinsic CS rotation in degree=0.0
Type of Detector Motion=STEP AND SHOOT
Scanning Trajectory=ROUND
Source Filament Type=W
Source spot size=Large
Suggested HU - Calibration=180000
Number Of Horizontal Offset Positions=1
Study Date and Time=10 Mar 2022  10h:55m:57s
Estimated Scan duration=1h:50m:8s
Scan duration=1h:38m:57s
Maximum vertical TS=4.0
Maximum horizontal TS=1.0
TS modified at=March10,14:40:03 ---  2205 of 2205 projections
TS modified according to=D:\Results\EAWAG\11447\proj_oj\11447_2DTransform.csv
TS modified at level=3
[Reconstruction]
Reconstruction Program=NRecon
Program Version=Version: 2.1.0.1
Program Home Directory=C:\SkyScan2214\SkyScan2214 User Software
Reconstruction engine=GPUReconServer
Engine version=Version: 2.1.0
Reconstruction from batch=Yes
Postalignment Applied=1
Postalignment=19.50
Reconstructed using oversize-option=No
Reconstruction servers= ANAMIC05 
Dataset Origin=SkyScan2214
Dataset Prefix=11447
Dataset Directory=D:\Results\EAWAG\11447\proj_oj
Output Directory=D:\Results\EAWAG\11447\rec_oj
Time and Date=10 Mar 2022  17h:20m:09s
First Section=450
Last Section=1942
Reconstruction duration per slice (seconds)=0.160080
Total reconstruction time (1493 slices) in seconds=239.000000
Heel Effect Correction On=0
Section to Section Step=1
Sections Count=1493
Result File Type=PNG
Result File Header Length (bytes)=Unknown: compressed JPG format (100%)
Result Image Width (pixels)=2396
Result Image Height (pixels)=1364
Pixel Size (um)=6.55980
Reconstruction Angular Range (deg)=220.50
Use 180+=OFF
Angular Step (deg)=0.1000
Smoothing=0
Ring Artifact Correction=0
Draw Scales=OFF
Object Bigger than FOV=OFF
Reconstruction from ROI=ON
ROI Top (pixels)=2372
ROI Bottom (pixels)=1007
ROI Left (pixels)=328
ROI Right (pixels)=2725
ROI reference length=3072
Filter cutoff relative to Nyquist frequency=100
Filter type=0
Filter type description=Hamming (Alpha=0.54)
Undersampling factor=1
Threshold for defect pixel mask (%)=0
Beam Hardening Correction (%)=0
CS Static Rotation (deg)=128.00
CS Static Rotation Total(deg)=128.00
Minimum for CS to Image Conversion=0.000000
Maximum for CS to Image Conversion=0.190130
HU Calibration=OFF
BMP LUT=0
Cone-beam Angle Horiz.(deg)=40.246483
Cone-beam Angle Vert.(deg)=26.108702
[File name convention]
Filename Index Length=8
Filename Prefix=11447_rec
