[System]
Scanner=SkyScan2214
Instrument S/N=20C18017
Software Version=1.8
Home Directory=C:\SkyScan2214\SkyScan2214 User Software
Source Type=Hamamatsu L10711
Camera Type=FlatPanel: 2...50um, 140mm max.FOV
Camera Pixel Size (um)=74.800
Camera X/Y Ratio=1.0030
[User]
User Name=Skyscan4
Computer Name=ANAMIC05
[Acquisition]
Data Directory=D:\Results\EAWAG\11053\proj
Filename Prefix=11053_~00
Number Of Files= 1104
Number Of Rows= 1944
Number Of Columns= 2802
Filename Index Length=8
Partial Width=OFF
Image crop origin X=0
Image crop origin Y=0
Camera binning=1x1
Image Rotation=0.18000
Optical Axis (line)= 1003
Object to Source (mm)=28.502
Camera to Source (mm)=313.563
Source Voltage (kV)=  70
Source Current (uA)= 140
Source Target Power (W)=6.20
Image Pixel Size (um)=6.799137
Scaled Image Pixel Size (um)=6.799137
Image Format=TIFF
Depth (bits)=16
Reference Intensity=58000
Exposure (ms)=600
Rotation Step (deg)=0.200
Use 360 Rotation=NO
High Aspect Ratio=NO
Scanning position=35.253 mm
Frame Averaging=OFF (3)
Flat Field Correction=ON
FF updating interval=158
Random Movement=OFF (40)
Filter=No Filter
Gantry direction=CW
Rotation Direction=CW
Intrinsic CS rotation in degree=0.0
Type of Detector Motion=STEP AND SHOOT
Scanning Trajectory=ROUND
Number of connected scans=3
Current scan number=1
Number of lines to be reconstructed=1338
Source Filament Type=W
Source spot size=Large
Suggested HU - Calibration=180000
Number Of Horizontal Offset Positions=1
Study Date and Time=18 Jun 2021  10h:47m:06s
Estimated Scan duration=2h:42m:9s
Scan duration=0h:47m:31s
Maximum vertical TS=5.0
[Reconstruction]
Reconstruction Program=NRecon
Program Version=Version: 2.1.0.1
Program Home Directory=C:\SkyScan2214\SkyScan2214 User Software
Reconstruction engine=GPUReconServer
Engine version=Version: 2.1.0
Reconstruction from batch=Yes
Postalignment Applied=1
Reconstructed using oversize-option=No
Connected Reconstruction (parts)=3
Oversize-option Bitmap=9
Sub-scan post alignment [0]=-46.500000
Sub-scan post alignment [1]=-56.500000
Sub-scan post alignment [2]=-65.500000
Sub-scan scan length [0]=1338
Sub-scan scan length [1]=1341
Sub-scan scan length [2]=1338
Used extra rotation per scan(deg)= 0.000  0.136  0.148 
Used extra shift in X per scan(micron)= 0.000  25.320  47.963 
Used extra shift in Y per scan(micron)= 0.000  -35.857  -46.317 
Reconstruction servers= ANAMIC05 
Dataset Origin=SkyScan2214
Dataset Prefix=11053~02
Dataset Directory=D:\Results\EAWAG\11053\proj
Output Directory=D:\Results\EAWAG\11053\rec
Time and Date=03 May 2022  19h:38m:07s
First Section=429
Last Section=4618
Reconstruction duration per slice (seconds)=0.161876
Total reconstruction time (4244 slices) in seconds=687.000000
Heel Effect Correction On=0
Section to Section Step=1
Sections Count=4190
Result File Type=PNG
Result File Header Length (bytes)=Unknown: compressed JPG format (100%)
Result Image Width (pixels)=2800
Result Image Height (pixels)=2800
Pixel Size (um)=6.79914
Reconstruction Angular Range (deg)=220.80
Use 180+=OFF
Angular Step (deg)=0.2000
Smoothing=0
Ring Artifact Correction=0
Draw Scales=OFF
Object Bigger than FOV=OFF
Reconstruction from ROI=OFF
Filter cutoff relative to Nyquist frequency=100
Filter type=0
Filter type description=Hamming (Alpha=0.54)
Undersampling factor=1
Threshold for defect pixel mask (%)=0
Beam Hardening Correction (%)=0
CS Static Rotation (deg)=260.00
CS Static Rotation Total(deg)=260.00
Minimum for CS to Image Conversion=0.000000
Maximum for CS to Image Conversion=0.152513
HU Calibration=OFF
BMP LUT=0
Cone-beam Angle Horiz.(deg)=36.960060
Cone-beam Angle Vert.(deg)=26.108976
Sub-Scan 0 ends at slice=1650
Sub-Scan 1 ends at slice=2989
Sub-Scan 2 ends at slice=4324
Automatic Matching In Z=50
Automatic Matching In X/Y=0
Automatic Matching In Rotation=0.000000
Automatic Fusion=1
Automatic Heel Effect Correction=0
[File name convention]
Filename Index Length=8
Filename Prefix=11053_rec
