[System]
Scanner=SkyScan1272
Instrument S/N=15G09089-B
Software Version=1.1.19
Home Directory=C:\SkyScan1272\SkyScan1272
Source Type=HAMAMATSU_L11871_20
Camera Type=XIMEA xiRAY16
Camera Pixel Size (um)=7.4
Camera X/Y Ratio=1.0023
[User]
User Name=haberthu
Computer Name=ANAMIC02
[Acquisition]
Data Directory=D:\Results\EAWAG\21322\proj_mouth_5um
Filename Prefix=21322
Filename Index Length=8
Number Of Files=  322
Number Of Rows= 1640
Number Of Columns= 2452
Partial Width=OFF
Image crop origin X=0
Image crop origin Y=0
Camera binning=2x2
Image Rotation=0.13600
Optical Axis (line)=  870
Camera to Source (mm)=174.07267
Object to Source (mm)=58.80850
Source Voltage (kV)=  70
Source Current (uA)= 142
Image Pixel Size (um)=5.000014
Scaled Image Pixel Size (um)=5.000014
Image Format=TIFF
Depth (bits)=16
Reference Intensity=57000
Camera position=close
Exposure (ms)=1162
Rotation Step (deg)=0.600
Use 360 Rotation=NO
Scanning position=24.627 mm
Frame Averaging=ON (3)
Random Movement=OFF (30)
Flat Field Correction=ON
Geometrical Correction=ON
Filter=Al 0.5mm
Gantry direction=CC
Rotation Direction=CC
Type of Detector Motion=STEP AND SHOOT
Scanning Trajectory=ROUND
Number Of Horizontal Offset Positions=1
Study Date and Time=28 Sep 2020  16h:12m:57s
Scan duration=0h:34m:11s
Maximum vertical TS=5.0
[Reconstruction]
Reconstruction Program=NRecon
Program Version=Version: 2.0.0.5
Program Home Directory=C:\SkyScan1272\SkyScan1272
Reconstruction engine=GPUReconServer
Engine version=Version: 2.0.0
Reconstruction from batch=Yes
Postalignment Applied=1
Postalignment=44.50
Reconstruction servers= ANAMIC02 
Dataset Origin=SkyScan1272
Dataset Prefix=21322
Dataset Directory=D:\Results\EAWAG\21322\jaw\proj_mouth_5um
Output Directory=D:\Results\EAWAG\21322\jaw\rec_mouth_5um
Time and Date=15 Apr 2021  20h:43m:34s
First Section=394
Last Section=1638
Reconstruction duration per slice (seconds)=0.134940
Total reconstruction time (1245 slices) in seconds=168.000000
Section to Section Step=1
Sections Count=1245
Result File Type=PNG
Result File Header Length (bytes)=Unknown: compressed JPG format (100%)
Result Image Width (pixels)=2376
Result Image Height (pixels)=1988
Pixel Size (um)=5.00001
Reconstruction Angular Range (deg)=193.20
Use 180+=OFF
Angular Step (deg)=0.6000
Smoothing=0
Ring Artifact Correction=19
Draw Scales=OFF
Object Bigger than FOV=OFF
Reconstruction from ROI=ON
ROI Top (pixels)=2429
ROI Bottom (pixels)=441
ROI Left (pixels)=62
ROI Right (pixels)=2438
ROI reference length=2452
Filter cutoff relative to Nyquist frequency=100
Filter type=0
Filter type description=Hamming (Alpha=0.54)
Undersampling factor=1
Threshold for defect pixel mask (%)=0
Beam Hardening Correction (%)=0
CS Static Rotation (deg)=221.53
CS Static Rotation Total(deg)=221.53
Minimum for CS to Image Conversion=0.000000
Maximum for CS to Image Conversion=0.220318
HU Calibration=OFF
BMP LUT=0
Cone-beam Angle Horiz.(deg)=11.901690
Cone-beam Angle Vert.(deg)=7.976189
[File name convention]
Filename Index Length=8
Filename Prefix=21322_rec
