[System]
Scanner=SkyScan2214
Instrument S/N=20C18017
Software Version=1.7
Home Directory=C:\SkyScan2214\SkyScan2214 User Software
Source Type=Hamamatsu L10711
Camera Type=FlatPanel: 2...50um, 140mm max.FOV
Camera Pixel Size (um)=74.800
Camera X/Y Ratio=1.0040
[User]
User Name=Skyscan4
Computer Name=ANAMIC05
[Acquisition]
Data Directory=D:\Results\EAWAG\10628\head_13um\proj
Filename Prefix=10628
Number Of Files= 1104
Number Of Rows= 1944
Number Of Columns= 3072
Filename Index Length=8
Partial Width=OFF
Image crop origin X=0
Image crop origin Y=0
Camera binning=1x1
Image Rotation=0.17000
Optical Axis (line)= 1003
Object to Source (mm)=55.002
Camera to Source (mm)=313.404
Source Voltage (kV)=  70
Source Current (uA)= 200
Source Target Power (W)=2.76
Image Pixel Size (um)=13.127366
Scaled Image Pixel Size (um)=13.127366
Image Format=TIFF
Depth (bits)=16
Reference Intensity=58000
Exposure (ms)=450
Rotation Step (deg)=0.200
Use 360 Rotation=NO
High Aspect Ratio=NO
Scanning position=7.239 mm
Frame Averaging=OFF (3)
Flat Field Correction=ON
FF updating interval=158
Random Movement=OFF (40)
Filter=No Filter
Gantry direction=CW
Rotation Direction=CW
Intrinsic CS rotation in degree=0.0
Type of Detector Motion=STEP AND SHOOT
Scanning Trajectory=ROUND
Source Filament Type=W
Source spot size=Mid
Suggested HU - Calibration=180000
Number Of Horizontal Offset Positions=1
Study Date and Time=10 Feb 2021  13h:36m:01s
Estimated Scan duration=0h:51m:2s
Scan duration=0h:43m:43s
Maximum vertical TS=0.0
Maximum horizontal TS=1.0
TS modified at=February12,14:17:09 ---  1104 of 1104 projections
TS modified according to=D:\Results\EAWAG\10628\head_13um\proj\10628_2DTransform.csv
TS modified at level=3
[Reconstruction]
Reconstruction Program=NRecon
Program Version=Version: 2.0.0.5
Program Home Directory=C:\SkyScan1272\SkyScan1272
Reconstruction engine=NReconServer
Engine version=Version: 2.0.0
Reconstruction from batch=Yes
Postalignment Applied=1
Postalignment=97.50
Reconstruction servers= ANAMIC02 
Reconstruction mode=Standard
Dataset Origin=SkyScan2214
Dataset Prefix=10628
Dataset Directory=D:\Results\EAWAG\10628\head_13um\proj
Output Directory=D:\Results\EAWAG\10628\head_13um\rec
Time and Date=14 Apr 2021  10h:00m:55s
First Section=42
Last Section=1921
Reconstruction duration per slice (seconds)=2.132447
Total reconstruction time (1880 slices) in seconds=4009.000000
Section to Section Step=1
Sections Count=1880
Result File Type=PNG
Result File Header Length (bytes)=Unknown: compressed JPG format (100%)
Result Image Width (pixels)=2944
Result Image Height (pixels)=1640
Pixel Size (um)=13.12737
Reconstruction Angular Range (deg)=220.80
Use 180+=OFF
Angular Step (deg)=0.2000
Smoothing=0
Ring Artifact Correction=0
Draw Scales=OFF
Object Bigger than FOV=OFF
Reconstruction from ROI=ON
ROI Top (pixels)=2192
ROI Bottom (pixels)=550
ROI Left (pixels)=102
ROI Right (pixels)=3049
ROI reference length=3072
Filter cutoff relative to Nyquist frequency=100
Filter type=0
Filter type description=Hamming (Alpha=0.54)
Undersampling factor=1
Threshold for defect pixel mask (%)=0
Beam Hardening Correction (%)=0
CS Static Rotation (deg)=-57.81
CS Static Rotation Total(deg)=-57.81
Minimum for CS to Image Conversion=0.000000
Maximum for CS to Image Conversion=0.057892
HU Calibration=OFF
BMP LUT=0
Cone-beam Angle Horiz.(deg)=40.265694
Cone-beam Angle Vert.(deg)=26.121790
