[System]
Scanner=SkyScan2214
Instrument S/N=20C18017
Software Version=1.8
Home Directory=C:\SkyScan2214\SkyScan2214 User Software
Source Type=Hamamatsu L10711
Camera Type=FlatPanel: 2...50um, 140mm max.FOV
Camera Pixel Size (um)=74.800
Camera X/Y Ratio=1.0030
[User]
User Name=Skyscan4
Computer Name=ANAMIC05
[Acquisition]
Data Directory=D:\Results\EAWAG\05975\head\proj
Filename Prefix=05975
Number Of Files= 2205
Number Of Rows= 1944
Number Of Columns= 2457
Filename Index Length=8
Partial Width= 80%
Image crop origin X=0
Image crop origin Y=0
Camera binning=1x1
Image Rotation=0.18000
Optical Axis (line)= 1003
Object to Source (mm)=104.797
Camera to Source (mm)=313.563
Source Voltage (kV)=  60
Source Current (uA)= 140
Source Target Power (W)=4.87
Image Pixel Size (um)=24.999263
Scaled Image Pixel Size (um)=24.999263
Image Format=TIFF
Depth (bits)=16
Reference Intensity=58000
Exposure (ms)=765
Rotation Step (deg)=0.100
Use 360 Rotation=NO
High Aspect Ratio=NO
Scanning position=33.117 mm
Frame Averaging=OFF (5)
Flat Field Correction=ON
FF updating interval=315
Random Movement=OFF (40)
Filter=No Filter
Gantry direction=CW
Rotation Direction=CW
Intrinsic CS rotation in degree=0.0
Type of Detector Motion=STEP AND SHOOT
Scanning Trajectory=ROUND
Source Filament Type=W
Source spot size=Large
Suggested HU - Calibration=180000
Number Of Horizontal Offset Positions=1
Study Date and Time=27 Apr 2023  11h:57m:50s
Estimated Scan duration=1h:54m:27s
Scan duration=1h:55m:19s
Maximum vertical TS=0.0
Maximum horizontal TS=0.0
TS modified at=April27,13:00:54 ---  2205 of 2205 projections
TS modified according to=D:\Results\EAWAG\05975\head\proj\05975_2DTransform.csv
TS modified at level=3
[Reconstruction]
Reconstruction Program=NRecon
Program Version=Version: 2.1.0.1
Program Home Directory=C:\SkyScan2214\SkyScan2214 User Software
Reconstruction engine=GPUReconServer
Engine version=Version: 2.1.0
Reconstruction from batch=Yes
Postalignment Applied=1
Postalignment=3.50
Reconstructed using oversize-option=No
Reconstruction servers= ANAMIC05 
Dataset Origin=SkyScan2214
Dataset Prefix=05975
Dataset Directory=D:\Results\EAWAG\05975\head\proj
Output Directory=D:\Results\EAWAG\05975\head\rec
Time and Date=27 Apr 2023  13h:29m:39s
First Section=74
Last Section=1942
Reconstruction duration per slice (seconds)=0.155163
Total reconstruction time (1869 slices) in seconds=290.000000
Heel Effect Correction On=0
Section to Section Step=1
Sections Count=1869
Result File Type=PNG
Result File Header Length (bytes)=Unknown: compressed JPG format (100%)
Result Image Width (pixels)=2260
Result Image Height (pixels)=1232
Pixel Size (um)=24.99926
Reconstruction Angular Range (deg)=220.50
Use 180+=OFF
Angular Step (deg)=0.1000
Smoothing=0
Ring Artifact Correction=0
Draw Scales=OFF
Object Bigger than FOV=OFF
Reconstruction from ROI=ON
ROI Top (pixels)=1889
ROI Bottom (pixels)=657
ROI Left (pixels)=138
ROI Right (pixels)=2399
ROI reference length=2457
Filter cutoff relative to Nyquist frequency=100
Filter type=0
Filter type description=Hamming (Alpha=0.54)
Undersampling factor=1
Threshold for defect pixel mask (%)=0
Beam Hardening Correction (%)=0
CS Static Rotation (deg)=-47.72
CS Static Rotation Total(deg)=-47.72
Minimum for CS to Image Conversion=0.000000
Maximum for CS to Image Conversion=0.127232
HU Calibration=OFF
BMP LUT=0
Cone-beam Angle Horiz.(deg)=32.667290
Cone-beam Angle Vert.(deg)=26.108973
