[System]
Scanner=SkyScan2214
Instrument S/N=20C18017
Software Version=1.8
Home Directory=C:\SkyScan2214\SkyScan2214 User Software
Source Type=Hamamatsu L10711
Camera Type=FlatPanel: 2...50um, 140mm max.FOV
Camera Pixel Size (um)=74.800
Camera X/Y Ratio=1.0030
[User]
User Name=Skyscan4
Computer Name=ANAMIC05
[Acquisition]
Data Directory=D:\Results\EAWAG\10576\proj
Filename Prefix=10576~01
Number Of Files= 1801
Number Of Rows= 1944
Number Of Columns= 3072
Filename Index Length=8
Partial Width=OFF
Image crop origin X=0
Image crop origin Y=0
Camera binning=1x1
Image Rotation=0.19000
Optical Axis (line)= 1003
Object to Source (mm)=36.001
Camera to Source (mm)=313.563
Source Voltage (kV)=  70
Source Current (uA)= 140
Source Target Power (W)=5.59
Image Pixel Size (um)=8.588096
Scaled Image Pixel Size (um)=8.588096
Image Format=TIFF
Depth (bits)=16
Reference Intensity=58000
Exposure (ms)=682
Rotation Step (deg)=0.200
Use 360 Rotation=YES
High Aspect Ratio=NO
Scanning position=50.627 mm
Frame Averaging=OFF (3)
Flat Field Correction=ON
FF updating interval=258
Random Movement=OFF (40)
Filter=No Filter
Gantry direction=CW
Rotation Direction=CW
Intrinsic CS rotation in degree=0.0
Type of Detector Motion=STEP AND SHOOT
Scanning Trajectory=ROUND
Number of connected scans=3
Current scan number=2
Number of lines to be reconstructed=1386
Source Filament Type=W
Source spot size=Large
Suggested HU - Calibration=180000
Number Of Horizontal Offset Positions=1
Study Date and Time=05 Jul 2021  12h:30m:17s
Estimated Scan duration=4h:15m:12s
Scan duration=1h:21m:47s
Maximum vertical TS=1.0
Maximum horizontal TS=1.0
TS modified at=July06,10:23:49 ---  1801 of 1801 projections
TS modified according to=D:\Results\EAWAG\10576\proj\10576~01_2DTransform.csv
TS modified at level=4
Extra Image Shift In X suggested (micron)=-7.411560
Extra Image Shift In Y suggested (micron)=-0.154702
Extra CS Rotation suggested (deg)=0.036695
[Reconstruction]
Pseudo-parallel projection calculated=1
