[System]
Scanner=SkyScan2214
Instrument S/N=20C18017
Software Version=1.8
Home Directory=C:\SkyScan2214\SkyScan2214 User Software
Source Type=Hamamatsu L10711
Camera Type=FlatPanel: 2...50um, 140mm max.FOV
Camera Pixel Size (um)=74.800
Camera X/Y Ratio=1.0030
[User]
User Name=Skyscan4
Computer Name=ANAMIC05
[Acquisition]
Data Directory=D:\Results\EAWAG\JU22\proj
Filename Prefix=JU22~00
Number Of Files= 1104
Number Of Rows= 1944
Number Of Columns= 3072
Filename Index Length=8
Partial Width=OFF
Image crop origin X=0
Image crop origin Y=0
Camera binning=1x1
Image Rotation=0.18000
Optical Axis (line)= 1003
Object to Source (mm)=37.500
Camera to Source (mm)=313.563
Source Voltage (kV)=  70
Source Current (uA)= 140
Source Target Power (W)=5.33
Image Pixel Size (um)=8.945585
Scaled Image Pixel Size (um)=8.945585
Image Format=TIFF
Depth (bits)=16
Reference Intensity=58000
Exposure (ms)=747
Rotation Step (deg)=0.200
Use 360 Rotation=NO
High Aspect Ratio=NO
Scanning position=40.849 mm
Frame Averaging=OFF (3)
Flat Field Correction=ON
FF updating interval=158
Random Movement=OFF (40)
Filter=No Filter
Gantry direction=CW
Rotation Direction=CW
Intrinsic CS rotation in degree=0.0
Type of Detector Motion=STEP AND SHOOT
Scanning Trajectory=ROUND
Number of connected scans=3
Current scan number=1
Number of lines to be reconstructed=1541
Source Filament Type=W
Source spot size=Large
Suggested HU - Calibration=180000
Number Of Horizontal Offset Positions=1
Study Date and Time=15 Jul 2021  10h:30m:18s
Estimated Scan duration=2h:50m:48s
Scan duration=1h:1m:30s
Maximum vertical TS=5.0
[Reconstruction]
Reconstruction Program=NRecon
Program Version=Version: 2.0.0.5
Program Home Directory=C:\SkyScan2214\SkyScan2214 User Software
Reconstruction engine=GPUReconServer
Engine version=Version: 2.0.0
Reconstruction from batch=Yes
Postalignment Applied=1
Connected Reconstruction (parts)=3
Sub-scan post alignment [0]=130.500000
Sub-scan post alignment [1]=122.500000
Sub-scan post alignment [2]=109.000000
Sub-scan scan length [0]=1546
Sub-scan scan length [1]=1548
Sub-scan scan length [2]=1541
Used extra rotation per scan(deg)= 0.000  0.122  0.122 
Used extra shift in X per scan(micron)= 0.000  -18.132  -22.577 
Used extra shift in Y per scan(micron)= 0.000  34.509  -5.867 
Reconstruction servers= ANAMIC05 
Dataset Origin=SkyScan2214
Dataset Prefix=JU22~02
Dataset Directory=D:\Results\EAWAG\JU22\proj
Output Directory=D:\Results\EAWAG\JU22\rec
Time and Date=16 Jul 2021  10h:02m:30s
First Section=345
Last Section=5024
Reconstruction duration per slice (seconds)=0.307916
Total reconstruction time (3095 slices) in seconds=953.000000
Section to Section Step=1
Sections Count=4680
Result File Type=PNG
Result File Header Length (bytes)=Unknown: compressed JPG format (100%)
Result Image Width (pixels)=2888
Result Image Height (pixels)=2316
Pixel Size (um)=8.94559
Reconstruction Angular Range (deg)=220.80
Use 180+=OFF
Angular Step (deg)=0.2000
Smoothing=0
Ring Artifact Correction=0
Draw Scales=OFF
Object Bigger than FOV=OFF
Reconstruction from ROI=ON
ROI Top (pixels)=2513
ROI Bottom (pixels)=195
ROI Left (pixels)=115
ROI Right (pixels)=3003
ROI reference length=3072
Filter cutoff relative to Nyquist frequency=100
Filter type=0
Filter type description=Hamming (Alpha=0.54)
Undersampling factor=1
Threshold for defect pixel mask (%)=0
Beam Hardening Correction (%)=0
CS Static Rotation (deg)=-25.16
CS Static Rotation Total(deg)=-25.16
Minimum for CS to Image Conversion=0.000000
Maximum for CS to Image Conversion=0.123702
HU Calibration=OFF
BMP LUT=0
Cone-beam Angle Horiz.(deg)=40.246799
Cone-beam Angle Vert.(deg)=26.108917
Sub-Scan 0 ends at slice=1755
Sub-Scan 1 ends at slice=3302
Sub-Scan 2 ends at slice=4714
Automatic matching in Z=50
Automatic matching in X/Y=50
Automatic matching in rotation=5.000000
Automatic fusion=1
[File name convention]
Filename Index Length=8
Filename Prefix=JU22_rec
