[System]
Scanner=SkyScan2214
Instrument S/N=20C18017
Software Version=1.8
Home Directory=C:\SkyScan2214\SkyScan2214 User Software
Source Type=Hamamatsu L10711
Camera Type=FlatPanel: 2...50um, 140mm max.FOV
Camera Pixel Size (um)=74.800
Camera X/Y Ratio=1.0030
[User]
User Name=Skyscan4
Computer Name=ANAMIC05
[Acquisition]
Data Directory=D:\Results\EAWAG\109188\head\proj
Filename Prefix=109188~00
Number Of Files= 1104
Number Of Rows=  972
Number Of Columns= 1536
Filename Index Length=8
Partial Width=OFF
Image crop origin X=0
Image crop origin Y=0
Camera binning=2x2
Image Rotation=0.18000
Optical Axis (line)=  501
Object to Source (mm)=52.397
Camera to Source (mm)=313.563
Source Voltage (kV)=  70
Source Current (uA)= 140
Source Target Power (W)=4.76
Image Pixel Size (um)=24.998536
Scaled Image Pixel Size (um)=24.998536
Image Format=TIFF
Depth (bits)=16
Reference Intensity=58000
Exposure (ms)=801
Rotation Step (deg)=0.200
Use 360 Rotation=NO
High Aspect Ratio=NO
Scanning position=35.072 mm
Frame Averaging=OFF (4)
Flat Field Correction=ON
FF updating interval=158
Random Movement=OFF (20)
Filter=No Filter
Gantry direction=CW
Rotation Direction=CW
Intrinsic CS rotation in degree=0.0
Type of Detector Motion=STEP AND SHOOT
Scanning Trajectory=ROUND
Number of connected scans=3
Current scan number=1
Number of lines to be reconstructed=738
Source Filament Type=W
Source spot size=Large
Suggested HU - Calibration=180000
Number Of Horizontal Offset Positions=1
Study Date and Time=23 Sep 2021  18h:56m:54s
Estimated Scan duration=2h:46m:39s
Scan duration=0h:39m:55s
Maximum vertical TS=5.0
[Reconstruction]
Reconstruction Program=NRecon
Program Version=Version: 2.1.0.1
Program Home Directory=C:\SkyScan2214\SkyScan2214 User Software
Reconstruction engine=GPUReconServer
Engine version=Version: 2.1.0
Reconstruction from batch=Yes
Postalignment Applied=1
Reconstructed using oversize-option=No
Connected Reconstruction (parts)=3
Oversize-option Bitmap=15
Sub-scan post alignment [0]=47.000000
Sub-scan post alignment [1]=42.000000
Sub-scan post alignment [2]=38.500000
Sub-scan scan length [0]=738
Sub-scan scan length [1]=740
Sub-scan scan length [2]=738
Used extra rotation per scan(deg)= 0.000  0.000  0.110 
Used extra shift in X per scan(micron)= 0.000  -19.210  -31.110 
Used extra shift in Y per scan(micron)= 0.000  15.931  36.590 
Reconstruction servers= ANAMIC05 
Dataset Origin=SkyScan2214
Dataset Prefix=109188~02
Dataset Directory=D:\Results\EAWAG\109188\head\proj
Output Directory=D:\Results\EAWAG\109188\head\rec
Time and Date=24 Sep 2021  09h:56m:19s
First Section=235
Last Section=2285
Reconstruction duration per slice (seconds)=0.121704
Total reconstruction time (1479 slices) in seconds=180.000000
Heel Effect Correction On=0
Section to Section Step=1
Sections Count=2051
Result File Type=PNG
Result File Header Length (bytes)=Unknown: compressed JPG format (100%)
Result Image Width (pixels)=1404
Result Image Height (pixels)=712
Pixel Size (um)=24.99854
Reconstruction Angular Range (deg)=220.80
Use 180+=OFF
Angular Step (deg)=0.2000
Smoothing=0
Ring Artifact Correction=0
Draw Scales=OFF
Object Bigger than FOV=OFF
Reconstruction from ROI=ON
ROI Top (pixels)=1225
ROI Bottom (pixels)=512
ROI Left (pixels)=52
ROI Right (pixels)=1458
ROI reference length=1536
Filter cutoff relative to Nyquist frequency=100
Filter type=0
Filter type description=Hamming (Alpha=0.54)
Undersampling factor=1
Threshold for defect pixel mask (%)=0
Beam Hardening Correction (%)=0
CS Static Rotation (deg)=204.70
CS Static Rotation Total(deg)=204.70
Minimum for CS to Image Conversion=0.000000
Maximum for CS to Image Conversion=0.066572
HU Calibration=OFF
BMP LUT=0
Cone-beam Angle Horiz.(deg)=40.246853
Cone-beam Angle Vert.(deg)=26.108957
