[System]
Scanner=SkyScan2214
Instrument S/N=20C18017
Software Version=1.8
Home Directory=C:\SkyScan2214\SkyScan2214 User Software
Source Type=Hamamatsu L10711
Camera Type=FlatPanel: 2...50um, 140mm max.FOV
Camera Pixel Size (um)=74.800
Camera X/Y Ratio=1.0030
[User]
User Name=Skyscan4
Computer Name=ANAMIC05
[Acquisition]
Data Directory=D:\Results\EAWAG\ZU12\proj
Filename Prefix=ZU12~02
Number Of Files= 1801
Number Of Rows= 1944
Number Of Columns= 3072
Filename Index Length=8
Partial Width=OFF
Image crop origin X=0
Image crop origin Y=0
Camera binning=1x1
Image Rotation=0.18000
Optical Axis (line)= 1003
Object to Source (mm)=37.729
Camera to Source (mm)=313.563
Source Voltage (kV)=  70
Source Current (uA)= 140
Source Target Power (W)=4.42
Image Pixel Size (um)=9.000117
Scaled Image Pixel Size (um)=9.000117
Image Format=TIFF
Depth (bits)=16
Reference Intensity=58000
Exposure (ms)=873
Rotation Step (deg)=0.200
Use 360 Rotation=YES
High Aspect Ratio=NO
Scanning position=77.227 mm
Frame Averaging=OFF (4)
Flat Field Correction=ON
FF updating interval=258
Random Movement=OFF (40)
Filter=No Filter
Gantry direction=CW
Rotation Direction=CW
Intrinsic CS rotation in degree=0.0
Type of Detector Motion=STEP AND SHOOT
Scanning Trajectory=ROUND
Number of connected scans=3
Current scan number=3
Number of lines to be reconstructed=1456
Source Filament Type=W
Source spot size=Large
Suggested HU - Calibration=180000
Number Of Horizontal Offset Positions=1
Study Date and Time=20 Sep 2021  14h:24m:09s
Estimated Scan duration=4h:32m:24s
Scan duration=1h:33m:8s
Maximum vertical TS=0.0
Maximum horizontal TS=1.0
TS modified at=September20,15:31:11 ---  1801 of 1801 projections
TS modified according to=D:\Results\EAWAG\ZU12\proj\ZU12~02_2DTransform.csv
TS modified at level=3
Extra Image Shift In X suggested (micron)=1.955859
Extra Image Shift In Y suggested (micron)=16.704737
Extra CS Rotation suggested (deg)=0.251943
[Reconstruction]
Pseudo-parallel projection calculated=1
