[System]
Scanner=SkyScan1272
Instrument S/N=15G09089-B
Software Version=1.1.19
Home Directory=C:\SkyScan1272\SkyScan1272
Source Type=HAMAMATSU_L11871_20
Camera Type=XIMEA xiRAY16
Camera Pixel Size (um)=7.4
Camera X/Y Ratio=1.0023
[User]
User Name=haberthu
Computer Name=ANAMIC02
[Acquisition]
Data Directory=D:\Results\EAWAG\106985\proj
Filename Prefix=106985_~00
Filename Index Length=8
Number Of Files=  974
Number Of Rows= 1640
Number Of Columns= 2452
Partial Width=OFF
Image crop origin X=0
Image crop origin Y=0
Camera binning=2x2
Image Rotation=0.13600
Optical Axis (line)=  894
Camera to Source (mm)=274.07267
Object to Source (mm)=92.61293
Source Voltage (kV)=  70
Source Current (uA)= 142
Image Pixel Size (um)=5.001124
Scaled Image Pixel Size (um)=5.001124
Image Format=TIFF
Depth (bits)=16
Reference Intensity=57000
Camera position=far
Exposure (ms)=2888
Rotation Step (deg)=0.200
Use 360 Rotation=NO
Scanning position=3.777 mm
Frame Averaging=ON (3)
Random Movement=OFF (30)
Flat Field Correction=ON
FF updating interval=104
Geometrical Correction=ON
Filter=Al 0.5mm
Gantry direction=CC
Rotation Direction=CC
Type of Detector Motion=STEP AND SHOOT
Scanning Trajectory=ROUND
Number Of Horizontal Offset Positions=2
Horizontal Overlap (pixel)=240
Number of connected scans=2
Current scan number=1
Number of lines to be reconstructed=1295
Study Date and Time=16 Nov 2020  16h:46m:51s
Scan duration=7h:1m:59s
Maximum vertical TS=5.0
[Reconstruction]
Pseudo-parallel projection calculated=1
