[System]
Scanner=SkyScan2214
Instrument S/N=20C18017
Software Version=1.8
Home Directory=C:\SkyScan2214\SkyScan2214 User Software
Source Type=Hamamatsu L10711
Camera Type=FlatPanel: 2...50um, 140mm max.FOV
Camera Pixel Size (um)=74.800
Camera X/Y Ratio=1.0030
[User]
User Name=Skyscan4
Computer Name=ANAMIC05
[Acquisition]
Data Directory=D:\Results\EAWAG\109209\proj
Filename Prefix=109209~00
Number Of Files= 1104
Number Of Rows= 1944
Number Of Columns= 2802
Filename Index Length=8
Partial Width=OFF
Image crop origin X=0
Image crop origin Y=0
Camera binning=1x1
Image Rotation=0.18000
Optical Axis (line)= 1003
Object to Source (mm)=28.502
Camera to Source (mm)=313.563
Source Voltage (kV)=  70
Source Current (uA)= 138
Source Target Power (W)=4.24
Image Pixel Size (um)=6.799137
Scaled Image Pixel Size (um)=6.799137
Image Format=TIFF
Depth (bits)=16
Reference Intensity=58000
Exposure (ms)=777
Rotation Step (deg)=0.200
Use 360 Rotation=NO
High Aspect Ratio=NO
Scanning position=30.559 mm
Frame Averaging=OFF (3)
Flat Field Correction=ON
FF updating interval=158
Random Movement=OFF (40)
Filter=No Filter
Gantry direction=CW
Rotation Direction=CW
Intrinsic CS rotation in degree=0.0
Type of Detector Motion=STEP AND SHOOT
Scanning Trajectory=ROUND
Number of connected scans=3
Current scan number=1
Number of lines to be reconstructed=1365
Source Filament Type=W
Source spot size=Mid
Suggested HU - Calibration=180000
Number Of Horizontal Offset Positions=1
Study Date and Time=22 Jun 2021  13h:24m:26s
Estimated Scan duration=2h:52m:36s
Scan duration=0h:52m:56s
Maximum vertical TS=5.0
[Reconstruction]
Reconstruction Program=NRecon
Program Version=Version: 2.0.0.5
Program Home Directory=C:\SkyScan2214\SkyScan2214 User Software
Reconstruction engine=GPUReconServer
Engine version=Version: 2.0.0
Reconstruction from batch=Yes
Postalignment Applied=1
Connected Reconstruction (parts)=3
Sub-scan post alignment [0]=-51.500000
Sub-scan post alignment [1]=-57.500000
Sub-scan post alignment [2]=-70.000000
Sub-scan scan length [0]=1365
Sub-scan scan length [1]=1369
Sub-scan scan length [2]=1365
Used extra rotation per scan(deg)= 0.000  0.105  0.116 
Used extra shift in X per scan(micron)= 0.000  -50.834  -88.136 
Used extra shift in Y per scan(micron)= 0.000  17.680  -26.363 
Reconstruction servers= ANAMIC05 
Dataset Origin=SkyScan2214
Dataset Prefix=109209~02
Dataset Directory=D:\Results\EAWAG\109209\proj
Output Directory=D:\Results\EAWAG\109209\rec
Time and Date=22 Jun 2021  17h:36m:24s
First Section=430
Last Section=4375
Reconstruction duration per slice (seconds)=0.302742
Total reconstruction time (2735 slices) in seconds=828.000000
Section to Section Step=1
Sections Count=3946
Result File Type=PNG
Result File Header Length (bytes)=Unknown: compressed JPG format (100%)
Result Image Width (pixels)=2780
Result Image Height (pixels)=2064
Pixel Size (um)=6.79914
Reconstruction Angular Range (deg)=220.80
Use 180+=OFF
Angular Step (deg)=0.2000
Smoothing=0
Ring Artifact Correction=0
Draw Scales=OFF
Object Bigger than FOV=OFF
Reconstruction from ROI=ON
ROI Top (pixels)=2487
ROI Bottom (pixels)=423
ROI Left (pixels)=12
ROI Right (pixels)=2792
ROI reference length=2802
Filter cutoff relative to Nyquist frequency=100
Filter type=0
Filter type description=Hamming (Alpha=0.54)
Undersampling factor=1
Threshold for defect pixel mask (%)=0
Beam Hardening Correction (%)=0
CS Static Rotation (deg)=0.00
CS Static Rotation Total(deg)=0.00
Minimum for CS to Image Conversion=0.000000
Maximum for CS to Image Conversion=0.111487
HU Calibration=OFF
BMP LUT=0
Cone-beam Angle Horiz.(deg)=36.960060
Cone-beam Angle Vert.(deg)=26.108976
