[System]
Scanner=SkyScan1272
Instrument S/N=15G09089-B
Software Version=1.1.19
Home Directory=C:\SkyScan1272\SkyScan1272
Source Type=HAMAMATSU_L11871_20
Camera Type=XIMEA xiRAY16
Camera Pixel Size (um)=7.4
Camera X/Y Ratio=1.0023
[User]
User Name=haberthu
Computer Name=ANAMIC02
[Acquisition]
Data Directory=D:\Results\EAWAG\KC31\proj
Filename Prefix=KC31
Filename Index Length=8
Number Of Files= 1895
Number Of Rows= 3280
Number Of Columns= 4904
Partial Width=OFF
Image crop origin X=0
Image crop origin Y=0
Camera binning=1x1
Image Rotation=-0.08200
Optical Axis (line)= 1766
Camera to Source (mm)=224.07267
Object to Source (mm)=151.40100
Source Voltage (kV)=  70
Source Current (uA)= 142
Image Pixel Size (um)=5.000018
Scaled Image Pixel Size (um)=5.000018
Image Format=TIFF
Depth (bits)=16
Reference Intensity=57000
Camera position=mid
Exposure (ms)=3254
Rotation Step (deg)=0.100
Use 360 Rotation=NO
Scanning position=5.256 mm
Frame Averaging=ON (3)
Random Movement=OFF (30)
Flat Field Correction=ON
FF updating interval=189
Geometrical Correction=ON
Filter=Al 0.5mm
Gantry direction=CC
Rotation Direction=CC
Type of Detector Motion=STEP AND SHOOT
Scanning Trajectory=ROUND
Number Of Horizontal Offset Positions=1
Study Date and Time=29 Jan 2021  00h:39m:37s
Scan duration=7h:58m:39s
Maximum vertical TS=0.0
Maximum horizontal TS=0.0
TS modified at=January29,09:12:35 ---  1895 of 1895 projections
TS modified according to=D:\Results\EAWAG\KC31\proj\KC31_TS.csv
TS modified at level=2
[Reconstruction]
Reconstruction Program=NRecon
Program Version=Version: 2.0.0.5
Program Home Directory=C:\SkyScan1272\SkyScan1272
Reconstruction engine=GPUReconServer
Engine version=Version: 2.0.0
Reconstruction from batch=Yes
Postalignment Applied=1
Postalignment=17.00
Reconstruction servers= ANAMIC02 
Dataset Origin=SkyScan1272
Dataset Prefix=KC31
Dataset Directory=D:\Results\EAWAG\KC31\jaw\proj
Output Directory=D:\Results\EAWAG\KC31\jaw\rec
Time and Date=20 Apr 2021  19h:45m:28s
First Section=142
Last Section=3278
Reconstruction duration per slice (seconds)=1.313357
Total reconstruction time (3137 slices) in seconds=4120.000000
Section to Section Step=1
Sections Count=3137
Result File Type=PNG
Result File Header Length (bytes)=Unknown: compressed JPG format (100%)
Result Image Width (pixels)=3828
Result Image Height (pixels)=2032
Pixel Size (um)=5.00002
Reconstruction Angular Range (deg)=189.50
Use 180+=OFF
Angular Step (deg)=0.1000
Smoothing=0
Ring Artifact Correction=14
Draw Scales=OFF
Object Bigger than FOV=OFF
Reconstruction from ROI=ON
ROI Top (pixels)=3185
ROI Bottom (pixels)=1150
ROI Left (pixels)=587
ROI Right (pixels)=4418
ROI reference length=4904
Filter cutoff relative to Nyquist frequency=100
Filter type=0
Filter type description=Hamming (Alpha=0.54)
Undersampling factor=1
Threshold for defect pixel mask (%)=0
Beam Hardening Correction (%)=10
CS Static Rotation (deg)=169.00
CS Static Rotation Total(deg)=169.00
Minimum for CS to Image Conversion=0.000000
Maximum for CS to Image Conversion=0.193475
HU Calibration=OFF
BMP LUT=0
Cone-beam Angle Horiz.(deg)=9.259112
Cone-beam Angle Vert.(deg)=6.200336
[File name convention]
Filename Index Length=8
Filename Prefix=KC31_rec
