[System]
Scanner=SkyScan1272
Instrument S/N=15G09089-B
Software Version=1.1.19
Home Directory=C:\SkyScan1272\SkyScan1272
Source Type=HAMAMATSU_L11871_20
Camera Type=XIMEA xiRAY16
Camera Pixel Size (um)=7.4
Camera X/Y Ratio=1.0023
[User]
User Name=haberthu
Computer Name=ANAMIC02
[Acquisition]
Data Directory=D:\Results\EAWAG\131282\jaw\proj
Filename Prefix=131282
Filename Index Length=8
Number Of Files=  962
Number Of Rows= 1640
Number Of Columns= 2452
Partial Width=OFF
Image crop origin X=0
Image crop origin Y=0
Camera binning=2x2
Image Rotation=-0.08200
Optical Axis (line)=  870
Camera to Source (mm)=174.07267
Object to Source (mm)=58.80850
Source Voltage (kV)=  60
Source Current (uA)= 166
Image Pixel Size (um)=5.000014
Scaled Image Pixel Size (um)=5.000014
Image Format=TIFF
Depth (bits)=16
Reference Intensity=57000
Camera position=close
Exposure (ms)=1500
Rotation Step (deg)=0.200
Use 360 Rotation=NO
Scanning position=6.240 mm
Frame Averaging=ON (3)
Random Movement=OFF (30)
Flat Field Correction=ON
FF updating interval=321
Geometrical Correction=ON
Filter=Al 0.25mm
Gantry direction=CC
Rotation Direction=CC
Type of Detector Motion=STEP AND SHOOT
Scanning Trajectory=ROUND
Number Of Horizontal Offset Positions=1
Study Date and Time=05 Feb 2021  11h:39m:26s
Scan duration=1h:57m:24s
Maximum vertical TS=1.0
Maximum horizontal TS=6.0
TS modified at=February05,12:09:53 ---  962 of 962 projections
TS modified according to=D:\Results\EAWAG\131282\jaw\proj\131282_TS.csv
TS modified at level=2
[Reconstruction]
Reconstruction Program=NRecon
Program Version=Version: 2.0.0.5
Program Home Directory=C:\SkyScan1272\SkyScan1272
Reconstruction engine=GPUReconServer
Engine version=Version: 2.0.0
Reconstruction from batch=Yes
Postalignment Applied=1
Postalignment=16.00
Reconstruction servers= ANAMIC02 
Dataset Origin=SkyScan1272
Dataset Prefix=131282
Dataset Directory=D:\Results\EAWAG\131282\jaw\proj
Output Directory=D:\Results\EAWAG\131282\jaw\rec
Time and Date=15 Apr 2021  20h:51m:36s
First Section=224
Last Section=1638
Reconstruction duration per slice (seconds)=0.337809
Total reconstruction time (1415 slices) in seconds=478.000000
Section to Section Step=1
Sections Count=1415
Result File Type=PNG
Result File Header Length (bytes)=Unknown: compressed JPG format (100%)
Result Image Width (pixels)=2376
Result Image Height (pixels)=1988
Pixel Size (um)=5.00001
Reconstruction Angular Range (deg)=192.40
Use 180+=OFF
Angular Step (deg)=0.2000
Smoothing=0
Ring Artifact Correction=14
Draw Scales=OFF
Object Bigger than FOV=OFF
Reconstruction from ROI=ON
ROI Top (pixels)=2274
ROI Bottom (pixels)=286
ROI Left (pixels)=47
ROI Right (pixels)=2423
ROI reference length=2452
Filter cutoff relative to Nyquist frequency=100
Filter type=0
Filter type description=Hamming (Alpha=0.54)
Undersampling factor=1
Threshold for defect pixel mask (%)=0
Beam Hardening Correction (%)=10
CS Static Rotation (deg)=188.33
CS Static Rotation Total(deg)=188.33
Minimum for CS to Image Conversion=0.000000
Maximum for CS to Image Conversion=0.354030
HU Calibration=OFF
BMP LUT=0
Cone-beam Angle Horiz.(deg)=11.901690
Cone-beam Angle Vert.(deg)=7.976189
