[System]
Scanner=SkyScan2214
Instrument S/N=20C18017
Software Version=1.8
Home Directory=C:\SkyScan2214\SkyScan2214 User Software
Source Type=Hamamatsu L10711
Camera Type=FlatPanel: 2...50um, 140mm max.FOV
Camera Pixel Size (um)=74.800
Camera X/Y Ratio=1.0030
[User]
User Name=Skyscan4
Computer Name=ANAMIC05
[Acquisition]
Data Directory=D:\Results\EAWAG\IG104\proj_head
Filename Prefix=IG104~00
Number Of Files= 1104
Number Of Rows=  972
Number Of Columns= 1536
Filename Index Length=8
Partial Width=OFF
Image crop origin X=0
Image crop origin Y=0
Camera binning=2x2
Image Rotation=0.18000
Optical Axis (line)=  501
Object to Source (mm)=48.206
Camera to Source (mm)=313.563
Source Voltage (kV)=  70
Source Current (uA)= 140
Source Target Power (W)=5.29
Image Pixel Size (um)=22.999021
Scaled Image Pixel Size (um)=22.999021
Image Format=TIFF
Depth (bits)=16
Reference Intensity=58000
Exposure (ms)=801
Rotation Step (deg)=0.200
Use 360 Rotation=NO
High Aspect Ratio=NO
Scanning position=48.401 mm
Frame Averaging=OFF (4)
Flat Field Correction=ON
FF updating interval=158
Random Movement=OFF (20)
Filter=No Filter
Gantry direction=CW
Rotation Direction=CW
Intrinsic CS rotation in degree=0.0
Type of Detector Motion=STEP AND SHOOT
Scanning Trajectory=ROUND
Number of connected scans=3
Current scan number=1
Number of lines to be reconstructed=621
Source Filament Type=W
Source spot size=Large
Suggested HU - Calibration=180000
Number Of Horizontal Offset Positions=1
Study Date and Time=14 Oct 2021  10h:36m:56s
Estimated Scan duration=2h:46m:39s
Scan duration=0h:40m:0s
Maximum vertical TS=5.0
[Reconstruction]
Reconstruction Program=NRecon
Program Version=Version: 2.1.0.1
Program Home Directory=C:\SkyScan2214\SkyScan2214 User Software
Reconstruction engine=GPUReconServer
Engine version=Version: 2.1.0
Reconstruction from batch=Yes
Postalignment Applied=1
Reconstructed using oversize-option=No
Connected Reconstruction (parts)=3
Oversize-option Bitmap=15
Sub-scan post alignment [0]=52.000000
Sub-scan post alignment [1]=47.500000
Sub-scan post alignment [2]=43.500000
Sub-scan scan length [0]=621
Sub-scan scan length [1]=622
Sub-scan scan length [2]=621
Used extra rotation per scan(deg)= 0.000  0.087  0.161 
Used extra shift in X per scan(micron)= 0.000  5.456  14.732 
Used extra shift in Y per scan(micron)= 0.000  -19.312  -40.918 
Reconstruction servers= ANAMIC05 
Dataset Origin=SkyScan2214
Dataset Prefix=IG104~02
Dataset Directory=D:\Results\EAWAG\IG104\proj_head
Output Directory=D:\Results\EAWAG\IG104\rec_head
Time and Date=14 Oct 2021  15h:17m:10s
First Section=398
Last Section=2212
Reconstruction duration per slice (seconds)=0.139068
Total reconstruction time (1244 slices) in seconds=173.000000
Heel Effect Correction On=0
Section to Section Step=1
Sections Count=1815
Result File Type=PNG
Result File Header Length (bytes)=Unknown: compressed JPG format (100%)
Result Image Width (pixels)=1460
Result Image Height (pixels)=832
Pixel Size (um)=22.99902
Reconstruction Angular Range (deg)=220.80
Use 180+=OFF
Angular Step (deg)=0.2000
Smoothing=0
Ring Artifact Correction=0
Draw Scales=OFF
Object Bigger than FOV=OFF
Reconstruction from ROI=ON
ROI Top (pixels)=1182
ROI Bottom (pixels)=348
ROI Left (pixels)=56
ROI Right (pixels)=1516
ROI reference length=1536
Filter cutoff relative to Nyquist frequency=100
Filter type=0
Filter type description=Hamming (Alpha=0.54)
Undersampling factor=1
Threshold for defect pixel mask (%)=0
Beam Hardening Correction (%)=0
CS Static Rotation (deg)=-30.25
CS Static Rotation Total(deg)=-30.25
Minimum for CS to Image Conversion=0.000000
Maximum for CS to Image Conversion=0.114865
HU Calibration=OFF
BMP LUT=0
Cone-beam Angle Horiz.(deg)=40.246868
Cone-beam Angle Vert.(deg)=26.108963
Sub-Scan 0 ends at slice=801
Sub-Scan 1 ends at slice=1422
Sub-Scan 2 ends at slice=2052
Automatic Matching In Z=50
Automatic Matching In X/Y=50
Automatic Matching In Rotation=5.000000
Automatic Fusion=1
Automatic Heel Effect Correction=0
[File name convention]
Filename Index Length=8
Filename Prefix=IG104_rec
