[System]
Scanner=SkyScan2214
Instrument S/N=20C18017
Software Version=1.8
Home Directory=C:\SkyScan2214\SkyScan2214 User Software
Source Type=Hamamatsu L10711
Camera Type=FlatPanel: 2...50um, 140mm max.FOV
Camera Pixel Size (um)=74.800
Camera X/Y Ratio=1.0030
[User]
User Name=Skyscan4
Computer Name=ANAMIC05
[Acquisition]
Data Directory=D:\Results\EAWAG\10791\head\proj
Filename Prefix=10791~01
Number Of Files= 1104
Number Of Rows=  972
Number Of Columns= 1536
Filename Index Length=8
Partial Width=OFF
Image crop origin X=0
Image crop origin Y=0
Camera binning=2x2
Image Rotation=0.18000
Optical Axis (line)=  501
Object to Source (mm)=69.168
Camera to Source (mm)=313.563
Source Voltage (kV)=  70
Source Current (uA)= 140
Source Target Power (W)=6.78
Image Pixel Size (um)=32.999624
Scaled Image Pixel Size (um)=32.999624
Image Format=TIFF
Depth (bits)=16
Reference Intensity=58000
Exposure (ms)=563
Rotation Step (deg)=0.200
Use 360 Rotation=NO
High Aspect Ratio=NO
Scanning position=73.283 mm
Frame Averaging=OFF (5)
Flat Field Correction=ON
FF updating interval=158
Random Movement=OFF (20)
Filter=No Filter
Gantry direction=CW
Rotation Direction=CW
Intrinsic CS rotation in degree=0.0
Type of Detector Motion=STEP AND SHOOT
Scanning Trajectory=ROUND
Number of connected scans=2
Current scan number=2
Number of lines to be reconstructed=747
Source Filament Type=W
Source spot size=Large
Suggested HU - Calibration=180000
Number Of Horizontal Offset Positions=1
Study Date and Time=09 Dec 2021  11h:45m:08s
Estimated Scan duration=1h:49m:14s
Scan duration=0h:32m:37s
TS modified at=December09,16:46:08 ---  1104 of 1104 projections
TS modified according to=D:\Results\EAWAG\10791\head\proj\10791~01_2DTransform.csv
TS modified at level=3
Maximum vertical TS=0.0
Maximum horizontal TS=0.0
[Reconstruction]
Pseudo-parallel projection calculated=1
