[System]
Scanner=SkyScan1272
Instrument S/N=15G09089-B
Software Version=1.4
Home Directory=C:\SkyScan1272\SkyScan1272
Source Type=HAMAMATSU_L11871_20
Camera Type=XIMEA xiRAY16
Camera Pixel Size (um)=7.4
Camera X/Y Ratio=1.0023
[User]
User Name=haberthu
Computer Name=ANAMIC02
[Acquisition]
Data Directory=D:\Results\EAWAG\IG94\proj
Filename Prefix=IG94~00
Filename Index Length=8
Number Of Files= 1921
Number Of Rows= 3280
Number Of Columns= 4904
Partial Width=OFF
Image crop origin X=0
Image crop origin Y=0
Camera binning=1x1
Image Rotation=-0.08200
Optical Axis (line)= 1740
Camera to Source (mm)=174.07267
Object to Source (mm)=94.09350
Source Voltage (kV)=  60
Source Current (uA)= 166
Image Pixel Size (um)=4.000007
Scaled Image Pixel Size (um)=4.000007
Image Format=TIFF
Depth (bits)=16
Reference Intensity=57000
Camera position=Close
Exposure (ms)=1783
Rotation Step (deg)=0.100
Use 360 Rotation=NO
Scanning position=11.136 mm
Frame Averaging=ON (3)
Random Movement=OFF (30)
Flat Field Correction=ON
FF updating interval=275
Geometrical Correction=ON
Filter=Al 0.25mm
Gantry direction=CC
Rotation Direction=CC
Type of Detector Motion=STEP AND SHOOT
Scanning Trajectory=ROUND
Beam position=-85
Skip extra frame=On
Source spot size=Small
Number Of Horizontal Offset Positions=1
Number of connected scans=2
Current scan number=1
Number of lines to be reconstructed=2559
Study Date and Time=29 Nov 2021  20h:27m:08s
Scan duration=4h:54m:24s
Maximum vertical TS=2.0
Maximum horizontal TS=3.0
TS modified at=December07,14:58:22 ---  1921 of 1921 projections
TS modified according to=D:\Results\EAWAG\IG94\proj\IG94~00_TS.csv
TS modified at level=2
[Reconstruction]
Pseudo-parallel projection calculated=1
