[System]
Scanner=SkyScan2214
Instrument S/N=20C18017
Software Version=1.8
Home Directory=C:\SkyScan2214\SkyScan2214 User Software
Source Type=Hamamatsu L10711
Camera Type=FlatPanel: 2...50um, 140mm max.FOV
Camera Pixel Size (um)=74.800
Camera X/Y Ratio=1.0030
[User]
User Name=Skyscan4
Computer Name=ANAMIC05
[Acquisition]
Data Directory=D:\Results\EAWAG\IG80\proj
Filename Prefix=IG80~00
Number Of Files= 1471
Number Of Rows= 1944
Number Of Columns= 3072
Filename Index Length=8
Partial Width=OFF
Image crop origin X=0
Image crop origin Y=0
Camera binning=1x1
Image Rotation=0.18000
Optical Axis (line)= 1003
Object to Source (mm)=32.001
Camera to Source (mm)=313.563
Source Voltage (kV)=  70
Source Current (uA)= 140
Source Target Power (W)=4.80
Image Pixel Size (um)=7.633783
Scaled Image Pixel Size (um)=7.633783
Image Format=TIFF
Depth (bits)=16
Reference Intensity=58000
Exposure (ms)=873
Rotation Step (deg)=0.150
Use 360 Rotation=NO
High Aspect Ratio=NO
Scanning position=39.176 mm
Frame Averaging=OFF (4)
Flat Field Correction=ON
FF updating interval=211
Random Movement=OFF (40)
Filter=No Filter
Gantry direction=CW
Rotation Direction=CW
Intrinsic CS rotation in degree=0.0
Type of Detector Motion=STEP AND SHOOT
Scanning Trajectory=ROUND
Number of connected scans=3
Current scan number=1
Number of lines to be reconstructed=1360
Source Filament Type=W
Source spot size=Large
Suggested HU - Calibration=180000
Number Of Horizontal Offset Positions=1
Study Date and Time=24 Sep 2021  12h:57m:45s
Estimated Scan duration=3h:57m:39s
Scan duration=1h:15m:49s
Maximum vertical TS=5.0
[Reconstruction]
Reconstruction Program=NRecon
Program Version=Version: 2.1.0.1
Program Home Directory=C:\SkyScan1272\SkyScan1272
Reconstruction engine=GPUReconServer
Engine version=Version: 2.1.0
Reconstruction from batch=Yes
Postalignment Applied=1
Reconstructed using oversize-option=No
Connected Reconstruction (parts)=3
Oversize-option Bitmap=15
Sub-scan post alignment [0]=145.000000
Sub-scan post alignment [1]=136.000000
Sub-scan post alignment [2]=128.500000
Sub-scan scan length [0]=1360
Sub-scan scan length [1]=1362
Sub-scan scan length [2]=1360
Used extra rotation per scan(deg)= 0.000  0.000  0.068 
Used extra shift in X per scan(micron)= 0.000  -3.576  -11.948 
Used extra shift in Y per scan(micron)= 0.000  -3.711  2.686 
Reconstruction servers= ANAMIC02 
Dataset Origin=SkyScan2214
Dataset Prefix=IG80~01
Dataset Directory=D:\Results\EAWAG\IG80\proj
Output Directory=D:\Results\EAWAG\IG80\rec_rereconstruct_OJ
Time and Date=21 Oct 2021  18h:28m:12s
First Section=375
Last Section=2155
Reconstruction duration per slice (seconds)=2.174137
Total reconstruction time (1361 slices) in seconds=2959.000000
Heel Effect Correction On=0
Section to Section Step=1
Sections Count=1781
Result File Type=PNG
Result File Header Length (bytes)=Unknown: compressed JPG format (100%)
Result Image Width (pixels)=2344
Result Image Height (pixels)=1432
Pixel Size (um)=7.63378
Reconstruction Angular Range (deg)=220.65
Use 180+=OFF
Angular Step (deg)=0.1500
Smoothing=0
Ring Artifact Correction=0
Draw Scales=OFF
Object Bigger than FOV=OFF
Reconstruction from ROI=ON
ROI Top (pixels)=2146
ROI Bottom (pixels)=712
ROI Left (pixels)=342
ROI Right (pixels)=2686
ROI reference length=3072
Filter cutoff relative to Nyquist frequency=100
Filter type=0
Filter type description=Hamming (Alpha=0.54)
Undersampling factor=1
Threshold for defect pixel mask (%)=0
Beam Hardening Correction (%)=0
CS Static Rotation (deg)=-20.91
CS Static Rotation Total(deg)=-20.91
Minimum for CS to Image Conversion=0.000000
Maximum for CS to Image Conversion=0.129824
HU Calibration=OFF
BMP LUT=0
Cone-beam Angle Horiz.(deg)=40.246693
Cone-beam Angle Vert.(deg)=26.108849
