[System]
Scanner=SkyScan2214
Instrument S/N=20C18017
Software Version=1.8
Home Directory=C:\SkyScan2214\SkyScan2214 User Software
Source Type=Hamamatsu L10711
Camera Type=FlatPanel: 2...50um, 140mm max.FOV
Camera Pixel Size (um)=74.800
Camera X/Y Ratio=1.0030
[User]
User Name=Skyscan4
Computer Name=ANAMIC05
[Acquisition]
Data Directory=D:\Results\EAWAG\11946\proj
Filename Prefix=11946~00
Number Of Files= 1104
Number Of Rows= 1944
Number Of Columns= 3070
Filename Index Length=8
Partial Width=OFF
Image crop origin X=0
Image crop origin Y=0
Camera binning=1x1
Image Rotation=0.21000
Optical Axis (line)= 1003
Object to Source (mm)=33.500
Camera to Source (mm)=313.563
Source Voltage (kV)=  70
Source Current (uA)= 140
Source Target Power (W)=3.84
Image Pixel Size (um)=7.991271
Scaled Image Pixel Size (um)=7.991271
Image Format=TIFF
Depth (bits)=16
Reference Intensity=58000
Exposure (ms)=743
Rotation Step (deg)=0.200
Use 360 Rotation=NO
High Aspect Ratio=NO
Scanning position=32.859 mm
Frame Averaging=OFF (3)
Flat Field Correction=ON
FF updating interval=158
Random Movement=OFF (40)
Filter=No Filter
Gantry direction=CW
Rotation Direction=CW
Intrinsic CS rotation in degree=0.0
Type of Detector Motion=STEP AND SHOOT
Scanning Trajectory=ROUND
Number of connected scans=4
Current scan number=1
Number of lines to be reconstructed=1176
Source Filament Type=W
Source spot size=Mid
Suggested HU - Calibration=180000
Number Of Horizontal Offset Positions=1
Study Date and Time=31 May 2021  10h:42m:36s
Estimated Scan duration=3h:47m:24s
Scan duration=0h:48m:21s
Maximum vertical TS=5.0
[Reconstruction]
Reconstruction Program=NRecon
Program Version=Version: 2.0.0.5
Program Home Directory=C:\SkyScan1272\SkyScan1272
Reconstruction engine=GPUReconServer
Engine version=Version: 2.0.0
Reconstruction from batch=Yes
Postalignment Applied=1
Connected Reconstruction (parts)=4
Sub-scan post alignment [0]=31.000000
Sub-scan post alignment [1]=22.500000
Sub-scan post alignment [2]=15.000000
Sub-scan post alignment [3]=8.000000
Sub-scan scan length [0]=1175
Sub-scan scan length [1]=1179
Sub-scan scan length [2]=1177
Sub-scan scan length [3]=1176
Used extra rotation per scan(deg)= 0.000  0.121  0.121  0.121 
Used extra shift in X per scan(micron)= 0.000  -26.027  -53.681  -65.802 
Used extra shift in Y per scan(micron)= 0.000  86.365  194.167  262.370 
Reconstruction servers= ANAMIC02 
Dataset Origin=SkyScan2214
Dataset Prefix=11946~03
Dataset Directory=D:\Results\EAWAG\11946\proj
Output Directory=D:\Results\EAWAG\11946\rec
Time and Date=04 Jun 2021  19h:33m:59s
First Section=344
Last Section=5470
Reconstruction duration per slice (seconds)=1.227350
Total reconstruction time (3532 slices) in seconds=4335.000000
Section to Section Step=1
Sections Count=5127
Result File Type=PNG
Result File Header Length (bytes)=Unknown: compressed JPG format (100%)
Result Image Width (pixels)=3004
Result Image Height (pixels)=2424
Pixel Size (um)=7.99127
Reconstruction Angular Range (deg)=220.80
Use 180+=OFF
Angular Step (deg)=0.2000
Smoothing=0
Ring Artifact Correction=0
Draw Scales=OFF
Object Bigger than FOV=OFF
Reconstruction from ROI=ON
ROI Top (pixels)=2692
ROI Bottom (pixels)=268
ROI Left (pixels)=17
ROI Right (pixels)=3022
ROI reference length=3070
Filter cutoff relative to Nyquist frequency=100
Filter type=0
Filter type description=Hamming (Alpha=0.54)
Undersampling factor=1
Threshold for defect pixel mask (%)=0
Beam Hardening Correction (%)=0
CS Static Rotation (deg)=262.80
CS Static Rotation Total(deg)=262.80
Minimum for CS to Image Conversion=0.000000
Maximum for CS to Image Conversion=0.136079
HU Calibration=OFF
BMP LUT=0
Cone-beam Angle Horiz.(deg)=40.222149
Cone-beam Angle Vert.(deg)=26.108547
Sub-Scan 0 ends at slice=1590
Sub-Scan 1 ends at slice=2767
Sub-Scan 2 ends at slice=3945
Sub-Scan 3 ends at slice=5151
Automatic matching in Z=50
Automatic matching in X/Y=50
Automatic matching in rotation=5.000000
Automatic fusion=1
[File name convention]
Filename Index Length=8
Filename Prefix=11946_rec
