[System]
Scanner=SkyScan2214
Instrument S/N=20C18017
Software Version=1.8
Home Directory=C:\SkyScan2214\SkyScan2214 User Software
Source Type=Hamamatsu L10711
Camera Type=FlatPanel: 2...50um, 140mm max.FOV
Camera Pixel Size (um)=74.800
Camera X/Y Ratio=1.0030
[User]
User Name=Skyscan4
Computer Name=ANAMIC05
[Acquisition]
Data Directory=D:\Results\EAWAG\106816\proj
Filename Prefix=106816~00
Number Of Files= 1104
Number Of Rows= 1944
Number Of Columns= 2802
Filename Index Length=8
Partial Width=OFF
Image crop origin X=0
Image crop origin Y=0
Camera binning=1x1
Image Rotation=0.18000
Optical Axis (line)= 1003
Object to Source (mm)=33.500
Camera to Source (mm)=313.563
Source Voltage (kV)=  70
Source Current (uA)= 140
Source Target Power (W)=3.72
Image Pixel Size (um)=7.991271
Scaled Image Pixel Size (um)=7.991271
Image Format=TIFF
Depth (bits)=16
Reference Intensity=58000
Exposure (ms)=666
Rotation Step (deg)=0.200
Use 360 Rotation=NO
High Aspect Ratio=NO
Scanning position=37.814 mm
Frame Averaging=OFF (3)
Flat Field Correction=ON
FF updating interval=158
Random Movement=OFF (40)
Filter=No Filter
Gantry direction=CW
Rotation Direction=CW
Intrinsic CS rotation in degree=0.0
Type of Detector Motion=STEP AND SHOOT
Scanning Trajectory=ROUND
Number of connected scans=3
Current scan number=1
Number of lines to be reconstructed=1232
Source Filament Type=W
Source spot size=Large
Suggested HU - Calibration=180000
Number Of Horizontal Offset Positions=1
Study Date and Time=21 Jun 2021  10h:25m:47s
Estimated Scan duration=2h:46m:3s
Scan duration=0h:53m:43s
Maximum vertical TS=5.0
[Reconstruction]
Reconstruction Program=NRecon
Program Version=Version: 2.0.0.5
Program Home Directory=C:\SkyScan1272\SkyScan1272
Reconstruction engine=GPUReconServer
Engine version=Version: 2.0.0
Reconstruction from batch=Yes
Postalignment Applied=1
Connected Reconstruction (parts)=3
Sub-scan post alignment [0]=-58.000000
Sub-scan post alignment [1]=-68.500000
Sub-scan post alignment [2]=-78.500000
Sub-scan scan length [0]=1232
Sub-scan scan length [1]=1234
Sub-scan scan length [2]=1232
Used extra rotation per scan(deg)= 0.000  0.011  0.032 
Used extra shift in X per scan(micron)= 0.000  11.700  30.233 
Used extra shift in Y per scan(micron)= 0.000  -20.567  -39.444 
Reconstruction servers= ANAMIC02 
Dataset Origin=SkyScan2214
Dataset Prefix=106816~02
Dataset Directory=D:\Results\EAWAG\106816\proj
Output Directory=D:\Results\EAWAG\106816\rec
Time and Date=28 Jun 2021  17h:29m:49s
First Section=317
Last Section=4406
Reconstruction duration per slice (seconds)=1.082286
Total reconstruction time (2467 slices) in seconds=2670.000000
Section to Section Step=1
Sections Count=4090
Result File Type=PNG
Result File Header Length (bytes)=Unknown: compressed JPG format (100%)
Result Image Width (pixels)=2780
Result Image Height (pixels)=2192
Pixel Size (um)=7.99127
Reconstruction Angular Range (deg)=220.80
Use 180+=OFF
Angular Step (deg)=0.2000
Smoothing=0
Ring Artifact Correction=0
Draw Scales=OFF
Object Bigger than FOV=OFF
Reconstruction from ROI=ON
ROI Top (pixels)=2544
ROI Bottom (pixels)=350
ROI Left (pixels)=12
ROI Right (pixels)=2792
ROI reference length=2802
Filter cutoff relative to Nyquist frequency=100
Filter type=0
Filter type description=Hamming (Alpha=0.54)
Undersampling factor=1
Threshold for defect pixel mask (%)=0
Beam Hardening Correction (%)=0
CS Static Rotation (deg)=-52.71
CS Static Rotation Total(deg)=-52.71
Minimum for CS to Image Conversion=0.000000
Maximum for CS to Image Conversion=0.117922
HU Calibration=OFF
BMP LUT=0
Cone-beam Angle Horiz.(deg)=36.959476
Cone-beam Angle Vert.(deg)=26.108547
