[System]
Scanner=SkyScan2214
Instrument S/N=20C18017
Software Version=1.8
Home Directory=C:\SkyScan2214\SkyScan2214 User Software
Source Type=Hamamatsu L10711
Camera Type=FlatPanel: 2...50um, 140mm max.FOV
Camera Pixel Size (um)=74.800
Camera X/Y Ratio=1.0030
[User]
User Name=Skyscan4
Computer Name=ANAMIC05
[Acquisition]
Data Directory=D:\Results\EAWAG\13269\proj
Filename Prefix=13269~02
Number Of Files= 1104
Number Of Rows= 1944
Number Of Columns= 3072
Filename Index Length=8
Partial Width=OFF
Image crop origin X=0
Image crop origin Y=0
Camera binning=1x1
Image Rotation=0.21000
Optical Axis (line)= 1003
Object to Source (mm)=37.310
Camera to Source (mm)=313.563
Source Voltage (kV)=  70
Source Current (uA)= 140
Source Target Power (W)=3.91
Image Pixel Size (um)=8.900142
Scaled Image Pixel Size (um)=8.900142
Image Format=TIFF
Depth (bits)=16
Reference Intensity=58000
Exposure (ms)=1101
Rotation Step (deg)=0.200
Use 360 Rotation=NO
High Aspect Ratio=NO
Scanning position=78.246 mm
Frame Averaging=OFF (4)
Flat Field Correction=ON
FF updating interval=158
Random Movement=OFF (40)
Filter=No Filter
Gantry direction=CW
Rotation Direction=CW
Intrinsic CS rotation in degree=0.0
Type of Detector Motion=STEP AND SHOOT
Scanning Trajectory=ROUND
Number of connected scans=3
Current scan number=3
Number of lines to be reconstructed=1189
Source Filament Type=W
Source spot size=Large
Suggested HU - Calibration=180000
Number Of Horizontal Offset Positions=1
Study Date and Time=02 Sep 2021  13h:16m:25s
Estimated Scan duration=3h:11m:39s
Scan duration=1h:5m:39s
Maximum vertical TS=1.0
Maximum horizontal TS=1.0
TS modified at=September02,13:50:07 ---  1104 of 1104 projections
TS modified according to=D:\Results\EAWAG\13269\proj\13269~02_2DTransform.csv
TS modified at level=3
Extra Image Shift In X suggested (micron)=10.900444
Extra Image Shift In Y suggested (micron)=-54.525963
Extra CS Rotation suggested (deg)=0.092641
[Reconstruction]
Pseudo-parallel projection calculated=1
