[System]
Scanner=SkyScan2214
Instrument S/N=20C18017
Software Version=1.8
Home Directory=C:\SkyScan2214\SkyScan2214 User Software
Source Type=Hamamatsu L10711
Camera Type=FlatPanel: 2...50um, 140mm max.FOV
Camera Pixel Size (um)=74.800
Camera X/Y Ratio=1.0030
[User]
User Name=Skyscan4
Computer Name=ANAMIC05
[Acquisition]
Data Directory=D:\Results\EAWAG\105105\proj
Filename Prefix=105105~00
Number Of Files= 1104
Number Of Rows= 1944
Number Of Columns= 3070
Filename Index Length=8
Partial Width=OFF
Image crop origin X=0
Image crop origin Y=0
Camera binning=1x1
Image Rotation=0.21000
Optical Axis (line)= 1003
Object to Source (mm)=44.999
Camera to Source (mm)=313.563
Source Voltage (kV)=  70
Source Current (uA)= 125
Source Target Power (W)=4.46
Image Pixel Size (um)=10.734545
Scaled Image Pixel Size (um)=10.734545
Image Format=TIFF
Depth (bits)=16
Reference Intensity=58000
Exposure (ms)=720
Rotation Step (deg)=0.200
Use 360 Rotation=NO
High Aspect Ratio=NO
Scanning position=0.000 mm
Frame Averaging=OFF (3)
Flat Field Correction=ON
FF updating interval=158
Random Movement=OFF (40)
Filter=No Filter
Gantry direction=CW
Rotation Direction=CW
Intrinsic CS rotation in degree=0.0
Type of Detector Motion=STEP AND SHOOT
Scanning Trajectory=ROUND
Number of connected scans=3
Current scan number=1
Number of lines to be reconstructed=1050
Source Filament Type=W
Source spot size=Large
Suggested HU - Calibration=180000
Number Of Horizontal Offset Positions=1
Study Date and Time=16 Apr 2021  11h:31m:09s
Estimated Scan duration=3h:22m:48s
Scan duration=0h:52m:39s
Maximum vertical TS=5.0
[Reconstruction]
Reconstruction Program=NRecon
Program Version=Version: 2.1.0.1
Program Home Directory=C:\SkyScan2214\SkyScan2214 User Software
Reconstruction engine=GPUReconServer
Engine version=Version: 2.1.0
Reconstruction from batch=Yes
Postalignment Applied=1
Reconstructed using oversize-option=No
Connected Reconstruction (parts)=3
Oversize-option Bitmap=9
Sub-scan post alignment [0]=10.500000
Sub-scan post alignment [1]=0.500000
Sub-scan post alignment [2]=-6.000000
Sub-scan scan length [0]=1007
Sub-scan scan length [1]=1055
Sub-scan scan length [2]=1050
Used extra rotation per scan(deg)= 0.000  0.206  0.546 
Used extra shift in X per scan(micron)= 0.000  -60.809  -89.823 
Used extra shift in Y per scan(micron)= 0.000  -189.682  -336.101 
Reconstruction servers= ANAMIC05 
Dataset Origin=SkyScan2214
Dataset Prefix=105105~02
Dataset Directory=D:\Results\EAWAG\105105\proj
Output Directory=D:\Results\EAWAG\105105\rec
Time and Date=03 May 2022  19h:26m:07s
First Section=305
Last Section=3995
Reconstruction duration per slice (seconds)=0.404266
Total reconstruction time (2063 slices) in seconds=834.000000
Heel Effect Correction On=0
Section to Section Step=1
Sections Count=3691
Result File Type=PNG
Result File Header Length (bytes)=Unknown: compressed JPG format (100%)
Result Image Width (pixels)=2420
Result Image Height (pixels)=1384
Pixel Size (um)=10.73454
Reconstruction Angular Range (deg)=220.80
Use 180+=OFF
Angular Step (deg)=0.2000
Smoothing=0
Ring Artifact Correction=0
Draw Scales=OFF
Object Bigger than FOV=OFF
Reconstruction from ROI=ON
ROI Top (pixels)=2118
ROI Bottom (pixels)=732
ROI Left (pixels)=214
ROI Right (pixels)=2634
ROI reference length=3070
Filter cutoff relative to Nyquist frequency=100
Filter type=0
Filter type description=Hamming (Alpha=0.54)
Undersampling factor=1
Threshold for defect pixel mask (%)=0
Beam Hardening Correction (%)=0
CS Static Rotation (deg)=119.00
CS Static Rotation Total(deg)=119.00
Minimum for CS to Image Conversion=0.000000
Maximum for CS to Image Conversion=0.109487
HU Calibration=OFF
BMP LUT=0
Cone-beam Angle Horiz.(deg)=40.222977
Cone-beam Angle Vert.(deg)=26.109110
