[System]
Scanner=SkyScan2214
Instrument S/N=20C18017
Software Version=1.8
Home Directory=C:\SkyScan2214\SkyScan2214 User Software
Source Type=Hamamatsu L10711
Camera Type=FlatPanel: 2...50um, 140mm max.FOV
Camera Pixel Size (um)=74.800
Camera X/Y Ratio=1.0030
[User]
User Name=Skyscan4
Computer Name=ANAMIC05
[Acquisition]
Data Directory=D:\Results\EAWAG\22479\oj_proj
Filename Prefix=22479~00
Number Of Files= 2205
Number Of Rows= 1944
Number Of Columns= 3072
Filename Index Length=8
Partial Width=OFF
Image crop origin X=0
Image crop origin Y=0
Camera binning=1x1
Image Rotation=0.19000
Optical Axis (line)= 1003
Object to Source (mm)=33.538
Camera to Source (mm)=313.563
Source Voltage (kV)=  70
Source Current (uA)= 140
Source Target Power (W)=4.43
Image Pixel Size (um)=8.000360
Scaled Image Pixel Size (um)=8.000360
Image Format=TIFF
Depth (bits)=16
Reference Intensity=58000
Exposure (ms)=873
Rotation Step (deg)=0.100
Use 360 Rotation=NO
High Aspect Ratio=NO
Scanning position=24.605 mm
Frame Averaging=OFF (5)
Flat Field Correction=ON
FF updating interval=315
Random Movement=OFF (40)
Filter=No Filter
Gantry direction=CW
Rotation Direction=CW
Intrinsic CS rotation in degree=0.0
Type of Detector Motion=STEP AND SHOOT
Scanning Trajectory=ROUND
Source Filament Type=W
Source spot size=Large
Suggested HU - Calibration=180000
Number Of Horizontal Offset Positions=1
Study Date and Time=14 Feb 2022  12h:01m:26s
Estimated Scan duration=1h:58m:42s
Scan duration=1h:55m:8s
Maximum vertical TS=5.0
Maximum horizontal TS=8.0
TS modified at=February14,14:27:42 ---  2205 of 2205 projections
TS modified according to=D:\Results\EAWAG\22479\oj_proj\22479~00_2DTransform.csv
TS modified at level=3
[Reconstruction]
Reconstruction Program=NRecon
Program Version=Version: 2.1.0.1
Program Home Directory=C:\SkyScan2214\SkyScan2214 User Software
Reconstruction engine=GPUReconServer
Engine version=Version: 2.1.0
Reconstruction from batch=Yes
Postalignment Applied=1
Postalignment=10.00
Reconstructed using oversize-option=No
Reconstruction servers= ANAMIC05 
Dataset Origin=SkyScan2214
Dataset Prefix=22479~00
Dataset Directory=D:\Results\EAWAG\22479\oj_proj
Output Directory=D:\Results\EAWAG\22479\oj_rec
Time and Date=14 Feb 2022  14h:46m:45s
First Section=261
Last Section=1942
Reconstruction duration per slice (seconds)=0.164685
Total reconstruction time (1682 slices) in seconds=277.000000
Heel Effect Correction On=0
Section to Section Step=1
Sections Count=1682
Result File Type=PNG
Result File Header Length (bytes)=Unknown: compressed JPG format (100%)
Result Image Width (pixels)=2340
Result Image Height (pixels)=1456
Pixel Size (um)=8.00036
Reconstruction Angular Range (deg)=220.50
Use 180+=OFF
Angular Step (deg)=0.1000
Smoothing=0
Ring Artifact Correction=0
Draw Scales=OFF
Object Bigger than FOV=OFF
Reconstruction from ROI=ON
ROI Top (pixels)=2328
ROI Bottom (pixels)=872
ROI Left (pixels)=417
ROI Right (pixels)=2757
ROI reference length=3072
Filter cutoff relative to Nyquist frequency=100
Filter type=0
Filter type description=Hamming (Alpha=0.54)
Undersampling factor=1
Threshold for defect pixel mask (%)=0
Beam Hardening Correction (%)=0
CS Static Rotation (deg)=-43.46
CS Static Rotation Total(deg)=-43.46
Minimum for CS to Image Conversion=0.000000
Maximum for CS to Image Conversion=0.137646
HU Calibration=OFF
BMP LUT=0
Cone-beam Angle Horiz.(deg)=40.246365
Cone-beam Angle Vert.(deg)=26.108624
[File name convention]
Filename Index Length=8
Filename Prefix=22479_rec
