[System]
Scanner=SkyScan2214
Instrument S/N=20C18017
Software Version=1.8
Home Directory=C:\SkyScan2214\SkyScan2214 User Software
Source Type=Hamamatsu L10711
Camera Type=FlatPanel: 2...50um, 140mm max.FOV
Camera Pixel Size (um)=74.800
Camera X/Y Ratio=1.0030
[User]
User Name=Skyscan4
Computer Name=ANAMIC05
[Acquisition]
Data Directory=D:\Results\EAWAG\KAT13\head\proj
Filename Prefix=KAT13~00
Number Of Files= 1104
Number Of Rows=  972
Number Of Columns= 1536
Filename Index Length=8
Partial Width=OFF
Image crop origin X=0
Image crop origin Y=0
Camera binning=2x2
Image Rotation=0.19000
Optical Axis (line)=  501
Object to Source (mm)=27.251
Camera to Source (mm)=313.563
Source Voltage (kV)=  70
Source Current (uA)= 139
Source Target Power (W)=6.92
Image Pixel Size (um)=13.001449
Scaled Image Pixel Size (um)=13.001449
Image Format=TIFF
Depth (bits)=16
Reference Intensity=58000
Exposure (ms)=740
Rotation Step (deg)=0.200
Use 360 Rotation=NO
High Aspect Ratio=NO
Scanning position=14.547 mm
Frame Averaging=OFF (2)
Flat Field Correction=ON
FF updating interval=158
Random Movement=OFF (20)
Filter=No Filter
Gantry direction=CW
Rotation Direction=CW
Intrinsic CS rotation in degree=0.0
Type of Detector Motion=STEP AND SHOOT
Scanning Trajectory=ROUND
Number of connected scans=3
Current scan number=1
Number of lines to be reconstructed=634
Source Filament Type=W
Source spot size=Large
Suggested HU - Calibration=180000
Number Of Horizontal Offset Positions=1
Study Date and Time=25 Jan 2022  09h:44m:24s
Estimated Scan duration=2h:43m:3s
Scan duration=0h:39m:6s
Maximum vertical TS=5.0
[Reconstruction]
Reconstruction Program=NRecon
Program Version=Version: 2.1.0.1
Program Home Directory=C:\SkyScan2214\SkyScan2214 User Software
Reconstruction engine=GPUReconServer
Engine version=Version: 2.1.0
Reconstruction from batch=Yes
Postalignment Applied=1
Reconstructed using oversize-option=No
Connected Reconstruction (parts)=3
Oversize-option Bitmap=9
Sub-scan post alignment [0]=11.500000
Sub-scan post alignment [1]=7.000000
Sub-scan post alignment [2]=2.000000
Sub-scan scan length [0]=630
Sub-scan scan length [1]=631
Sub-scan scan length [2]=634
Reconstruction servers= ANAMIC05 
Dataset Origin=SkyScan2214
Dataset Prefix=KAT13~02
Dataset Directory=D:\Results\EAWAG\KAT13\head\proj
Output Directory=D:\Results\EAWAG\KAT13\head\rec
Time and Date=01 Feb 2022  18h:02m:15s
First Section=234
Last Section=2238
Reconstruction duration per slice (seconds)=0.059053
Total reconstruction time (2049 slices) in seconds=121.000000
Heel Effect Correction On=0
Section to Section Step=1
Sections Count=2005
Result File Type=PNG
Result File Header Length (bytes)=Unknown: compressed JPG format (100%)
Result Image Width (pixels)=1480
Result Image Height (pixels)=828
Pixel Size (um)=13.00145
Reconstruction Angular Range (deg)=220.80
Use 180+=OFF
Angular Step (deg)=0.2000
Smoothing=0
Ring Artifact Correction=0
Draw Scales=OFF
Object Bigger than FOV=OFF
Reconstruction from ROI=ON
ROI Top (pixels)=1141
ROI Bottom (pixels)=313
ROI Left (pixels)=39
ROI Right (pixels)=1520
ROI reference length=1536
Filter cutoff relative to Nyquist frequency=100
Filter type=0
Filter type description=Hamming (Alpha=0.54)
Undersampling factor=1
Threshold for defect pixel mask (%)=0
Beam Hardening Correction (%)=0
CS Static Rotation (deg)=122.67
CS Static Rotation Total(deg)=122.67
Minimum for CS to Image Conversion=0.000000
Maximum for CS to Image Conversion=0.135355
HU Calibration=OFF
BMP LUT=0
Cone-beam Angle Horiz.(deg)=40.246952
Cone-beam Angle Vert.(deg)=26.109026
Sub-Scan 0 ends at slice=805
Sub-Scan 1 ends at slice=1436
Sub-Scan 2 ends at slice=2070
Automatic Matching In Z=50
Automatic Matching In X/Y=0
Automatic Matching In Rotation=0.000000
Automatic Fusion=1
Automatic Heel Effect Correction=0
[File name convention]
Filename Index Length=8
Filename Prefix=KAT13_rec
