[System]
Scanner=SkyScan1272
Instrument S/N=15G09089-B
Software Version=1.1.19
Home Directory=C:\SkyScan1272\SkyScan1272
Source Type=HAMAMATSU_L11871_20
Camera Type=XIMEA xiRAY16
Camera Pixel Size (um)=7.4
Camera X/Y Ratio=1.0023
[User]
User Name=haberthu
Computer Name=ANAMIC02
[Acquisition]
Data Directory=D:\Results\EAWAG\103754
Filename Prefix=103754_
Filename Index Length=8
Number Of Files= 1895
Number Of Rows= 3280
Number Of Columns= 4904
Partial Width=OFF
Image crop origin X=0
Image crop origin Y=0
Camera binning=1x1
Image Rotation=0.13600
Optical Axis (line)= 1766
Camera to Source (mm)=224.07267
Object to Source (mm)=151.40100
Source Voltage (kV)=  70
Source Current (uA)= 142
Image Pixel Size (um)=5.000018
Scaled Image Pixel Size (um)=5.000018
Image Format=TIFF
Depth (bits)=16
Reference Intensity=57000
Camera position=mid
Exposure (ms)=3254
Rotation Step (deg)=0.100
Use 360 Rotation=NO
Scanning position=7.000 mm
Frame Averaging=ON (3)
Random Movement=OFF (30)
Flat Field Correction=ON
FF updating interval=189
Geometrical Correction=ON
Filter=Al 0.5mm
Gantry direction=CC
Rotation Direction=CC
Type of Detector Motion=STEP AND SHOOT
Scanning Trajectory=ROUND
Number Of Horizontal Offset Positions=1
Study Date and Time=20 Nov 2020  06h:25m:50s
Scan duration=8h:0m:9s
Maximum vertical TS=4.0
Maximum horizontal TS=4.0
TS modified at=November20,08:42:33 ---  1895 of 1895 projections
TS modified according to=D:\Results\EAWAG\103754\proj\103754__TS.csv
TS modified at level=2
[Reconstruction]
Reconstruction Program=NRecon
Program Version=Version: 2.0.0.5
Program Home Directory=C:\SkyScan1272\SkyScan1272
Reconstruction engine=GPUReconServer
Engine version=Version: 2.0.0
Reconstruction from batch=Yes
Postalignment Applied=1
Postalignment=-0.50
Reconstruction servers= ANAMIC02 
Dataset Origin=SkyScan1272
Dataset Prefix=103754_
Dataset Directory=D:\Results\EAWAG\103754\proj
Output Directory=D:\Results\EAWAG\103754\rec
Time and Date=15 Apr 2021  19h:30m:13s
First Section=142
Last Section=3278
Reconstruction duration per slice (seconds)=1.168314
Total reconstruction time (3137 slices) in seconds=3665.000000
Section to Section Step=1
Sections Count=3137
Result File Type=PNG
Result File Header Length (bytes)=Unknown: compressed JPG format (100%)
Result Image Width (pixels)=3312
Result Image Height (pixels)=2092
Pixel Size (um)=5.00002
Reconstruction Angular Range (deg)=189.50
Use 180+=OFF
Angular Step (deg)=0.1000
Smoothing=0
Ring Artifact Correction=14
Draw Scales=OFF
Object Bigger than FOV=OFF
Reconstruction from ROI=ON
ROI Top (pixels)=3456
ROI Bottom (pixels)=1364
ROI Left (pixels)=694
ROI Right (pixels)=4007
ROI reference length=4904
Filter cutoff relative to Nyquist frequency=100
Filter type=0
Filter type description=Hamming (Alpha=0.54)
Undersampling factor=1
Threshold for defect pixel mask (%)=0
Beam Hardening Correction (%)=0
CS Static Rotation (deg)=-53.98
CS Static Rotation Total(deg)=-53.98
Minimum for CS to Image Conversion=0.000000
Maximum for CS to Image Conversion=0.179707
HU Calibration=OFF
BMP LUT=0
Cone-beam Angle Horiz.(deg)=9.259112
Cone-beam Angle Vert.(deg)=6.200336
