[System]
Scanner=SkyScan2214
Instrument S/N=20C18017
Software Version=1.8
Home Directory=C:\SkyScan2214\SkyScan2214 User Software
Source Type=Hamamatsu L10711
Camera Type=FlatPanel: 2...50um, 140mm max.FOV
Camera Pixel Size (um)=74.800
Camera X/Y Ratio=1.0030
[User]
User Name=Skyscan4
Computer Name=ANAMIC05
[Acquisition]
Data Directory=D:\Results\EAWAG\104929\head\proj
Filename Prefix=104929~00
Number Of Files= 2205
Number Of Rows= 1944
Number Of Columns= 3072
Filename Index Length=8
Partial Width=OFF
Image crop origin X=0
Image crop origin Y=0
Camera binning=1x1
Image Rotation=0.18000
Optical Axis (line)= 1003
Object to Source (mm)=54.499
Camera to Source (mm)=313.563
Source Voltage (kV)=  70
Source Current (uA)= 145
Source Target Power (W)=5.26
Image Pixel Size (um)=13.000661
Scaled Image Pixel Size (um)=13.000661
Image Format=TIFF
Depth (bits)=16
Reference Intensity=58000
Exposure (ms)=736
Rotation Step (deg)=0.100
Use 360 Rotation=NO
High Aspect Ratio=NO
Scanning position=21.782 mm
Frame Averaging=OFF (3)
Flat Field Correction=ON
FF updating interval=315
Random Movement=OFF (40)
Filter=No Filter
Gantry direction=CW
Rotation Direction=CW
Intrinsic CS rotation in degree=0.0
Type of Detector Motion=STEP AND SHOOT
Scanning Trajectory=ROUND
Number of connected scans=2
Current scan number=1
Number of lines to be reconstructed=1519
Source Filament Type=W
Source spot size=Large
Suggested HU - Calibration=180000
Number Of Horizontal Offset Positions=1
Study Date and Time=01 Nov 2022  13h:23m:11s
Estimated Scan duration=3h:46m:46s
Scan duration=1h:49m:53s
Maximum vertical TS=3.0
Maximum horizontal TS=1.0
TS modified at=November01,15:26:49 ---  2205 of 2205 projections
TS modified according to=D:\Results\EAWAG\104929\head\proj\104929~00_2DTransform.csv
TS modified at level=3
[Reconstruction]
Pseudo-parallel projection calculated=1
