[System]
Scanner=SkyScan2214
Instrument S/N=20C18017
Software Version=1.7
Home Directory=C:\SkyScan2214\SkyScan2214 User Software
Source Type=Hamamatsu L10711
Camera Type=FlatPanel: 2...50um, 140mm max.FOV
Camera Pixel Size (um)=74.800
Camera X/Y Ratio=1.0040
[User]
User Name=Skyscan4
Computer Name=ANAMIC05
[Acquisition]
Data Directory=D:\Results\EAWAG\10628\head_18um\proj
Filename Prefix=10628
Number Of Files= 1104
Number Of Rows= 1944
Number Of Columns= 3072
Filename Index Length=8
Partial Width=OFF
Image crop origin X=0
Image crop origin Y=0
Camera binning=1x1
Image Rotation=0.17000
Optical Axis (line)= 1003
Object to Source (mm)=75.417
Camera to Source (mm)=313.404
Source Voltage (kV)=  70
Source Current (uA)= 200
Source Target Power (W)=2.76
Image Pixel Size (um)=17.999866
Scaled Image Pixel Size (um)=17.999866
Image Format=TIFF
Depth (bits)=16
Reference Intensity=58000
Exposure (ms)=450
Rotation Step (deg)=0.200
Use 360 Rotation=NO
High Aspect Ratio=NO
Scanning position=9.858 mm
Frame Averaging=ON (3)
Flat Field Correction=ON
FF updating interval=158
Random Movement=OFF (40)
Filter=No Filter
Gantry direction=CW
Rotation Direction=CW
Intrinsic CS rotation in degree=0.0
Type of Detector Motion=STEP AND SHOOT
Scanning Trajectory=ROUND
Source Filament Type=W
Source spot size=Mid
Suggested HU - Calibration=180000
Number Of Horizontal Offset Positions=1
Study Date and Time=10 Feb 2021  12h:47m:54s
Estimated Scan duration=2h:33m:8s
Scan duration=1h:11m:28s
Maximum vertical TS=1.0
Maximum horizontal TS=1.0
TS modified at=December02,10:56:50 ---  1104 of 1104 projections
TS modified according to=D:\Results\EAWAG\10628\head_18um\proj\10628_2DTransform.csv
TS modified at level=3
[Reconstruction]
Reconstruction Program=NRecon
Program Version=Version: 2.0.0.5
Program Home Directory=C:\SkyScan1272\SkyScan1272
Reconstruction engine=GPUReconServer
Engine version=Version: 2.0.0
Reconstruction from batch=Yes
Postalignment Applied=1
Postalignment=69.50
Reconstruction servers= ANAMIC02 
Dataset Origin=SkyScan2214
Dataset Prefix=10628
Dataset Directory=D:\Results\EAWAG\10628\head_18um\proj
Output Directory=D:\Results\EAWAG\10628\head_18um\rec
Time and Date=15 Apr 2021  21h:12m:00s
First Section=80
Last Section=1942
Reconstruction duration per slice (seconds)=0.327966
Total reconstruction time (1863 slices) in seconds=611.000000
Section to Section Step=1
Sections Count=1863
Result File Type=PNG
Result File Header Length (bytes)=Unknown: compressed JPG format (100%)
Result Image Width (pixels)=2660
Result Image Height (pixels)=1220
Pixel Size (um)=17.99987
Reconstruction Angular Range (deg)=220.80
Use 180+=OFF
Angular Step (deg)=0.2000
Smoothing=0
Ring Artifact Correction=0
Draw Scales=OFF
Object Bigger than FOV=OFF
Reconstruction from ROI=ON
ROI Top (pixels)=2022
ROI Bottom (pixels)=799
ROI Left (pixels)=122
ROI Right (pixels)=2784
ROI reference length=3072
Filter cutoff relative to Nyquist frequency=100
Filter type=0
Filter type description=Hamming (Alpha=0.54)
Undersampling factor=1
Threshold for defect pixel mask (%)=0
Beam Hardening Correction (%)=0
CS Static Rotation (deg)=-58.00
CS Static Rotation Total(deg)=-58.00
Minimum for CS to Image Conversion=0.000000
Maximum for CS to Image Conversion=0.048592
HU Calibration=OFF
BMP LUT=0
Cone-beam Angle Horiz.(deg)=40.265774
Cone-beam Angle Vert.(deg)=26.121843
Pseudo-parallel projection calculated=1
