[System]
Scanner=SkyScan2214
Instrument S/N=20C18017
Software Version=1.8
Home Directory=C:\SkyScan2214\SkyScan2214 User Software
Source Type=Hamamatsu L10711
Camera Type=FlatPanel: 2...50um, 140mm max.FOV
Camera Pixel Size (um)=74.800
Camera X/Y Ratio=1.0030
[User]
User Name=Skyscan4
Computer Name=ANAMIC05
[Acquisition]
Data Directory=D:\Results\EAWAG\109188\proj
Filename Prefix=109188~00
Number Of Files= 1104
Number Of Rows=  972
Number Of Columns= 1536
Filename Index Length=8
Partial Width=OFF
Image crop origin X=0
Image crop origin Y=0
Camera binning=2x2
Image Rotation=0.18000
Optical Axis (line)=  501
Object to Source (mm)=32.503
Camera to Source (mm)=313.563
Source Voltage (kV)=  70
Source Current (uA)= 140
Source Target Power (W)=4.70
Image Pixel Size (um)=15.506901
Scaled Image Pixel Size (um)=15.506901
Image Format=TIFF
Depth (bits)=16
Reference Intensity=58000
Exposure (ms)=801
Rotation Step (deg)=0.200
Use 360 Rotation=NO
High Aspect Ratio=NO
Scanning position=33.440 mm
Frame Averaging=OFF (4)
Flat Field Correction=ON
FF updating interval=158
Random Movement=OFF (20)
Filter=No Filter
Gantry direction=CW
Rotation Direction=CW
Intrinsic CS rotation in degree=0.0
Type of Detector Motion=STEP AND SHOOT
Scanning Trajectory=ROUND
Number of connected scans=3
Current scan number=1
Number of lines to be reconstructed=757
Source Filament Type=W
Source spot size=Large
Suggested HU - Calibration=180000
Number Of Horizontal Offset Positions=1
Study Date and Time=23 Sep 2021  16h:54m:01s
Estimated Scan duration=2h:46m:39s
Scan duration=0h:40m:7s
Maximum vertical TS=5.0
[Reconstruction]
Reconstruction Program=NRecon
Program Version=Version: 2.1.0.1
Program Home Directory=C:\SkyScan1272\SkyScan1272
Reconstruction engine=GPUReconServer
Engine version=Version: 2.1.0
Reconstruction from batch=Yes
Postalignment Applied=1
Reconstructed using oversize-option=No
Connected Reconstruction (parts)=3
Oversize-option Bitmap=15
Sub-scan post alignment [0]=70.000000
Sub-scan post alignment [1]=66.500000
Sub-scan post alignment [2]=60.500000
Sub-scan scan length [0]=756
Sub-scan scan length [1]=757
Sub-scan scan length [2]=757
Used extra rotation per scan(deg)= 0.000  0.000  0.011 
Used extra shift in X per scan(micron)= 0.000  -20.614  -15.514 
Used extra shift in Y per scan(micron)= 0.000  41.498  18.526 
Reconstruction servers= ANAMIC02 
Dataset Origin=SkyScan2214
Dataset Prefix=109188~02
Dataset Directory=D:\Results\EAWAG\109188\proj
Output Directory=D:\Results\EAWAG\109188\rec
Time and Date=02 Nov 2021  17h:34m:17s
First Section=172
Last Section=2484
Reconstruction duration per slice (seconds)=0.408851
Total reconstruction time (1514 slices) in seconds=619.000000
Heel Effect Correction On=0
Section to Section Step=1
Sections Count=2313
Result File Type=PNG
Result File Header Length (bytes)=Unknown: compressed JPG format (100%)
Result Image Width (pixels)=1536
Result Image Height (pixels)=1536
Pixel Size (um)=15.50690
Reconstruction Angular Range (deg)=220.80
Use 180+=OFF
Angular Step (deg)=0.2000
Smoothing=0
Ring Artifact Correction=0
Draw Scales=OFF
Object Bigger than FOV=OFF
Reconstruction from ROI=OFF
Filter cutoff relative to Nyquist frequency=100
Filter type=0
Filter type description=Hamming (Alpha=0.54)
Undersampling factor=1
Threshold for defect pixel mask (%)=0
Beam Hardening Correction (%)=0
CS Static Rotation (deg)=204.12
CS Static Rotation Total(deg)=204.12
Minimum for CS to Image Conversion=0.000000
Maximum for CS to Image Conversion=0.130399
HU Calibration=OFF
BMP LUT=0
Cone-beam Angle Horiz.(deg)=40.246296
Cone-beam Angle Vert.(deg)=26.108576
Sub-Scan 0 ends at slice=868
Sub-Scan 1 ends at slice=1625
Sub-Scan 2 ends at slice=2322
Automatic Matching In Z=50
Automatic Matching In X/Y=50
Automatic Matching In Rotation=5.000000
Automatic Fusion=1
Automatic Heel Effect Correction=0
[File name convention]
Filename Index Length=8
Filename Prefix=109188_rec
