[System]
Scanner=SkyScan2214
Instrument S/N=20C18017
Software Version=1.8
Home Directory=C:\SkyScan2214\SkyScan2214 User Software
Source Type=Hamamatsu L10711
Camera Type=FlatPanel: 2...50um, 140mm max.FOV
Camera Pixel Size (um)=74.800
Camera X/Y Ratio=1.0030
[User]
User Name=Skyscan4
Computer Name=ANAMIC05
[Acquisition]
Data Directory=D:\Results\EAWAG\105005_104015\proj
Filename Prefix=105005_104015~00
Number Of Files= 1104
Number Of Rows= 1944
Number Of Columns= 3070
Filename Index Length=8
Partial Width=OFF
Image crop origin X=0
Image crop origin Y=0
Camera binning=1x1
Image Rotation=0.21000
Optical Axis (line)= 1003
Object to Source (mm)=29.499
Camera to Source (mm)=313.563
Source Voltage (kV)=  70
Source Current (uA)= 140
Source Target Power (W)=3.65
Image Pixel Size (um)=7.036958
Scaled Image Pixel Size (um)=7.036958
Image Format=TIFF
Depth (bits)=16
Reference Intensity=58000
Exposure (ms)=1021
Rotation Step (deg)=0.200
Use 360 Rotation=NO
High Aspect Ratio=NO
Scanning position=31.989 mm
Frame Averaging=OFF (3)
Flat Field Correction=ON
FF updating interval=158
Random Movement=OFF (40)
Filter=No Filter
Gantry direction=CW
Rotation Direction=CW
Intrinsic CS rotation in degree=0.0
Type of Detector Motion=STEP AND SHOOT
Scanning Trajectory=ROUND
Number of connected scans=5
Current scan number=1
Number of lines to be reconstructed=1532
Source Filament Type=W
Source spot size=Mid
Suggested HU - Calibration=180000
Number Of Horizontal Offset Positions=1
Study Date and Time=17 May 2021  10h:21m:47s
Estimated Scan duration=5h:11m:35s
Scan duration=1h:2m:26s
Maximum vertical TS=5.0
[Reconstruction]
Reconstruction Program=NRecon
Program Version=Version: 2.0.0.5
Program Home Directory=C:\SkyScan2214\SkyScan2214 User Software
Reconstruction engine=GPUReconServer
Engine version=Version: 2.0.0
Reconstruction from batch=Yes
Postalignment Applied=1
Connected Reconstruction (parts)=5
Sub-scan post alignment [0]=46.000000
Sub-scan post alignment [1]=36.000000
Sub-scan post alignment [2]=25.500000
Sub-scan post alignment [3]=15.500000
Sub-scan post alignment [4]=6.000000
Sub-scan scan length [0]=1531
Sub-scan scan length [1]=1530
Sub-scan scan length [2]=1531
Sub-scan scan length [3]=1534
Sub-scan scan length [4]=1532
Used extra rotation per scan(deg)= 0.000  0.012  0.012  0.145  0.145 
Used extra shift in X per scan(micron)= 0.000  -4.821  -14.916  -33.379  -29.838 
Used extra shift in Y per scan(micron)= 0.000  4.133  6.909  -3.485  -34.998 
Reconstruction servers= ANAMIC05 
Dataset Origin=SkyScan2214
Dataset Prefix=105005_104015~04
Dataset Directory=D:\Results\EAWAG\105005_104015\proj
Output Directory=D:\Results\EAWAG\105005_104015\105005_rec
Time and Date=17 May 2021  19h:36m:43s
First Section=350
Last Section=8070
Reconstruction duration per slice (seconds)=0.257549
Total reconstruction time (6127 slices) in seconds=1578.000000
Section to Section Step=1
Sections Count=7721
Result File Type=PNG
Result File Header Length (bytes)=Unknown: compressed JPG format (100%)
Result Image Width (pixels)=2716
Result Image Height (pixels)=1924
Pixel Size (um)=7.03696
Reconstruction Angular Range (deg)=220.80
Use 180+=OFF
Angular Step (deg)=0.2000
Smoothing=0
Ring Artifact Correction=0
Draw Scales=OFF
Object Bigger than FOV=OFF
Reconstruction from ROI=ON
ROI Top (pixels)=2187
ROI Bottom (pixels)=263
ROI Left (pixels)=323
ROI Right (pixels)=3040
ROI reference length=3070
Filter cutoff relative to Nyquist frequency=100
Filter type=0
Filter type description=Hamming (Alpha=0.54)
Undersampling factor=1
Threshold for defect pixel mask (%)=0
Beam Hardening Correction (%)=0
CS Static Rotation (deg)=-39.71
CS Static Rotation Total(deg)=-39.71
Minimum for CS to Image Conversion=0.000000
Maximum for CS to Image Conversion=0.092197
HU Calibration=OFF
BMP LUT=0
Cone-beam Angle Horiz.(deg)=40.222710
Cone-beam Angle Vert.(deg)=26.108929
