[System]
Scanner=SkyScan1272
Instrument S/N=15G09089-B
Software Version=1.4
Home Directory=C:\SkyScan1272\SkyScan1272
Source Type=HAMAMATSU_L11871_20
Camera Type=XIMEA xiRAY16
Camera Pixel Size (um)=7.4
Camera X/Y Ratio=1.0023
[User]
User Name=haberthu
Computer Name=ANAMIC02
[Acquisition]
Data Directory=D:\Results\EAWAG\103926\proj
Filename Prefix=103926~00
Filename Index Length=8
Number Of Files= 1921
Number Of Rows= 3280
Number Of Columns= 4904
Partial Width=OFF
Image crop origin X=0
Image crop origin Y=0
Camera binning=1x1
Image Rotation=-0.08200
Optical Axis (line)= 1740
Camera to Source (mm)=174.07267
Object to Source (mm)=94.09350
Source Voltage (kV)=  60
Source Current (uA)= 166
Image Pixel Size (um)=4.000007
Scaled Image Pixel Size (um)=4.000007
Image Format=TIFF
Depth (bits)=16
Reference Intensity=57000
Camera position=Close
Exposure (ms)=1783
Rotation Step (deg)=0.100
Use 360 Rotation=NO
Scanning position=8.113 mm
Frame Averaging=ON (3)
Random Movement=OFF (30)
Flat Field Correction=ON
FF updating interval=275
Geometrical Correction=ON
Filter=Al 0.25mm
Gantry direction=CC
Rotation Direction=CC
Type of Detector Motion=STEP AND SHOOT
Scanning Trajectory=ROUND
Beam position=-85
Skip extra frame=On
Source spot size=Small
Number Of Horizontal Offset Positions=1
Number of connected scans=2
Current scan number=1
Number of lines to be reconstructed=2543
Study Date and Time=25 Nov 2021  14h:58m:01s
Scan duration=4h:54m:55s
Maximum vertical TS=5.0
[Reconstruction]
Reconstruction Program=NRecon
Program Version=Version: 2.1.0.1
Program Home Directory=C:\SkyScan2214\SkyScan2214 User Software
Reconstruction engine=GPUReconServer
Engine version=Version: 2.1.0
Reconstruction from batch=Yes
Postalignment Applied=1
Reconstructed using oversize-option=No
Connected Reconstruction (parts)=2
Oversize-option Bitmap=9
Sub-scan post alignment [0]=-23.500000
Sub-scan post alignment [1]=-27.000000
Sub-scan scan length [0]=2544
Sub-scan scan length [1]=2543
Used extra rotation per scan(deg)= 0.000  -0.192 
Used extra shift in X per scan(micron)= 0.000  -7.224 
Used extra shift in Y per scan(micron)= 0.000  -23.688 
Reconstruction servers= ANAMIC05 
Dataset Origin=SkyScan1272
Dataset Prefix=103926~01
Dataset Directory=D:\Results\EAWAG\103926\proj
Output Directory=D:\Results\EAWAG\103926\rec
Time and Date=26 Sep 2022  19h:56m:07s
First Section=360
Last Section=5822
Reconstruction duration per slice (seconds)=1.185855
Total reconstruction time (2545 slices) in seconds=3018.000000
Heel Effect Correction On=0
Section to Section Step=1
Sections Count=5463
Result File Type=PNG
Result File Header Length (bytes)=Unknown: compressed JPG format (100%)
Result Image Width (pixels)=4688
Result Image Height (pixels)=2392
Pixel Size (um)=4.00001
Reconstruction Angular Range (deg)=192.10
Use 180+=OFF
Angular Step (deg)=0.1000
Smoothing=0
Ring Artifact Correction=13
Draw Scales=OFF
Object Bigger than FOV=OFF
Reconstruction from ROI=ON
ROI Top (pixels)=3373
ROI Bottom (pixels)=981
ROI Left (pixels)=188
ROI Right (pixels)=4879
ROI reference length=4904
Filter cutoff relative to Nyquist frequency=100
Filter type=0
Filter type description=Hamming (Alpha=0.54)
Undersampling factor=1
Threshold for defect pixel mask (%)=50
Beam Hardening Correction (%)=0
CS Static Rotation (deg)=0.00
CS Static Rotation Total(deg)=0.00
Minimum for CS to Image Conversion=0.000000
Maximum for CS to Image Conversion=0.324195
HU Calibration=OFF
BMP LUT=0
Cone-beam Angle Horiz.(deg)=11.901692
Cone-beam Angle Vert.(deg)=7.976190
Sub-Scan 0 ends at slice=3012
Sub-Scan 1 ends at slice=5663
Automatic Matching In Z=50
Automatic Matching In X/Y=50
Automatic Matching In Rotation=5.000000
Automatic Fusion=1
Automatic Heel Effect Correction=0
[File name convention]
Filename Index Length=8
Filename Prefix=103926_rec
