[System]
Scanner=SkyScan2214
Instrument S/N=20C18017
Software Version=1.8
Home Directory=C:\SkyScan2214\SkyScan2214 User Software
Source Type=Hamamatsu L10711
Camera Type=FlatPanel: 2...50um, 140mm max.FOV
Camera Pixel Size (um)=74.800
Camera X/Y Ratio=1.0030
[User]
User Name=Skyscan4
Computer Name=ANAMIC05
[Acquisition]
Data Directory=D:\Results\EAWAG\11185\proj_pj
Filename Prefix=11185~00
Number Of Files= 2205
Number Of Rows= 1944
Number Of Columns= 3072
Filename Index Length=8
Partial Width=OFF
Image crop origin X=0
Image crop origin Y=0
Camera binning=1x1
Image Rotation=0.18000
Optical Axis (line)= 1003
Object to Source (mm)=35.633
Camera to Source (mm)=313.563
Source Voltage (kV)=  60
Source Current (uA)= 140
Source Target Power (W)=3.97
Image Pixel Size (um)=8.500239
Scaled Image Pixel Size (um)=8.500239
Image Format=TIFF
Depth (bits)=16
Reference Intensity=58000
Exposure (ms)=998
Rotation Step (deg)=0.100
Use 360 Rotation=NO
High Aspect Ratio=NO
Scanning position=35.934 mm
Frame Averaging=OFF (5)
Flat Field Correction=ON
FF updating interval=315
Random Movement=OFF (40)
Filter=No Filter
Gantry direction=CW
Rotation Direction=CW
Intrinsic CS rotation in degree=0.0
Type of Detector Motion=STEP AND SHOOT
Scanning Trajectory=ROUND
Number of connected scans=2
Current scan number=1
Number of lines to be reconstructed=1183
Source Filament Type=W
Source spot size=Large
Suggested HU - Calibration=180000
Number Of Horizontal Offset Positions=1
Study Date and Time=11 May 2023  22h:20m:19s
Estimated Scan duration=4h:7m:20s
Scan duration=2h:4m:50s
Maximum vertical TS=5.0
[Reconstruction]
Reconstruction Program=NRecon
Program Version=Version: 2.1.0.1
Program Home Directory=C:\SkyScan2214\SkyScan2214 User Software
Reconstruction engine=GPUReconServer
Engine version=Version: 2.1.0
Reconstruction from batch=Yes
Postalignment Applied=1
Reconstructed using oversize-option=No
Connected Reconstruction (parts)=2
Oversize-option Bitmap=9
Sub-scan post alignment [0]=22.000000
Sub-scan post alignment [1]=12.500000
Sub-scan scan length [0]=1183
Sub-scan scan length [1]=1183
Reconstruction servers= ANAMIC05 
Dataset Origin=SkyScan2214
Dataset Prefix=11185~01
Dataset Directory=D:\Results\EAWAG\11185\proj_pj
Output Directory=D:\Results\EAWAG\11185\rec_pj
Time and Date=15 May 2023  11h:07m:56s
First Section=345
Last Section=3125
Reconstruction duration per slice (seconds)=0.276836
Total reconstruction time (2832 slices) in seconds=784.000000
Heel Effect Correction On=0
Section to Section Step=1
Sections Count=2781
Result File Type=PNG
Result File Header Length (bytes)=Unknown: compressed JPG format (100%)
Result Image Width (pixels)=2932
Result Image Height (pixels)=2176
Pixel Size (um)=8.50024
Reconstruction Angular Range (deg)=220.50
Use 180+=OFF
Angular Step (deg)=0.1000
Smoothing=0
Ring Artifact Correction=0
Draw Scales=OFF
Object Bigger than FOV=OFF
Reconstruction from ROI=ON
ROI Top (pixels)=2829
ROI Bottom (pixels)=650
ROI Left (pixels)=47
ROI Right (pixels)=2979
ROI reference length=3072
Filter cutoff relative to Nyquist frequency=100
Filter type=0
Filter type description=Hamming (Alpha=0.54)
Undersampling factor=1
Threshold for defect pixel mask (%)=0
Beam Hardening Correction (%)=0
CS Static Rotation (deg)=261.41
CS Static Rotation Total(deg)=261.41
Minimum for CS to Image Conversion=0.000000
Maximum for CS to Image Conversion=0.096767
HU Calibration=OFF
BMP LUT=0
Cone-beam Angle Horiz.(deg)=40.246906
Cone-beam Angle Vert.(deg)=26.108994
Sub-Scan 0 ends at slice=1594
Sub-Scan 1 ends at slice=2803
Automatic Matching In Z=50
Automatic Matching In X/Y=0
Automatic Matching In Rotation=0.000000
Automatic Fusion=1
Automatic Heel Effect Correction=0
[File name convention]
Filename Index Length=8
Filename Prefix=11185_rec
