[System]
Scanner=SkyScan2214
Instrument S/N=20C18017
Software Version=1.8
Home Directory=C:\SkyScan2214\SkyScan2214 User Software
Source Type=Hamamatsu L10711
Camera Type=FlatPanel: 2...50um, 140mm max.FOV
Camera Pixel Size (um)=74.800
Camera X/Y Ratio=1.0030
[User]
User Name=Skyscan4
Computer Name=ANAMIC05
[Acquisition]
Data Directory=D:\Results\EAWAG\10576\proj
Filename Prefix=10576~02
Number Of Files= 1801
Number Of Rows= 1944
Number Of Columns= 3072
Filename Index Length=8
Partial Width=OFF
Image crop origin X=0
Image crop origin Y=0
Camera binning=1x1
Image Rotation=0.19000
Optical Axis (line)= 1003
Object to Source (mm)=36.001
Camera to Source (mm)=313.563
Source Voltage (kV)=  70
Source Current (uA)= 140
Source Target Power (W)=5.64
Image Pixel Size (um)=8.588096
Scaled Image Pixel Size (um)=8.588096
Image Format=TIFF
Depth (bits)=16
Reference Intensity=58000
Exposure (ms)=682
Rotation Step (deg)=0.200
Use 360 Rotation=YES
High Aspect Ratio=NO
Scanning position=62.566 mm
Frame Averaging=OFF (3)
Flat Field Correction=ON
FF updating interval=258
Random Movement=OFF (40)
Filter=No Filter
Gantry direction=CW
Rotation Direction=CW
Intrinsic CS rotation in degree=0.0
Type of Detector Motion=STEP AND SHOOT
Scanning Trajectory=ROUND
Number of connected scans=3
Current scan number=3
Number of lines to be reconstructed=1386
Source Filament Type=W
Source spot size=Large
Suggested HU - Calibration=180000
Number Of Horizontal Offset Positions=1
Study Date and Time=05 Jul 2021  13h:53m:53s
Estimated Scan duration=4h:15m:12s
Scan duration=1h:22m:1s
Maximum vertical TS=0.0
Maximum horizontal TS=1.0
TS modified at=July06,10:28:47 ---  1801 of 1801 projections
TS modified according to=D:\Results\EAWAG\10576\proj\10576~02_2DTransform.csv
TS modified at level=4
[Reconstruction]
Reconstruction Program=NRecon
Program Version=Version: 2.0.0.5
Program Home Directory=C:\SkyScan2214\SkyScan2214 User Software
Reconstruction engine=GPUReconServer
Engine version=Version: 2.0.0
Reconstruction from batch=Yes
Postalignment Applied=1
Connected Reconstruction (parts)=3
Sub-scan post alignment [0]=130.500000
Sub-scan post alignment [1]=121.500000
Sub-scan post alignment [2]=111.500000
Sub-scan scan length [0]=1388
Sub-scan scan length [1]=1388
Sub-scan scan length [2]=1386
Used extra rotation per scan(deg)= 0.000  0.037  0.037 
Used extra shift in X per scan(micron)= 0.000  -7.412  -12.291 
Used extra shift in Y per scan(micron)= 0.000  -0.155  3.833 
Reconstruction servers= ANAMIC05 
Dataset Origin=SkyScan2214
Dataset Prefix=10576~02
Dataset Directory=D:\Results\EAWAG\10576\proj\TScopy
Output Directory=D:\Results\EAWAG\10576\rec
Time and Date=06 Jul 2021  11h:53m:04s
First Section=345
Last Section=4714
Reconstruction duration per slice (seconds)=0.441844
Total reconstruction time (2777 slices) in seconds=1227.000000
Section to Section Step=1
Sections Count=4370
Result File Type=PNG
Result File Header Length (bytes)=Unknown: compressed JPG format (100%)
Result Image Width (pixels)=2856
Result Image Height (pixels)=2152
Pixel Size (um)=8.58810
Reconstruction Angular Range (deg)=360.00
Use 180+=OFF
Angular Step (deg)=0.2000
Smoothing=0
Ring Artifact Correction=0
Draw Scales=OFF
Object Bigger than FOV=OFF
Reconstruction from ROI=ON
ROI Top (pixels)=2754
ROI Bottom (pixels)=601
ROI Left (pixels)=90
ROI Right (pixels)=2947
ROI reference length=3072
Filter cutoff relative to Nyquist frequency=100
Filter type=0
Filter type description=Hamming (Alpha=0.54)
Undersampling factor=1
Threshold for defect pixel mask (%)=0
Beam Hardening Correction (%)=0
CS Static Rotation (deg)=59.08
CS Static Rotation Total(deg)=59.08
Minimum for CS to Image Conversion=0.000000
Maximum for CS to Image Conversion=0.114528
HU Calibration=OFF
BMP LUT=0
Cone-beam Angle Horiz.(deg)=40.247211
Cone-beam Angle Vert.(deg)=26.109201
Sub-Scan 0 ends at slice=1676
Sub-Scan 1 ends at slice=3064
Sub-Scan 2 ends at slice=4396
Automatic matching in Z=50
Automatic matching in X/Y=50
Automatic matching in rotation=5.000000
Automatic fusion=1
[File name convention]
Filename Index Length=8
Filename Prefix=10576_rec
