[System]
Scanner=SkyScan2214
Instrument S/N=20C18017
Software Version=1.7
Home Directory=C:\SkyScan2214\SkyScan2214 User Software
Source Type=Hamamatsu L10711
Camera Type=FlatPanel: 2...50um, 140mm max.FOV
Camera Pixel Size (um)=74.800
Camera X/Y Ratio=1.0040
[User]
User Name=Skyscan4
Computer Name=ANAMIC05
[Acquisition]
Data Directory=D:\Results\EAWAG\10628\full_188um\proj
Filename Prefix=10628~00
Number Of Files=  278
Number Of Rows=  486
Number Of Columns=  768
Filename Index Length=8
Partial Width=OFF
Image crop origin X=0
Image crop origin Y=0
Camera binning=4x4
Image Rotation=0.17000
Optical Axis (line)=  250
Object to Source (mm)=197.147
Camera to Source (mm)=313.404
Source Voltage (kV)=  70
Source Current (uA)= 200
Source Target Power (W)=2.81
Image Pixel Size (um)=188.212000
Scaled Image Pixel Size (um)=188.212000
Image Format=TIFF
Depth (bits)=16
Reference Intensity=58000
Exposure (ms)=294
Rotation Step (deg)=0.800
Use 360 Rotation=NO
High Aspect Ratio=NO
Scanning position=7.904 mm
Frame Averaging=ON (3)
Flat Field Correction=ON
FF updating interval=40
Random Movement=OFF (10)
Filter=No Filter
Gantry direction=CW
Rotation Direction=CW
Intrinsic CS rotation in degree=0.0
Type of Detector Motion=STEP AND SHOOT
Scanning Trajectory=ROUND
Number of connected scans=2
Current scan number=1
Number of lines to be reconstructed=330
Source Filament Type=W
Source spot size=Mid
Suggested HU - Calibration=180000
Number Of Horizontal Offset Positions=1
Study Date and Time=10 Feb 2021  14h:41m:06s
Estimated Scan duration=1h:6m:40s
Scan duration=0h:11m:14s
Maximum vertical TS=5.0
[Reconstruction]
Reconstruction Program=NRecon
Program Version=Version: 2.0.0.5
Program Home Directory=C:\SkyScan1272\SkyScan1272
Reconstruction engine=GPUReconServer
Engine version=Version: 2.0.0
Reconstruction from batch=Yes
Postalignment Applied=1
Connected Reconstruction (parts)=2
Sub-scan post alignment [0]=3.000000
Sub-scan post alignment [1]=11.500000
Sub-scan scan length [0]=332
Sub-scan scan length [1]=330
Used extra rotation per scan(deg)= 0.000  0.108 
Used extra shift in X per scan(micron)= 0.000  23.430 
Used extra shift in Y per scan(micron)= 0.000  -7.750 
Reconstruction servers= ANAMIC02 
Dataset Origin=SkyScan2214
Dataset Prefix=10628~01
Dataset Directory=D:\Results\EAWAG\10628\full_188um\proj
Output Directory=D:\Results\EAWAG\10628\full_188um\rec
Time and Date=28 Jun 2021  15h:16m:36s
First Section=154
Last Section=816
Reconstruction duration per slice (seconds)=0.114114
Total reconstruction time (333 slices) in seconds=38.000000
Section to Section Step=1
Sections Count=663
Result File Type=PNG
Result File Header Length (bytes)=Unknown: compressed JPG format (100%)
Result Image Width (pixels)=320
Result Image Height (pixels)=124
Pixel Size (um)=188.21201
Reconstruction Angular Range (deg)=222.40
Use 180+=OFF
Angular Step (deg)=0.8000
Smoothing=0
Ring Artifact Correction=0
Draw Scales=OFF
Object Bigger than FOV=OFF
Reconstruction from ROI=ON
ROI Top (pixels)=434
ROI Bottom (pixels)=310
ROI Left (pixels)=266
ROI Right (pixels)=589
ROI reference length=768
Filter cutoff relative to Nyquist frequency=100
Filter type=0
Filter type description=Hamming (Alpha=0.54)
Undersampling factor=1
Threshold for defect pixel mask (%)=0
Beam Hardening Correction (%)=0
CS Static Rotation (deg)=-58.36
CS Static Rotation Total(deg)=-58.36
Minimum for CS to Image Conversion=0.000000
Maximum for CS to Image Conversion=0.042181
HU Calibration=OFF
BMP LUT=0
Cone-beam Angle Horiz.(deg)=40.265522
Cone-beam Angle Vert.(deg)=26.121675
Sub-Scan 0 ends at slice=411
Sub-Scan 1 ends at slice=736
Automatic matching in Z=50
Automatic matching in X/Y=50
Automatic matching in rotation=5.000000
Automatic fusion=1
[File name convention]
Filename Index Length=8
Filename Prefix=10628_rec
