[System]
Scanner=SkyScan2214
Instrument S/N=20C18017
Software Version=1.8
Home Directory=C:\SkyScan2214\SkyScan2214 User Software
Source Type=Hamamatsu L10711
Camera Type=FlatPanel: 2...50um, 140mm max.FOV
Camera Pixel Size (um)=74.800
Camera X/Y Ratio=1.0030
[User]
User Name=Skyscan4
Computer Name=ANAMIC05
[Acquisition]
Data Directory=D:\Results\EAWAG\22476\head2\proj
Filename Prefix=22476~00
Number Of Files= 2205
Number Of Rows= 1944
Number Of Columns= 3072
Filename Index Length=8
Partial Width=OFF
Image crop origin X=0
Image crop origin Y=0
Camera binning=1x1
Image Rotation=0.18000
Optical Axis (line)= 1003
Object to Source (mm)=52.397
Camera to Source (mm)=313.563
Source Voltage (kV)=  70
Source Current (uA)= 145
Source Target Power (W)=5.22
Image Pixel Size (um)=12.499268
Scaled Image Pixel Size (um)=12.499268
Image Format=TIFF
Depth (bits)=16
Reference Intensity=58000
Exposure (ms)=736
Rotation Step (deg)=0.100
Use 360 Rotation=NO
High Aspect Ratio=NO
Scanning position=31.242 mm
Frame Averaging=OFF (3)
Flat Field Correction=ON
FF updating interval=315
Random Movement=OFF (40)
Filter=No Filter
Gantry direction=CW
Rotation Direction=CW
Intrinsic CS rotation in degree=0.0
Type of Detector Motion=STEP AND SHOOT
Scanning Trajectory=ROUND
Number of connected scans=2
Current scan number=1
Number of lines to be reconstructed=1503
Source Filament Type=W
Source spot size=Large
Suggested HU - Calibration=180000
Number Of Horizontal Offset Positions=1
Study Date and Time=03 Nov 2022  12h:52m:49s
Estimated Scan duration=3h:46m:46s
Scan duration=1h:45m:31s
Maximum vertical TS=3.0
Maximum horizontal TS=2.0
TS modified at=November03,15:13:30 ---  2205 of 2205 projections
TS modified according to=D:\Results\EAWAG\22476\head2\proj\22476~00_2DTransform.csv
TS modified at level=3
[Reconstruction]
Pseudo-parallel projection calculated=1
[Pre-processing]
Default post-alignment value [0]=15.000000
Default post-alignment value [1]=5.500000
Last used post-alignment value [1]=5.500000
Last used post-alignment value [0]=16.000000
