[System]
Scanner=SkyScan2214
Instrument S/N=20C18017
Software Version=1.8
Home Directory=C:\SkyScan2214\SkyScan2214 User Software
Source Type=Hamamatsu L10711
Camera Type=FlatPanel: 2...50um, 140mm max.FOV
Camera Pixel Size (um)=74.800
Camera X/Y Ratio=1.0030
[User]
User Name=Skyscan4
Computer Name=ANAMIC05
[Acquisition]
Data Directory=D:\Results\EAWAG\22476\head2\proj
Filename Prefix=22476~00
Number Of Files= 2205
Number Of Rows= 1944
Number Of Columns= 3072
Filename Index Length=8
Partial Width=OFF
Image crop origin X=0
Image crop origin Y=0
Camera binning=1x1
Image Rotation=0.18000
Optical Axis (line)= 1003
Object to Source (mm)=52.397
Camera to Source (mm)=313.563
Source Voltage (kV)=  70
Source Current (uA)= 145
Source Target Power (W)=5.22
Image Pixel Size (um)=12.499268
Scaled Image Pixel Size (um)=12.499268
Image Format=TIFF
Depth (bits)=16
Reference Intensity=58000
Exposure (ms)=736
Rotation Step (deg)=0.100
Use 360 Rotation=NO
High Aspect Ratio=NO
Scanning position=31.242 mm
Frame Averaging=OFF (3)
Flat Field Correction=ON
FF updating interval=315
Random Movement=OFF (40)
Filter=No Filter
Gantry direction=CW
Rotation Direction=CW
Intrinsic CS rotation in degree=0.0
Type of Detector Motion=STEP AND SHOOT
Scanning Trajectory=ROUND
Number of connected scans=2
Current scan number=1
Number of lines to be reconstructed=1503
Source Filament Type=W
Source spot size=Large
Suggested HU - Calibration=180000
Number Of Horizontal Offset Positions=1
Study Date and Time=03 Nov 2022  12h:52m:49s
Estimated Scan duration=3h:46m:46s
Scan duration=1h:45m:31s
Maximum vertical TS=5.0
[Reconstruction]
Reconstruction Program=NRecon
Program Version=Version: 2.1.0.1
Program Home Directory=C:\SkyScan2214\SkyScan2214 User Software
Reconstruction engine=GPUReconServer
Engine version=Version: 2.1.0
Reconstruction from batch=Yes
Postalignment Applied=1
Reconstructed using oversize-option=No
Connected Reconstruction (parts)=2
Oversize-option Bitmap=9
Sub-scan post alignment [0]=16.000000
Sub-scan post alignment [1]=5.500000
Sub-scan scan length [0]=1503
Sub-scan scan length [1]=1503
Reconstruction servers= ANAMIC05 
Dataset Origin=SkyScan2214
Dataset Prefix=22476~01
Dataset Directory=D:\Results\EAWAG\22476\head2\proj
Output Directory=D:\Results\EAWAG\22476\head2\rec
Time and Date=03 Nov 2022  15h:48m:04s
First Section=477
Last Section=3445
Reconstruction duration per slice (seconds)=0.120861
Total reconstruction time (3020 slices) in seconds=365.000000
Heel Effect Correction On=0
Section to Section Step=1
Sections Count=2969
Result File Type=PNG
Result File Header Length (bytes)=Unknown: compressed JPG format (100%)
Result Image Width (pixels)=2112
Result Image Height (pixels)=1000
Pixel Size (um)=12.49927
Reconstruction Angular Range (deg)=220.50
Use 180+=OFF
Angular Step (deg)=0.1000
Smoothing=0
Ring Artifact Correction=0
Draw Scales=OFF
Object Bigger than FOV=OFF
Reconstruction from ROI=ON
ROI Top (pixels)=2159
ROI Bottom (pixels)=1156
ROI Left (pixels)=456
ROI Right (pixels)=2569
ROI reference length=3072
Filter cutoff relative to Nyquist frequency=100
Filter type=0
Filter type description=Hamming (Alpha=0.54)
Undersampling factor=1
Threshold for defect pixel mask (%)=0
Beam Hardening Correction (%)=0
CS Static Rotation (deg)=158.96
CS Static Rotation Total(deg)=158.96
Minimum for CS to Image Conversion=0.000000
Maximum for CS to Image Conversion=0.116273
HU Calibration=OFF
BMP LUT=0
Cone-beam Angle Horiz.(deg)=40.246853
Cone-beam Angle Vert.(deg)=26.108957
