[System]
Scanner=SkyScan2214
Instrument S/N=20C18017
Software Version=1.8
Home Directory=C:\SkyScan2214\SkyScan2214 User Software
Source Type=Hamamatsu L10711
Camera Type=FlatPanel: 2...50um, 140mm max.FOV
Camera Pixel Size (um)=74.800
Camera X/Y Ratio=1.0030
[User]
User Name=Skyscan4
Computer Name=ANAMIC05
[Acquisition]
Data Directory=D:\Results\EAWAG\AN33\proj
Filename Prefix=AN33~01
Number Of Files= 2205
Number Of Rows= 1944
Number Of Columns= 3072
Filename Index Length=8
Partial Width=OFF
Image crop origin X=0
Image crop origin Y=0
Camera binning=1x1
Image Rotation=0.21000
Optical Axis (line)= 1003
Object to Source (mm)=34.001
Camera to Source (mm)=313.563
Source Voltage (kV)=  70
Source Current (uA)= 140
Source Target Power (W)=4.07
Image Pixel Size (um)=8.110939
Scaled Image Pixel Size (um)=8.110939
Image Format=TIFF
Depth (bits)=16
Reference Intensity=58000
Exposure (ms)=834
Rotation Step (deg)=0.100
Use 360 Rotation=NO
High Aspect Ratio=NO
Scanning position=50.546 mm
Frame Averaging=OFF (4)
Flat Field Correction=ON
FF updating interval=315
Random Movement=OFF (40)
Filter=No Filter
Gantry direction=CW
Rotation Direction=CW
Intrinsic CS rotation in degree=0.0
Type of Detector Motion=STEP AND SHOOT
Scanning Trajectory=ROUND
Number of connected scans=3
Current scan number=2
Number of lines to be reconstructed=1461
Source Filament Type=W
Source spot size=Large
Suggested HU - Calibration=180000
Number Of Horizontal Offset Positions=1
Study Date and Time=24 Aug 2021  14h:36m:43s
Estimated Scan duration=5h:51m:42s
Scan duration=1h:48m:40s
Maximum vertical TS=2.0
Maximum horizontal TS=3.0
TS modified at=August26,09:17:50 ---  2205 of 2205 projections
TS modified according to=D:\Results\EAWAG\AN33\proj\AN33~01_2DTransform.csv
TS modified at level=3
Extra Image Shift In X suggested (micron)=23.423386
Extra Image Shift In Y suggested (micron)=-73.607925
Extra CS Rotation suggested (deg)=0.038479
[Reconstruction]
Pseudo-parallel projection calculated=1
