[System]
Scanner=SkyScan2214
Instrument S/N=20C18017
Software Version=1.8
Home Directory=C:\SkyScan2214\SkyScan2214 User Software
Source Type=Hamamatsu L10711
Camera Type=FlatPanel: 2...50um, 140mm max.FOV
Camera Pixel Size (um)=74.800
Camera X/Y Ratio=1.0030
[User]
User Name=Skyscan4
Computer Name=ANAMIC05
[Acquisition]
Data Directory=D:\Results\EAWAG\IG104\proj
Filename Prefix=IG104~02
Number Of Files= 1104
Number Of Rows= 1944
Number Of Columns= 3072
Filename Index Length=8
Partial Width=OFF
Image crop origin X=0
Image crop origin Y=0
Camera binning=1x1
Image Rotation=0.18000
Optical Axis (line)= 1003
Object to Source (mm)=33.538
Camera to Source (mm)=313.563
Source Voltage (kV)=  70
Source Current (uA)= 140
Source Target Power (W)=5.99
Image Pixel Size (um)=8.000360
Scaled Image Pixel Size (um)=8.000360
Image Format=TIFF
Depth (bits)=16
Reference Intensity=58000
Exposure (ms)=686
Rotation Step (deg)=0.200
Use 360 Rotation=NO
High Aspect Ratio=NO
Scanning position=76.966 mm
Frame Averaging=OFF (3)
Flat Field Correction=ON
FF updating interval=158
Random Movement=OFF (40)
Filter=No Filter
Gantry direction=CW
Rotation Direction=CW
Intrinsic CS rotation in degree=0.0
Type of Detector Motion=STEP AND SHOOT
Scanning Trajectory=ROUND
Number of connected scans=3
Current scan number=3
Number of lines to be reconstructed=1392
Source Filament Type=W
Source spot size=Large
Suggested HU - Calibration=180000
Number Of Horizontal Offset Positions=1
Study Date and Time=12 Jul 2021  15h:34m:18s
Estimated Scan duration=2h:47m:12s
Scan duration=0h:51m:0s
Maximum vertical TS=4.0
Maximum horizontal TS=8.0
TS modified at=July13,10:49:51 ---  1104 of 1104 projections
TS modified according to=D:\Results\EAWAG\IG104\proj\IG104~02_2DTransform.csv
TS modified at level=3
Extra Image Shift In X suggested (micron)=53.887283
Extra Image Shift In Y suggested (micron)=-118.929047
Extra CS Rotation suggested (deg)=-0.726482
[Reconstruction]
Pseudo-parallel projection calculated=1
