[System]
Scanner=SkyScan2214
Instrument S/N=20C18017
Software Version=1.8
Home Directory=C:\SkyScan2214\SkyScan2214 User Software
Source Type=Hamamatsu L10711
Camera Type=FlatPanel: 2...50um, 140mm max.FOV
Camera Pixel Size (um)=74.800
Camera X/Y Ratio=1.0030
[User]
User Name=Skyscan4
Computer Name=ANAMIC05
[Acquisition]
Data Directory=D:\Results\EAWAG\105005_104015\proj
Filename Prefix=105005_104015~00
Number Of Files= 1104
Number Of Rows= 1944
Number Of Columns= 3070
Filename Index Length=8
Partial Width=OFF
Image crop origin X=0
Image crop origin Y=0
Camera binning=1x1
Image Rotation=0.21000
Optical Axis (line)= 1003
Object to Source (mm)=29.499
Camera to Source (mm)=313.563
Source Voltage (kV)=  70
Source Current (uA)= 140
Source Target Power (W)=3.65
Image Pixel Size (um)=7.036958
Scaled Image Pixel Size (um)=7.036958
Image Format=TIFF
Depth (bits)=16
Reference Intensity=58000
Exposure (ms)=1021
Rotation Step (deg)=0.200
Use 360 Rotation=NO
High Aspect Ratio=NO
Scanning position=31.989 mm
Frame Averaging=OFF (3)
Flat Field Correction=ON
FF updating interval=158
Random Movement=OFF (40)
Filter=No Filter
Gantry direction=CW
Rotation Direction=CW
Intrinsic CS rotation in degree=0.0
Type of Detector Motion=STEP AND SHOOT
Scanning Trajectory=ROUND
Number of connected scans=5
Current scan number=1
Number of lines to be reconstructed=1532
Source Filament Type=W
Source spot size=Mid
Suggested HU - Calibration=180000
Number Of Horizontal Offset Positions=1
Study Date and Time=17 May 2021  10h:21m:47s
Estimated Scan duration=5h:11m:35s
Scan duration=1h:2m:26s
Maximum vertical TS=5.0
[Reconstruction]
Reconstruction Program=NRecon
Program Version=Version: 2.0.0.5
Program Home Directory=C:\SkyScan2214\SkyScan2214 User Software
Reconstruction engine=GPUReconServer
Engine version=Version: 2.0.0
Reconstruction from batch=Yes
Postalignment Applied=1
Connected Reconstruction (parts)=5
Sub-scan post alignment [0]=44.000000
Sub-scan post alignment [1]=32.000000
Sub-scan post alignment [2]=22.500000
Sub-scan post alignment [3]=14.500000
Sub-scan post alignment [4]=11.000000
Sub-scan scan length [0]=1531
Sub-scan scan length [1]=1530
Sub-scan scan length [2]=1532
Sub-scan scan length [3]=1534
Sub-scan scan length [4]=1532
Used extra rotation per scan(deg)= 0.000  0.000  0.000  0.119  0.294 
Used extra shift in X per scan(micron)= 0.000  2.390  5.717  -17.863  -34.354 
Used extra shift in Y per scan(micron)= 0.000  -10.245  -6.870  -1.147  15.745 
Reconstruction servers= ANAMIC05 
Dataset Origin=SkyScan2214
Dataset Prefix=105005_104015~04
Dataset Directory=D:\Results\EAWAG\105005_104015\proj
Output Directory=D:\Results\EAWAG\105005_104015\104015_rec
Time and Date=17 May 2021  19h:09m:44s
First Section=4143
Last Section=8070
Reconstruction duration per slice (seconds)=0.308771
Total reconstruction time (3067 slices) in seconds=947.000000
Section to Section Step=1
Sections Count=3928
Result File Type=PNG
Result File Header Length (bytes)=Unknown: compressed JPG format (100%)
Result Image Width (pixels)=2728
Result Image Height (pixels)=1632
Pixel Size (um)=7.03696
Reconstruction Angular Range (deg)=220.80
Use 180+=OFF
Angular Step (deg)=0.2000
Smoothing=0
Ring Artifact Correction=0
Draw Scales=OFF
Object Bigger than FOV=OFF
Reconstruction from ROI=ON
ROI Top (pixels)=2729
ROI Bottom (pixels)=1094
ROI Left (pixels)=239
ROI Right (pixels)=2969
ROI reference length=3070
Filter cutoff relative to Nyquist frequency=100
Filter type=0
Filter type description=Hamming (Alpha=0.54)
Undersampling factor=1
Threshold for defect pixel mask (%)=0
Beam Hardening Correction (%)=0
CS Static Rotation (deg)=-31.71
CS Static Rotation Total(deg)=-31.71
Minimum for CS to Image Conversion=0.000000
Maximum for CS to Image Conversion=0.088249
HU Calibration=OFF
BMP LUT=0
Cone-beam Angle Horiz.(deg)=40.222710
Cone-beam Angle Vert.(deg)=26.108929
Sub-Scan 0 ends at slice=1747
Sub-Scan 1 ends at slice=3278
Sub-Scan 2 ends at slice=4809
Sub-Scan 3 ends at slice=6342
Sub-Scan 4 ends at slice=7747
Automatic matching in Z=50
Automatic matching in X/Y=50
Automatic matching in rotation=5.000000
Automatic fusion=1
[File name convention]
Filename Index Length=8
Filename Prefix=105005_104015_rec
