[System]
Scanner=SkyScan2214
Instrument S/N=20C18017
Software Version=1.8
Home Directory=C:\SkyScan2214\SkyScan2214 User Software
Source Type=Hamamatsu L10711
Camera Type=FlatPanel: 2...50um, 140mm max.FOV
Camera Pixel Size (um)=74.800
Camera X/Y Ratio=1.0030
[User]
User Name=Skyscan4
Computer Name=ANAMIC05
[Acquisition]
Data Directory=D:\Results\EAWAG\11313\proj
Filename Prefix=11313~00
Number Of Files= 1104
Number Of Rows= 1944
Number Of Columns= 3070
Filename Index Length=8
Partial Width=OFF
Image crop origin X=0
Image crop origin Y=0
Camera binning=1x1
Image Rotation=0.21000
Optical Axis (line)= 1003
Object to Source (mm)=31.499
Camera to Source (mm)=313.563
Source Voltage (kV)=  70
Source Current (uA)= 125
Source Target Power (W)=4.84
Image Pixel Size (um)=7.514115
Scaled Image Pixel Size (um)=7.514115
Image Format=TIFF
Depth (bits)=16
Reference Intensity=58000
Exposure (ms)=720
Rotation Step (deg)=0.200
Use 360 Rotation=NO
High Aspect Ratio=NO
Scanning position=38.341 mm
Frame Averaging=OFF (3)
Flat Field Correction=ON
FF updating interval=158
Random Movement=OFF (40)
Filter=No Filter
Gantry direction=CW
Rotation Direction=CW
Intrinsic CS rotation in degree=0.0
Type of Detector Motion=STEP AND SHOOT
Scanning Trajectory=ROUND
Number of connected scans=3
Current scan number=1
Number of lines to be reconstructed=1461
Source Filament Type=W
Source spot size=Large
Suggested HU - Calibration=180000
Number Of Horizontal Offset Positions=1
Study Date and Time=10 May 2021  10h:20m:15s
Estimated Scan duration=2h:49m:12s
Scan duration=0h:50m:43s
Maximum vertical TS=5.0
TS modified at=May10,16:08:17 ---  221 of 1104 projections
TS modified according to=D:\Results\EAWAG\11313\proj\11313~00_2DTransform.csv
TS modified at level=3
[Reconstruction]
Pseudo-parallel projection calculated=1
