[System]
Scanner=SkyScan2214
Instrument S/N=20C18017
Software Version=1.8
Home Directory=C:\SkyScan2214\SkyScan2214 User Software
Source Type=Hamamatsu L10711
Camera Type=FlatPanel: 2...50um, 140mm max.FOV
Camera Pixel Size (um)=74.800
Camera X/Y Ratio=1.0030
[User]
User Name=Skyscan4
Computer Name=ANAMIC05
[Acquisition]
Data Directory=D:\Results\EAWAG\103767\proj_oj_2
Filename Prefix=103767
Number Of Files= 1765
Number Of Rows= 1944
Number Of Columns= 3072
Filename Index Length=8
Partial Width=OFF
Image crop origin X=0
Image crop origin Y=0
Camera binning=1x1
Image Rotation=0.19000
Optical Axis (line)= 1003
Object to Source (mm)=29.347
Camera to Source (mm)=313.563
Source Voltage (kV)=  70
Source Current (uA)= 132
Source Target Power (W)=4.00
Image Pixel Size (um)=7.000603
Scaled Image Pixel Size (um)=7.000603
Image Format=TIFF
Depth (bits)=16
Reference Intensity=58000
Exposure (ms)=999
Rotation Step (deg)=0.125
Use 360 Rotation=NO
High Aspect Ratio=NO
Scanning position=32.234 mm
Frame Averaging=OFF (3)
Flat Field Correction=ON
FF updating interval=253
Random Movement=OFF (40)
Filter=No Filter
Gantry direction=CW
Rotation Direction=CW
Intrinsic CS rotation in degree=0.0
Type of Detector Motion=STEP AND SHOOT
Scanning Trajectory=ROUND
Source Filament Type=W
Source spot size=Mid
Suggested HU - Calibration=180000
Number Of Horizontal Offset Positions=1
Study Date and Time=18 Mar 2022  17h:35m:45s
Estimated Scan duration=1h:38m:55s
Scan duration=1h:40m:10s
Maximum vertical TS=0.0
Maximum horizontal TS=1.0
TS modified at=March18,17:54:10 ---  1765 of 1765 projections
TS modified according to=D:\Results\EAWAG\103767\proj_oj_2\103767_2DTransform.csv
TS modified at level=3
[Reconstruction]
Reconstruction Program=NRecon
Program Version=Version: 2.1.0.1
Program Home Directory=C:\SkyScan2214\SkyScan2214 User Software
Reconstruction engine=GPUReconServer
Engine version=Version: 2.1.0
Reconstruction from batch=Yes
Postalignment Applied=1
Postalignment=20.00
Reconstructed using oversize-option=No
Reconstruction servers= ANAMIC05 
Dataset Origin=SkyScan2214
Dataset Prefix=103767
Dataset Directory=D:\Results\EAWAG\103767\proj_oj_2
Output Directory=D:\Results\EAWAG\103767\rec_oj_2
Time and Date=18 Mar 2022  18h:05m:28s
First Section=345
Last Section=1942
Reconstruction duration per slice (seconds)=0.148310
Total reconstruction time (1598 slices) in seconds=237.000000
Heel Effect Correction On=0
Section to Section Step=1
Sections Count=1598
Result File Type=PNG
Result File Header Length (bytes)=Unknown: compressed JPG format (100%)
Result Image Width (pixels)=2412
Result Image Height (pixels)=1608
Pixel Size (um)=7.00060
Reconstruction Angular Range (deg)=220.63
Use 180+=OFF
Angular Step (deg)=0.1250
Smoothing=0
Ring Artifact Correction=0
Draw Scales=OFF
Object Bigger than FOV=OFF
Reconstruction from ROI=ON
ROI Top (pixels)=2379
ROI Bottom (pixels)=769
ROI Left (pixels)=520
ROI Right (pixels)=2933
ROI reference length=3072
Filter cutoff relative to Nyquist frequency=100
Filter type=0
Filter type description=Hamming (Alpha=0.54)
Undersampling factor=1
Threshold for defect pixel mask (%)=0
Beam Hardening Correction (%)=0
CS Static Rotation (deg)=-75.19
CS Static Rotation Total(deg)=-75.19
Minimum for CS to Image Conversion=0.000000
Maximum for CS to Image Conversion=0.196689
HU Calibration=OFF
BMP LUT=0
Cone-beam Angle Horiz.(deg)=40.246311
Cone-beam Angle Vert.(deg)=26.108587
[File name convention]
Filename Index Length=8
Filename Prefix=103767_rec
