[System]
Scanner=SkyScan2214
Instrument S/N=20C18017
Software Version=1.8
Home Directory=C:\SkyScan2214\SkyScan2214 User Software
Source Type=Hamamatsu L10711
Camera Type=FlatPanel: 2...50um, 140mm max.FOV
Camera Pixel Size (um)=74.800
Camera X/Y Ratio=1.0030
[User]
User Name=Skyscan4
Computer Name=ANAMIC05
[Acquisition]
Data Directory=D:\Results\EAWAG\IG156\proj
Filename Prefix=IG156~00
Number Of Files= 1104
Number Of Rows= 1944
Number Of Columns= 3072
Filename Index Length=8
Partial Width=OFF
Image crop origin X=0
Image crop origin Y=0
Camera binning=1x1
Image Rotation=0.21000
Optical Axis (line)= 1003
Object to Source (mm)=37.729
Camera to Source (mm)=313.563
Source Voltage (kV)=  70
Source Current (uA)= 140
Source Target Power (W)=4.21
Image Pixel Size (um)=9.000117
Scaled Image Pixel Size (um)=9.000117
Image Format=TIFF
Depth (bits)=16
Reference Intensity=58000
Exposure (ms)=834
Rotation Step (deg)=0.200
Use 360 Rotation=NO
High Aspect Ratio=NO
Scanning position=39.514 mm
Frame Averaging=OFF (4)
Flat Field Correction=ON
FF updating interval=158
Random Movement=OFF (40)
Filter=No Filter
Gantry direction=CW
Rotation Direction=CW
Intrinsic CS rotation in degree=0.0
Type of Detector Motion=STEP AND SHOOT
Scanning Trajectory=ROUND
Number of connected scans=3
Current scan number=1
Number of lines to be reconstructed=1413
Source Filament Type=W
Source spot size=Large
Suggested HU - Calibration=180000
Number Of Horizontal Offset Positions=1
Study Date and Time=23 Aug 2021  13h:45m:17s
Estimated Scan duration=2h:55m:57s
Scan duration=0h:55m:35s
Maximum vertical TS=5.0
[Reconstruction]
Reconstruction Program=NRecon
Program Version=Version: 2.1.0.1
Program Home Directory=C:\SkyScan2214\SkyScan2214 User Software
Reconstruction engine=GPUReconServer
Engine version=Version: 2.1.0
Reconstruction from batch=Yes
Postalignment Applied=1
Reconstructed using oversize-option=No
Connected Reconstruction (parts)=3
Oversize-option Bitmap=15
Sub-scan post alignment [0]=126.000000
Sub-scan post alignment [1]=116.000000
Sub-scan post alignment [2]=110.000000
Sub-scan scan length [0]=1414
Sub-scan scan length [1]=1416
Sub-scan scan length [2]=1413
Used extra rotation per scan(deg)= 0.000  0.000  0.147 
Used extra shift in X per scan(micron)= 0.000  11.740  21.063 
Used extra shift in Y per scan(micron)= 0.000  -14.592  8.815 
Reconstruction servers= ANAMIC05 
Dataset Origin=SkyScan2214
Dataset Prefix=IG156~02
Dataset Directory=D:\Results\EAWAG\IG156\proj
Output Directory=D:\Results\EAWAG\IG156\rec
Time and Date=23 Aug 2021  18h:11m:38s
First Section=435
Last Section=4768
Reconstruction duration per slice (seconds)=0.353585
Total reconstruction time (2831 slices) in seconds=1001.000000
Heel Effect Correction On=0
Section to Section Step=1
Sections Count=4334
Result File Type=PNG
Result File Header Length (bytes)=Unknown: compressed JPG format (100%)
Result Image Width (pixels)=3048
Result Image Height (pixels)=1992
Pixel Size (um)=9.00012
Reconstruction Angular Range (deg)=220.80
Use 180+=OFF
Angular Step (deg)=0.2000
Smoothing=0
Ring Artifact Correction=0
Draw Scales=OFF
Object Bigger than FOV=OFF
Reconstruction from ROI=ON
ROI Top (pixels)=2359
ROI Bottom (pixels)=366
ROI Left (pixels)=12
ROI Right (pixels)=3062
ROI reference length=3072
Filter cutoff relative to Nyquist frequency=100
Filter type=0
Filter type description=Hamming (Alpha=0.54)
Undersampling factor=1
Threshold for defect pixel mask (%)=0
Beam Hardening Correction (%)=0
CS Static Rotation (deg)=36.89
CS Static Rotation Total(deg)=36.89
Minimum for CS to Image Conversion=0.000000
Maximum for CS to Image Conversion=0.125717
HU Calibration=OFF
BMP LUT=0
Cone-beam Angle Horiz.(deg)=40.246403
Cone-beam Angle Vert.(deg)=26.108650
