[System]
Scanner=SkyScan2214
Instrument S/N=20C18017
Software Version=1.8
Home Directory=C:\SkyScan2214\SkyScan2214 User Software
Source Type=Hamamatsu L10711
Camera Type=FlatPanel: 2...50um, 140mm max.FOV
Camera Pixel Size (um)=74.800
Camera X/Y Ratio=1.0030
[User]
User Name=Skyscan4
Computer Name=ANAMIC05
[Acquisition]
Data Directory=D:\Results\EAWAG\103761\proj
Filename Prefix=103761~00
Number Of Files= 1104
Number Of Rows= 1944
Number Of Columns= 3070
Filename Index Length=8
Partial Width=OFF
Image crop origin X=0
Image crop origin Y=0
Camera binning=1x1
Image Rotation=0.21000
Optical Axis (line)= 1003
Object to Source (mm)=32.503
Camera to Source (mm)=313.563
Source Voltage (kV)=  70
Source Current (uA)= 125
Source Target Power (W)=1.88
Image Pixel Size (um)=7.753450
Scaled Image Pixel Size (um)=7.753450
Image Format=TIFF
Depth (bits)=16
Reference Intensity=58000
Exposure (ms)=1413
Rotation Step (deg)=0.200
Use 360 Rotation=NO
High Aspect Ratio=NO
Scanning position=44.191 mm
Frame Averaging=OFF (3)
Flat Field Correction=ON
FF updating interval=158
Random Movement=OFF (40)
Filter=No Filter
Gantry direction=CW
Rotation Direction=CW
Intrinsic CS rotation in degree=0.0
Type of Detector Motion=STEP AND SHOOT
Scanning Trajectory=ROUND
Number of connected scans=2
Current scan number=1
Number of lines to be reconstructed=1535
Source Filament Type=W
Source spot size=Mid
Suggested HU - Calibration=180000
Number Of Horizontal Offset Positions=1
Study Date and Time=03 May 2021  10h:23m:34s
Estimated Scan duration=2h:30m:22s
Scan duration=1h:17m:1s
Maximum vertical TS=5.0
[Reconstruction]
Reconstruction Program=NRecon
Program Version=Version: 2.1.0.1
Program Home Directory=C:\SkyScan1272\SkyScan1272
Reconstruction engine=GPUReconServer
Engine version=Version: 2.1.0
Reconstruction from batch=Yes
Postalignment Applied=1
Reconstructed using oversize-option=No
Connected Reconstruction (parts)=2
Oversize-option Bitmap=15
Sub-scan post alignment [0]=25.000000
Sub-scan post alignment [1]=13.500000
Sub-scan scan length [0]=1537
Sub-scan scan length [1]=1535
Used extra rotation per scan(deg)= 0.000  0.000 
Used extra shift in X per scan(micron)= 0.000  -11.596 
Used extra shift in Y per scan(micron)= 0.000  -4.146 
Reconstruction servers= ANAMIC02 
Dataset Origin=SkyScan2214
Dataset Prefix=103761~01
Dataset Directory=D:\Results\EAWAG\103761\proj
Output Directory=D:\Results\EAWAG\103761\rec_rereconstruct
Time and Date=24 Aug 2021  23h:01m:26s
First Section=344
Last Section=3477
Reconstruction duration per slice (seconds)=1.265930
Total reconstruction time (1538 slices) in seconds=1947.000000
Heel Effect Correction On=0
Section to Section Step=1
Sections Count=3134
Result File Type=PNG
Result File Header Length (bytes)=Unknown: compressed JPG format (100%)
Result Image Width (pixels)=2752
Result Image Height (pixels)=1780
Pixel Size (um)=7.75345
Reconstruction Angular Range (deg)=220.80
Use 180+=OFF
Angular Step (deg)=0.2000
Smoothing=0
Ring Artifact Correction=0
Draw Scales=OFF
Object Bigger than FOV=OFF
Reconstruction from ROI=ON
ROI Top (pixels)=2435
ROI Bottom (pixels)=654
ROI Left (pixels)=93
ROI Right (pixels)=2847
ROI reference length=3070
Filter cutoff relative to Nyquist frequency=100
Filter type=0
Filter type description=Hamming (Alpha=0.54)
Undersampling factor=1
Threshold for defect pixel mask (%)=0
Beam Hardening Correction (%)=0
CS Static Rotation (deg)=-13.01
CS Static Rotation Total(deg)=-13.01
Minimum for CS to Image Conversion=0.000000
Maximum for CS to Image Conversion=0.106930
HU Calibration=OFF
BMP LUT=0
Cone-beam Angle Horiz.(deg)=40.222191
Cone-beam Angle Vert.(deg)=26.108576
