[System]
Scanner=SkyScan1272
Instrument S/N=15G09089-B
Software Version=1.1.19
Home Directory=C:\SkyScan1272\SkyScan1272
Source Type=HAMAMATSU_L11871_20
Camera Type=XIMEA xiRAY16
Camera Pixel Size (um)=7.4
Camera X/Y Ratio=1.0023
[User]
User Name=haberthu
Computer Name=ANAMIC02
[Acquisition]
Data Directory=D:\Results\EAWAG\103908\proj
Filename Prefix=103908_
Filename Index Length=8
Number Of Files=  962
Number Of Rows= 1640
Number Of Columns= 2452
Partial Width=OFF
Image crop origin X=0
Image crop origin Y=0
Camera binning=2x2
Image Rotation=0.13600
Optical Axis (line)=  870
Camera to Source (mm)=174.07267
Object to Source (mm)=58.80850
Source Voltage (kV)=  70
Source Current (uA)= 142
Image Pixel Size (um)=5.000014
Scaled Image Pixel Size (um)=5.000014
Image Format=TIFF
Depth (bits)=16
Reference Intensity=57000
Camera position=close
Exposure (ms)=1162
Rotation Step (deg)=0.200
Use 360 Rotation=NO
Scanning position=0.018 mm
Frame Averaging=ON (3)
Random Movement=OFF (30)
Flat Field Correction=ON
FF updating interval=321
Geometrical Correction=ON
Filter=Al 0.5mm
Gantry direction=CC
Rotation Direction=CC
Type of Detector Motion=STEP AND SHOOT
Scanning Trajectory=ROUND
Number Of Horizontal Offset Positions=1
Study Date and Time=03 Nov 2020  12h:34m:39s
Scan duration=1h:35m:36s
Maximum vertical TS=1.0
Maximum horizontal TS=4.0
TS modified at=November03,16:01:10 ---  962 of 962 projections
TS modified according to=D:\Results\EAWAG\103908\proj\103908__TS.csv
TS modified at level=2
[Reconstruction]
Reconstruction Program=NRecon
Program Version=Version: 1.7.4.6
Program Home Directory=C:\SkyScan1272\SkyScan1272
Reconstruction engine=GPUReconServer
Engine version=Version: 1.7.4
Reconstruction from batch=Yes
Postalignment Applied=1
Postalignment=42.50
Reconstruction servers= ANAMIC02 
Dataset Origin=SkyScan1272
Dataset Prefix=103908_
Dataset Directory=D:\Results\EAWAG\v1_103908\proj
Output Directory=D:\Results\EAWAG\v1_103908\rec
Time and Date=21 Nov 2020  01h:49m:09s
First Section=25
Last Section=1559
Reconstruction duration per slice (seconds)=0.682085
Total reconstruction time (1535 slices) in seconds=1047.000000
Section to Section Step=1
Sections Count=1535
Result File Type=PNG
Result File Header Length (bytes)=Unknown: compressed JPG format (100%)
Result Image Width (pixels)=2452
Result Image Height (pixels)=2452
Pixel Size (um)=5.00001
Reconstruction Angular Range (deg)=192.40
Use 180+=OFF
Angular Step (deg)=0.2000
Smoothing=0
Ring Artifact Correction=7
Draw Scales=OFF
Object Bigger than FOV=OFF
Reconstruction from ROI=OFF
Filter cutoff relative to Nyquist frequency=100
Filter type=0
Filter type description=Hamming (Alpha=0.54)
Undersampling factor=1
Threshold for defect pixel mask (%)=0
Beam Hardening Correction (%)=0
CS Static Rotation (deg)=46.88
CS Static Rotation Total(deg)=46.88
Minimum for CS to Image Conversion=0.000000
Maximum for CS to Image Conversion=0.118860
HU Calibration=OFF
BMP LUT=0
Cone-beam Angle Horiz.(deg)=11.901690
Cone-beam Angle Vert.(deg)=7.976189
