[System]
Scanner=SkyScan2214
Instrument S/N=20C18017
Software Version=1.8
Home Directory=C:\SkyScan2214\SkyScan2214 User Software
Source Type=Hamamatsu L10711
Camera Type=FlatPanel: 2...50um, 140mm max.FOV
Camera Pixel Size (um)=74.800
Camera X/Y Ratio=1.0030
[User]
User Name=Skyscan4
Computer Name=ANAMIC05
[Acquisition]
Data Directory=D:\Results\EAWAG\TS04\proj
Filename Prefix=TS04~01
Number Of Files= 1765
Number Of Rows= 1944
Number Of Columns= 3072
Filename Index Length=8
Partial Width=OFF
Image crop origin X=0
Image crop origin Y=0
Camera binning=1x1
Image Rotation=0.18000
Optical Axis (line)= 1003
Object to Source (mm)=31.442
Camera to Source (mm)=313.563
Source Voltage (kV)=  70
Source Current (uA)= 140
Source Target Power (W)=6.78
Image Pixel Size (um)=7.500482
Scaled Image Pixel Size (um)=7.500482
Image Format=TIFF
Depth (bits)=16
Reference Intensity=58000
Exposure (ms)=569
Rotation Step (deg)=0.125
Use 360 Rotation=NO
High Aspect Ratio=NO
Scanning position=50.581 mm
Frame Averaging=OFF (5)
Flat Field Correction=ON
FF updating interval=253
Random Movement=OFF (40)
Filter=No Filter
Gantry direction=CW
Rotation Direction=CW
Intrinsic CS rotation in degree=0.0
Type of Detector Motion=STEP AND SHOOT
Scanning Trajectory=ROUND
Number of connected scans=3
Current scan number=2
Number of lines to be reconstructed=1429
Source Filament Type=W
Source spot size=Large
Suggested HU - Calibration=180000
Number Of Horizontal Offset Positions=1
Study Date and Time=16 Dec 2021  12h:44m:57s
Estimated Scan duration=4h:16m:27s
Scan duration=1h:15m:16s
TS modified at=January13,09:11:51 ---  1765 of 1765 projections
TS modified according to=D:\Results\EAWAG\TS04\proj\TS04~01_2DTransform.csv
TS modified at level=3
Maximum vertical TS=0.0
Maximum horizontal TS=1.0
Extra Image Shift In X suggested (micron)=16.015221
Extra Image Shift In Y suggested (micron)=44.595310
Extra CS Rotation suggested (deg)=0.062955
[Reconstruction]
Pseudo-parallel projection calculated=1
