[System]
Scanner=SkyScan2214
Instrument S/N=20C18017
Software Version=1.8
Home Directory=C:\SkyScan2214\SkyScan2214 User Software
Source Type=Hamamatsu L10711
Camera Type=FlatPanel: 2...50um, 140mm max.FOV
Camera Pixel Size (um)=74.800
Camera X/Y Ratio=1.0030
[User]
User Name=Skyscan4
Computer Name=ANAMIC05
[Acquisition]
Data Directory=D:\Results\EAWAG\TS04\proj
Filename Prefix=TS04~00
Number Of Files= 1765
Number Of Rows= 1944
Number Of Columns= 3072
Filename Index Length=8
Partial Width=OFF
Image crop origin X=0
Image crop origin Y=0
Camera binning=1x1
Image Rotation=0.18000
Optical Axis (line)= 1003
Object to Source (mm)=31.442
Camera to Source (mm)=313.563
Source Voltage (kV)=  70
Source Current (uA)= 140
Source Target Power (W)=6.78
Image Pixel Size (um)=7.500482
Scaled Image Pixel Size (um)=7.500482
Image Format=TIFF
Depth (bits)=16
Reference Intensity=58000
Exposure (ms)=569
Rotation Step (deg)=0.125
Use 360 Rotation=NO
High Aspect Ratio=NO
Scanning position=39.831 mm
Frame Averaging=OFF (5)
Flat Field Correction=ON
FF updating interval=253
Random Movement=OFF (40)
Filter=No Filter
Gantry direction=CW
Rotation Direction=CW
Intrinsic CS rotation in degree=0.0
Type of Detector Motion=STEP AND SHOOT
Scanning Trajectory=ROUND
Number of connected scans=3
Current scan number=1
Number of lines to be reconstructed=1429
Source Filament Type=W
Source spot size=Large
Suggested HU - Calibration=180000
Number Of Horizontal Offset Positions=1
Study Date and Time=16 Dec 2021  11h:28m:29s
Estimated Scan duration=4h:16m:27s
Scan duration=1h:17m:43s
Maximum vertical TS=5.0
[Reconstruction]
Reconstruction Program=NRecon
Program Version=Version: 2.1.0.1
Program Home Directory=C:\SkyScan2214\SkyScan2214 User Software
Reconstruction engine=GPUReconServer
Engine version=Version: 2.1.0
Reconstruction from batch=Yes
Postalignment Applied=1
Reconstructed using oversize-option=No
Connected Reconstruction (parts)=3
Oversize-option Bitmap=9
Sub-scan post alignment [0]=33.500000
Sub-scan post alignment [1]=23.500000
Sub-scan post alignment [2]=15.500000
Sub-scan scan length [0]=1428
Sub-scan scan length [1]=1429
Sub-scan scan length [2]=1429
Reconstruction servers= ANAMIC05 
Dataset Origin=SkyScan2214
Dataset Prefix=TS04~02
Dataset Directory=D:\Results\EAWAG\TS04\proj
Output Directory=D:\Results\EAWAG\TS04\rec
Time and Date=11 Mar 2022  15h:59m:19s
First Section=345
Last Section=4800
Reconstruction duration per slice (seconds)=0.216378
Total reconstruction time (4506 slices) in seconds=975.000000
Heel Effect Correction On=0
Section to Section Step=1
Sections Count=4456
Result File Type=PNG
Result File Header Length (bytes)=Unknown: compressed JPG format (100%)
Result Image Width (pixels)=3028
Result Image Height (pixels)=2028
Pixel Size (um)=7.50048
Reconstruction Angular Range (deg)=220.63
Use 180+=OFF
Angular Step (deg)=0.1250
Smoothing=0
Ring Artifact Correction=0
Draw Scales=OFF
Object Bigger than FOV=OFF
Reconstruction from ROI=ON
ROI Top (pixels)=2627
ROI Bottom (pixels)=599
ROI Left (pixels)=14
ROI Right (pixels)=3045
ROI reference length=3072
Filter cutoff relative to Nyquist frequency=100
Filter type=0
Filter type description=Hamming (Alpha=0.54)
Undersampling factor=1
Threshold for defect pixel mask (%)=0
Beam Hardening Correction (%)=0
CS Static Rotation (deg)=-60.54
CS Static Rotation Total(deg)=-60.54
Minimum for CS to Image Conversion=0.000000
Maximum for CS to Image Conversion=0.139957
HU Calibration=OFF
BMP LUT=0
Cone-beam Angle Horiz.(deg)=40.246929
Cone-beam Angle Vert.(deg)=26.109009
