[System]
Scanner=SkyScan2214
Instrument S/N=20C18017
Software Version=1.8
Home Directory=C:\SkyScan2214\SkyScan2214 User Software
Source Type=Hamamatsu L10711
Camera Type=FlatPanel: 2...50um, 140mm max.FOV
Camera Pixel Size (um)=74.800
Camera X/Y Ratio=1.0030
[User]
User Name=Skyscan4
Computer Name=ANAMIC05
[Acquisition]
Data Directory=D:\Results\EAWAG\MA31\proj
Filename Prefix=MA31~00
Number Of Files= 1104
Number Of Rows= 1944
Number Of Columns= 2802
Filename Index Length=8
Partial Width=OFF
Image crop origin X=0
Image crop origin Y=0
Camera binning=1x1
Image Rotation=0.18000
Optical Axis (line)= 1003
Object to Source (mm)=28.997
Camera to Source (mm)=313.563
Source Voltage (kV)=  70
Source Current (uA)= 140
Source Target Power (W)=3.58
Image Pixel Size (um)=6.917290
Scaled Image Pixel Size (um)=6.917290
Image Format=TIFF
Depth (bits)=16
Reference Intensity=58000
Exposure (ms)=666
Rotation Step (deg)=0.200
Use 360 Rotation=NO
High Aspect Ratio=NO
Scanning position=34.078 mm
Frame Averaging=OFF (3)
Flat Field Correction=ON
FF updating interval=158
Random Movement=OFF (40)
Filter=No Filter
Gantry direction=CW
Rotation Direction=CW
Intrinsic CS rotation in degree=0.0
Type of Detector Motion=STEP AND SHOOT
Scanning Trajectory=ROUND
Number of connected scans=3
Current scan number=1
Number of lines to be reconstructed=1365
Source Filament Type=W
Source spot size=Large
Suggested HU - Calibration=180000
Number Of Horizontal Offset Positions=1
Study Date and Time=21 Jun 2021  13h:08m:20s
Estimated Scan duration=2h:46m:3s
Scan duration=0h:49m:40s
Maximum vertical TS=5.0
[Reconstruction]
Reconstruction Program=NRecon
Program Version=Version: 2.0.0.5
Program Home Directory=C:\SkyScan2214\SkyScan2214 User Software
Reconstruction engine=GPUReconServer
Engine version=Version: 2.0.0
Reconstruction from batch=Yes
Postalignment Applied=1
Connected Reconstruction (parts)=3
Sub-scan post alignment [0]=-49.500000
Sub-scan post alignment [1]=-60.500000
Sub-scan post alignment [2]=-67.000000
Sub-scan scan length [0]=1365
Sub-scan scan length [1]=1366
Sub-scan scan length [2]=1365
Used extra rotation per scan(deg)= 0.000  0.000  0.193 
Used extra shift in X per scan(micron)= 0.000  3.461  -38.789 
Used extra shift in Y per scan(micron)= 0.000  17.345  23.026 
Reconstruction servers= ANAMIC05 
Dataset Origin=SkyScan2214
Dataset Prefix=MA31~02
Dataset Directory=D:\Results\EAWAG\MA31\proj_stuck
Output Directory=D:\Results\EAWAG\MA31\rec_stuck
Time and Date=22 Jun 2021  08h:53m:22s
First Section=390
Last Section=4375
Reconstruction duration per slice (seconds)=0.345534
Total reconstruction time (2732 slices) in seconds=944.000000
Section to Section Step=1
Sections Count=3986
Result File Type=PNG
Result File Header Length (bytes)=Unknown: compressed JPG format (100%)
Result Image Width (pixels)=2800
Result Image Height (pixels)=2800
Pixel Size (um)=6.91729
Reconstruction Angular Range (deg)=220.80
Use 180+=OFF
Angular Step (deg)=0.2000
Smoothing=0
Ring Artifact Correction=0
Draw Scales=OFF
Object Bigger than FOV=OFF
Reconstruction from ROI=OFF
Filter cutoff relative to Nyquist frequency=100
Filter type=0
Filter type description=Hamming (Alpha=0.54)
Undersampling factor=1
Threshold for defect pixel mask (%)=0
Beam Hardening Correction (%)=0
CS Static Rotation (deg)=-10.90
CS Static Rotation Total(deg)=-10.90
Minimum for CS to Image Conversion=0.000000
Maximum for CS to Image Conversion=0.038511
HU Calibration=OFF
BMP LUT=0
Cone-beam Angle Horiz.(deg)=36.960419
Cone-beam Angle Vert.(deg)=26.109236
Sub-Scan 0 ends at slice=1663
Sub-Scan 1 ends at slice=3029
Sub-Scan 2 ends at slice=4376
Automatic matching in Z=50
Automatic matching in X/Y=50
Automatic matching in rotation=5.000000
Automatic fusion=1
[File name convention]
Filename Index Length=8
Filename Prefix=MA31_rec
