[System]
Scanner=SkyScan2214
Instrument S/N=20C18017
Software Version=1.8
Home Directory=C:\SkyScan2214\SkyScan2214 User Software
Source Type=Hamamatsu L10711
Camera Type=FlatPanel: 2...50um, 140mm max.FOV
Camera Pixel Size (um)=74.800
Camera X/Y Ratio=1.0030
[User]
User Name=Skyscan4
Computer Name=ANAMIC05
[Acquisition]
Data Directory=D:\Results\EAWAG\ZU12\proj
Filename Prefix=ZU12~00
Number Of Files= 1801
Number Of Rows= 1944
Number Of Columns= 3072
Filename Index Length=8
Partial Width=OFF
Image crop origin X=0
Image crop origin Y=0
Camera binning=1x1
Image Rotation=0.18000
Optical Axis (line)= 1003
Object to Source (mm)=37.729
Camera to Source (mm)=313.563
Source Voltage (kV)=  70
Source Current (uA)= 140
Source Target Power (W)=4.38
Image Pixel Size (um)=9.000117
Scaled Image Pixel Size (um)=9.000117
Image Format=TIFF
Depth (bits)=16
Reference Intensity=58000
Exposure (ms)=873
Rotation Step (deg)=0.200
Use 360 Rotation=YES
High Aspect Ratio=NO
Scanning position=50.940 mm
Frame Averaging=OFF (4)
Flat Field Correction=ON
FF updating interval=258
Random Movement=OFF (40)
Filter=No Filter
Gantry direction=CW
Rotation Direction=CW
Intrinsic CS rotation in degree=0.0
Type of Detector Motion=STEP AND SHOOT
Scanning Trajectory=ROUND
Number of connected scans=3
Current scan number=1
Number of lines to be reconstructed=1456
Source Filament Type=W
Source spot size=Large
Suggested HU - Calibration=180000
Number Of Horizontal Offset Positions=1
Study Date and Time=20 Sep 2021  11h:14m:42s
Estimated Scan duration=4h:32m:24s
Scan duration=1h:33m:2s
Maximum vertical TS=5.0
[Reconstruction]
Reconstruction Program=NRecon
Program Version=Version: 2.1.0.1
Program Home Directory=C:\SkyScan1272\SkyScan1272
Reconstruction engine=GPUReconServer
Engine version=Version: 2.1.0
Reconstruction from batch=Yes
Postalignment Applied=1
Reconstructed using oversize-option=No
Connected Reconstruction (parts)=3
Oversize-option Bitmap=15
Sub-scan post alignment [0]=129.500000
Sub-scan post alignment [1]=121.000000
Sub-scan post alignment [2]=113.500000
Sub-scan scan length [0]=1458
Sub-scan scan length [1]=1460
Sub-scan scan length [2]=1456
Used extra rotation per scan(deg)= 0.000  0.161  0.252 
Used extra shift in X per scan(micron)= 0.000  1.272  1.956 
Used extra shift in Y per scan(micron)= 0.000  15.525  16.705 
Reconstruction servers= ANAMIC02 
Dataset Origin=SkyScan2214
Dataset Prefix=ZU12~02
Dataset Directory=D:\Results\EAWAG\ZU12\proj
Output Directory=D:\Results\EAWAG\ZU12\rec_reconstruct
Time and Date=13 Oct 2021  12h:21m:28s
First Section=578
Last Section=4854
Reconstruction duration per slice (seconds)=1.086673
Total reconstruction time (2919 slices) in seconds=3172.000000
Heel Effect Correction On=0
Section to Section Step=1
Sections Count=4277
Result File Type=PNG
Result File Header Length (bytes)=Unknown: compressed JPG format (100%)
Result Image Width (pixels)=2892
Result Image Height (pixels)=2180
Pixel Size (um)=9.00012
Reconstruction Angular Range (deg)=220.40
Use 180+=ON
Starting view of 180+ reconstruction=0
Angular Step (deg)=0.2000
Smoothing=0
Ring Artifact Correction=0
Draw Scales=OFF
Object Bigger than FOV=OFF
Reconstruction from ROI=ON
ROI Top (pixels)=2939
ROI Bottom (pixels)=757
ROI Left (pixels)=106
ROI Right (pixels)=3000
ROI reference length=3072
Filter cutoff relative to Nyquist frequency=100
Filter type=0
Filter type description=Hamming (Alpha=0.54)
Undersampling factor=1
Threshold for defect pixel mask (%)=0
Beam Hardening Correction (%)=0
CS Static Rotation (deg)=-100.00
CS Static Rotation Total(deg)=-100.00
Minimum for CS to Image Conversion=0.000000
Maximum for CS to Image Conversion=0.142012
HU Calibration=OFF
BMP LUT=0
Cone-beam Angle Horiz.(deg)=40.246403
Cone-beam Angle Vert.(deg)=26.108650
Sub-Scan 0 ends at slice=1711
Sub-Scan 1 ends at slice=3170
Sub-Scan 2 ends at slice=4538
Automatic Matching In Z=50
Automatic Matching In X/Y=50
Automatic Matching In Rotation=5.000000
Automatic Fusion=1
Automatic Heel Effect Correction=0
[File name convention]
Filename Index Length=8
Filename Prefix=ZU12_rec
