[System]
Scanner=SkyScan1272
Instrument S/N=15G09089-B
Software Version=1.1.19
Home Directory=C:\SkyScan1272\SkyScan1272
Source Type=HAMAMATSU_L11871_20
Camera Type=XIMEA xiRAY16
Camera Pixel Size (um)=7.4
Camera X/Y Ratio=1.0023
[User]
User Name=haberthu
Computer Name=ANAMIC02
[Acquisition]
Data Directory=D:\Results\EAWAG\TJ3\proj_pharyngealjaw
Filename Prefix=TJ3
Filename Index Length=8
Number Of Files=  962
Number Of Rows= 1640
Number Of Columns= 2452
Partial Width=OFF
Image crop origin X=0
Image crop origin Y=0
Camera binning=2x2
Image Rotation=-0.08200
Optical Axis (line)=  870
Camera to Source (mm)=174.07267
Object to Source (mm)=58.80850
Source Voltage (kV)=  60
Source Current (uA)= 166
Image Pixel Size (um)=5.000014
Scaled Image Pixel Size (um)=5.000014
Image Format=TIFF
Depth (bits)=16
Reference Intensity=57000
Camera position=close
Exposure (ms)=1062
Rotation Step (deg)=0.200
Use 360 Rotation=NO
Scanning position=14.574 mm
Frame Averaging=ON (3)
Random Movement=OFF (30)
Flat Field Correction=ON
FF updating interval=321
Geometrical Correction=ON
Filter=Al 0.25mm
Gantry direction=CC
Rotation Direction=CC
Type of Detector Motion=STEP AND SHOOT
Scanning Trajectory=ROUND
Number Of Horizontal Offset Positions=1
Study Date and Time=01 Feb 2021  11h:05m:12s
Scan duration=1h:29m:21s
Maximum vertical TS=0.0
Maximum horizontal TS=0.0
TS modified at=February01,11:31:41 ---  962 of 962 projections
TS modified according to=D:\Results\EAWAG\TJ3\proj_pharyngealjaw\TJ3_TS.csv
TS modified at level=2
[Reconstruction]
Reconstruction Program=NRecon
Program Version=Version: 2.1.0.1
Program Home Directory=C:\SkyScan1272\SkyScan1272
Reconstruction engine=GPUReconServer
Engine version=Version: 2.1.0
Reconstruction from batch=Yes
Postalignment Applied=1
Postalignment=13.50
Reconstructed using oversize-option=No
Reconstruction servers= ANAMIC02 
Dataset Origin=SkyScan1272
Dataset Prefix=TJ3
Dataset Directory=D:\Results\EAWAG\TJ3\pharynx\proj_pharyngealjaw
Output Directory=D:\Results\EAWAG\TJ3\pharynx\rec_pharyngealjaw
Time and Date=11 Jan 2022  19h:00m:16s
First Section=2
Last Section=1638
Reconstruction duration per slice (seconds)=0.350641
Total reconstruction time (1637 slices) in seconds=574.000000
Heel Effect Correction On=0
Section to Section Step=1
Sections Count=1637
Result File Type=PNG
Result File Header Length (bytes)=Unknown: compressed JPG format (100%)
Result Image Width (pixels)=2376
Result Image Height (pixels)=1988
Pixel Size (um)=5.00001
Reconstruction Angular Range (deg)=192.40
Use 180+=OFF
Angular Step (deg)=0.2000
Smoothing=0
Ring Artifact Correction=13
Draw Scales=OFF
Object Bigger than FOV=OFF
Reconstruction from ROI=ON
ROI Top (pixels)=2327
ROI Bottom (pixels)=339
ROI Left (pixels)=19
ROI Right (pixels)=2395
ROI reference length=2452
Filter cutoff relative to Nyquist frequency=100
Filter type=0
Filter type description=Hamming (Alpha=0.54)
Undersampling factor=1
Threshold for defect pixel mask (%)=50
Beam Hardening Correction (%)=0
CS Static Rotation (deg)=153.00
CS Static Rotation Total(deg)=153.00
Minimum for CS to Image Conversion=0.000000
Maximum for CS to Image Conversion=0.302137
HU Calibration=OFF
BMP LUT=0
Cone-beam Angle Horiz.(deg)=11.901690
Cone-beam Angle Vert.(deg)=7.976189
[File name convention]
Filename Index Length=8
Filename Prefix=TJ3_rec
