[System]
Scanner=SkyScan2214
Instrument S/N=20C18017
Software Version=1.8
Home Directory=C:\SkyScan2214\SkyScan2214 User Software
Source Type=Hamamatsu L10711
Camera Type=FlatPanel: 2...50um, 140mm max.FOV
Camera Pixel Size (um)=74.800
Camera X/Y Ratio=1.0030
[User]
User Name=Skyscan4
Computer Name=ANAMIC05
[Acquisition]
Data Directory=D:\Results\EAWAG\12319\proj
Filename Prefix=12319~00
Number Of Files= 1104
Number Of Rows= 1944
Number Of Columns= 3072
Filename Index Length=8
Partial Width=OFF
Image crop origin X=0
Image crop origin Y=0
Camera binning=1x1
Image Rotation=0.18000
Optical Axis (line)= 1003
Object to Source (mm)=36.001
Camera to Source (mm)=313.563
Source Voltage (kV)=  70
Source Current (uA)= 140
Source Target Power (W)=5.29
Image Pixel Size (um)=8.588096
Scaled Image Pixel Size (um)=8.588096
Image Format=TIFF
Depth (bits)=16
Reference Intensity=58000
Exposure (ms)=747
Rotation Step (deg)=0.200
Use 360 Rotation=NO
High Aspect Ratio=NO
Scanning position=38.594 mm
Frame Averaging=OFF (3)
Flat Field Correction=ON
FF updating interval=158
Random Movement=OFF (40)
Filter=No Filter
Gantry direction=CW
Rotation Direction=CW
Intrinsic CS rotation in degree=0.0
Type of Detector Motion=STEP AND SHOOT
Scanning Trajectory=ROUND
Number of connected scans=4
Current scan number=1
Number of lines to be reconstructed=1172
Source Filament Type=W
Source spot size=Large
Suggested HU - Calibration=180000
Number Of Horizontal Offset Positions=1
Study Date and Time=13 Jul 2021  11h:31m:55s
Estimated Scan duration=3h:47m:44s
Scan duration=0h:55m:21s
Maximum vertical TS=5.0
[Reconstruction]
Reconstruction Program=NRecon
Program Version=Version: 2.0.0.5
Program Home Directory=C:\SkyScan2214\SkyScan2214 User Software
Reconstruction engine=GPUReconServer
Engine version=Version: 2.0.0
Reconstruction from batch=Yes
Postalignment Applied=1
Connected Reconstruction (parts)=4
Sub-scan post alignment [0]=133.500000
Sub-scan post alignment [1]=126.000000
Sub-scan post alignment [2]=118.500000
Sub-scan post alignment [3]=113.000000
Sub-scan scan length [0]=1173
Sub-scan scan length [1]=1177
Sub-scan scan length [2]=1175
Sub-scan scan length [3]=1172
Used extra rotation per scan(deg)= 0.000  0.012  0.089  0.169 
Used extra shift in X per scan(micron)= 0.000  -14.083  -21.793  -29.799 
Used extra shift in Y per scan(micron)= 0.000  -3.088  -38.093  -30.629 
Reconstruction servers= ANAMIC05 
Dataset Origin=SkyScan2214
Dataset Prefix=12319~03
Dataset Directory=D:\Results\EAWAG\12319\proj
Output Directory=D:\Results\EAWAG\12319\rec
Time and Date=13 Jul 2021  15h:08m:03s
First Section=504
Last Section=5458
Reconstruction duration per slice (seconds)=0.326432
Total reconstruction time (3526 slices) in seconds=1151.000000
Section to Section Step=1
Sections Count=4955
Result File Type=PNG
Result File Header Length (bytes)=Unknown: compressed JPG format (100%)
Result Image Width (pixels)=2956
Result Image Height (pixels)=2424
Pixel Size (um)=8.58810
Reconstruction Angular Range (deg)=220.80
Use 180+=OFF
Angular Step (deg)=0.2000
Smoothing=0
Ring Artifact Correction=0
Draw Scales=OFF
Object Bigger than FOV=OFF
Reconstruction from ROI=ON
ROI Top (pixels)=2550
ROI Bottom (pixels)=126
ROI Left (pixels)=75
ROI Right (pixels)=3031
ROI reference length=3072
Filter cutoff relative to Nyquist frequency=100
Filter type=0
Filter type description=Hamming (Alpha=0.54)
Undersampling factor=1
Threshold for defect pixel mask (%)=0
Beam Hardening Correction (%)=0
CS Static Rotation (deg)=57.80
CS Static Rotation Total(deg)=57.80
Minimum for CS to Image Conversion=0.000000
Maximum for CS to Image Conversion=0.117131
HU Calibration=OFF
BMP LUT=0
Cone-beam Angle Horiz.(deg)=40.247211
Cone-beam Angle Vert.(deg)=26.109201
Sub-Scan 0 ends at slice=1589
Sub-Scan 1 ends at slice=2764
Sub-Scan 2 ends at slice=3940
Sub-Scan 3 ends at slice=5145
Automatic matching in Z=50
Automatic matching in X/Y=50
Automatic matching in rotation=5.000000
Automatic fusion=1
[File name convention]
Filename Index Length=8
Filename Prefix=12319_rec
