[System]
Scanner=SkyScan2214
Instrument S/N=20C18017
Software Version=1.8
Home Directory=C:\SkyScan2214\SkyScan2214 User Software
Source Type=Hamamatsu L10711
Camera Type=FlatPanel: 2...50um, 140mm max.FOV
Camera Pixel Size (um)=74.800
Camera X/Y Ratio=1.0030
[User]
User Name=Skyscan4
Computer Name=ANAMIC05
[Acquisition]
Data Directory=D:\Results\EAWAG\10619\head\proj_unbinned_17.5um
Filename Prefix=10619~03
Number Of Files= 2205
Number Of Rows=  486
Number Of Columns=  768
Filename Index Length=8
Partial Width=OFF
Image crop origin X=0
Image crop origin Y=0
Camera binning=4x4
Image Rotation=0.18000
Optical Axis (line)=  250
Object to Source (mm)=35.500
Camera to Source (mm)=313.563
Source Voltage (kV)=  70
Source Current (uA)= 140
Source Target Power (W)=5.74
Image Pixel Size (um)=33.873713
Scaled Image Pixel Size (um)=33.873713
Image Format=TIFF
Depth (bits)=16
Reference Intensity=58000
Exposure (ms)=681
Rotation Step (deg)=0.100
Use 360 Rotation=NO
High Aspect Ratio=NO
Scanning position=79.659 mm
Frame Averaging=OFF (4)
Flat Field Correction=ON
FF updating interval=315
Random Movement=OFF (10)
Filter=No Filter
Gantry direction=CW
Rotation Direction=CW
Intrinsic CS rotation in degree=0.0
Type of Detector Motion=STEP AND SHOOT
Scanning Trajectory=ROUND
Number of connected scans=4
Current scan number=4
Number of lines to be reconstructed=316
Source Filament Type=W
Source spot size=Large
Suggested HU - Calibration=180000
Number Of Horizontal Offset Positions=1
Study Date and Time=21 Oct 2021  15h:19m:44s
Estimated Scan duration=0h:52m:0s
Scan duration=1h:1m:43s
Maximum vertical TS=0.0
Maximum horizontal TS=0.0
TS modified at=October21,16:39:11 ---  2205 of 2205 projections
TS modified according to=D:\Results\EAWAG\10619\head\proj_unbinned_17.5um\10619~03_2DTransform.csv
TS modified at level=3
Extra Image Shift In X suggested (micron)=7.956516
Extra Image Shift In Y suggested (micron)=-18.063772
Extra CS Rotation suggested (deg)=0.230196
[Reconstruction]
Pseudo-parallel projection calculated=1
