[System]
Scanner=SkyScan2214
Instrument S/N=20C18017
Software Version=1.8
Home Directory=C:\SkyScan2214\SkyScan2214 User Software
Source Type=Hamamatsu L10711
Camera Type=FlatPanel: 2...50um, 140mm max.FOV
Camera Pixel Size (um)=74.800
Camera X/Y Ratio=1.0030
[User]
User Name=Skyscan4
Computer Name=ANAMIC05
[Acquisition]
Data Directory=D:\Results\EAWAG\BH58\proj
Filename Prefix=BH58~00
Number Of Files= 1104
Number Of Rows= 1944
Number Of Columns= 3070
Filename Index Length=8
Partial Width=OFF
Image crop origin X=0
Image crop origin Y=0
Camera binning=1x1
Image Rotation=0.21000
Optical Axis (line)= 1003
Object to Source (mm)=33.500
Camera to Source (mm)=313.563
Source Voltage (kV)=  70
Source Current (uA)= 140
Source Target Power (W)=5.05
Image Pixel Size (um)=7.991271
Scaled Image Pixel Size (um)=7.991271
Image Format=TIFF
Depth (bits)=16
Reference Intensity=58000
Exposure (ms)=713
Rotation Step (deg)=0.200
Use 360 Rotation=NO
High Aspect Ratio=NO
Scanning position=48.019 mm
Frame Averaging=OFF (3)
Flat Field Correction=ON
FF updating interval=158
Random Movement=OFF (40)
Filter=No Filter
Gantry direction=CW
Rotation Direction=CW
Intrinsic CS rotation in degree=0.0
Type of Detector Motion=STEP AND SHOOT
Scanning Trajectory=ROUND
Number of connected scans=3
Current scan number=1
Number of lines to be reconstructed=1546
Source Filament Type=W
Source spot size=Large
Suggested HU - Calibration=180000
Number Of Horizontal Offset Positions=1
Study Date and Time=09 Jun 2021  15h:36m:54s
Estimated Scan duration=3h:1m:15s
Scan duration=0h:50m:46s
Maximum vertical TS=5.0
[Reconstruction]
Reconstruction Program=NRecon
Program Version=Version: 2.0.0.5
Program Home Directory=C:\SkyScan2214\SkyScan2214 User Software
Reconstruction engine=GPUReconServer
Engine version=Version: 2.0.0
Reconstruction from batch=Yes
Postalignment Applied=1
Connected Reconstruction (parts)=3
Sub-scan post alignment [0]=37.500000
Sub-scan post alignment [1]=25.500000
Sub-scan post alignment [2]=15.500000
Sub-scan scan length [0]=1547
Sub-scan scan length [1]=1546
Sub-scan scan length [2]=1546
Used extra rotation per scan(deg)= 0.000  0.163  0.268 
Used extra shift in X per scan(micron)= 0.000  -13.088  -50.210 
Used extra shift in Y per scan(micron)= 0.000  6.235  -8.113 
Reconstruction servers= ANAMIC05 
Dataset Origin=SkyScan2214
Dataset Prefix=BH58~02
Dataset Directory=D:\Results\EAWAG\BH58\proj
Output Directory=D:\Results\EAWAG\BH58\rec
Time and Date=09 Jun 2021  18h:31m:14s
First Section=480
Last Section=5034
Reconstruction duration per slice (seconds)=0.313833
Total reconstruction time (3094 slices) in seconds=971.000000
Section to Section Step=1
Sections Count=4555
Result File Type=PNG
Result File Header Length (bytes)=Unknown: compressed JPG format (100%)
Result Image Width (pixels)=3040
Result Image Height (pixels)=2452
Pixel Size (um)=7.99127
Reconstruction Angular Range (deg)=220.80
Use 180+=OFF
Angular Step (deg)=0.2000
Smoothing=0
Ring Artifact Correction=0
Draw Scales=OFF
Object Bigger than FOV=OFF
Reconstruction from ROI=ON
ROI Top (pixels)=2552
ROI Bottom (pixels)=99
ROI Left (pixels)=22
ROI Right (pixels)=3063
ROI reference length=3070
Filter cutoff relative to Nyquist frequency=100
Filter type=0
Filter type description=Hamming (Alpha=0.54)
Undersampling factor=1
Threshold for defect pixel mask (%)=0
Beam Hardening Correction (%)=0
CS Static Rotation (deg)=237.75
CS Static Rotation Total(deg)=237.75
Minimum for CS to Image Conversion=0.000000
Maximum for CS to Image Conversion=0.096162
HU Calibration=OFF
BMP LUT=0
Cone-beam Angle Horiz.(deg)=40.222149
Cone-beam Angle Vert.(deg)=26.108547
