[System]
Scanner=SkyScan1272
Instrument S/N=15G09089-B
Software Version=1.1.19
Home Directory=C:\SkyScan1272\SkyScan1272
Source Type=HAMAMATSU_L11871_20
Camera Type=XIMEA xiRAY16
Camera Pixel Size (um)=7.4
Camera X/Y Ratio=1.0023
[User]
User Name=haberthu
Computer Name=ANAMIC02
[Acquisition]
Data Directory=D:\Results\EAWAG\103908\proj
Filename Prefix=103908_~01
Filename Index Length=8
Number Of Files=  962
Number Of Rows= 1640
Number Of Columns= 2452
Partial Width=OFF
Image crop origin X=0
Image crop origin Y=0
Camera binning=2x2
Image Rotation=0.13600
Optical Axis (line)=  870
Camera to Source (mm)=174.07267
Object to Source (mm)=58.80850
Source Voltage (kV)=  70
Source Current (uA)= 142
Image Pixel Size (um)=5.000014
Scaled Image Pixel Size (um)=5.000014
Image Format=TIFF
Depth (bits)=16
Reference Intensity=57000
Camera position=close
Exposure (ms)=1162
Rotation Step (deg)=0.200
Use 360 Rotation=NO
Scanning position=3.488 mm
Frame Averaging=ON (3)
Random Movement=OFF (30)
Flat Field Correction=ON
FF updating interval=160
Geometrical Correction=ON
Filter=Al 0.5mm
Gantry direction=CC
Rotation Direction=CC
Type of Detector Motion=STEP AND SHOOT
Scanning Trajectory=ROUND
Number Of Horizontal Offset Positions=1
Number of connected scans=3
Current scan number=2
Number of lines to be reconstructed=879
Study Date and Time=13 Nov 2020  14h:29m:52s
Scan duration=1h:35m:47s
Maximum vertical TS=5.0
[Reconstruction]
Reconstruction Program=NRecon
Program Version=Version: 2.1.0.1
Program Home Directory=C:\SkyScan2214\SkyScan2214 User Software
Reconstruction engine=GPUReconServer
Engine version=Version: 2.1.0
Reconstruction from batch=Yes
Postalignment Applied=1
Reconstructed using oversize-option=No
Connected Reconstruction (parts)=3
Oversize-option Bitmap=9
Sub-scan post alignment [0]=44.000000
Sub-scan post alignment [1]=43.000000
Sub-scan post alignment [2]=43.000000
Sub-scan scan length [0]=694
Sub-scan scan length [1]=881
Sub-scan scan length [2]=879
Used extra shift in X per scan(micron)= 0.000  7.390  5.271 
Used extra shift in Y per scan(micron)= 0.000  6.913  13.743 
Reconstruction servers= ANAMIC05 
Dataset Origin=SkyScan1272
Dataset Prefix=103908_~02
Dataset Directory=D:\Results\EAWAG\103908\stack\proj
Output Directory=D:\Results\EAWAG\103908\stack\rec
Time and Date=03 May 2022  16h:58m:25s
First Section=237
Last Section=3213
Reconstruction duration per slice (seconds)=0.151585
Total reconstruction time (3028 slices) in seconds=459.000000
Heel Effect Correction On=0
Section to Section Step=1
Sections Count=2977
Result File Type=PNG
Result File Header Length (bytes)=Unknown: compressed JPG format (100%)
Result Image Width (pixels)=2396
Result Image Height (pixels)=1700
Pixel Size (um)=5.00001
Reconstruction Angular Range (deg)=192.40
Use 180+=OFF
Angular Step (deg)=0.2000
Smoothing=0
Ring Artifact Correction=14
Draw Scales=OFF
Object Bigger than FOV=OFF
Reconstruction from ROI=ON
ROI Top (pixels)=2133
ROI Bottom (pixels)=431
ROI Left (pixels)=23
ROI Right (pixels)=2419
ROI reference length=2452
Filter cutoff relative to Nyquist frequency=100
Filter type=0
Filter type description=Hamming (Alpha=0.54)
Undersampling factor=1
Threshold for defect pixel mask (%)=0
Beam Hardening Correction (%)=0
CS Static Rotation (deg)=68.17
CS Static Rotation Total(deg)=68.17
Minimum for CS to Image Conversion=0.000000
Maximum for CS to Image Conversion=0.238643
HU Calibration=OFF
BMP LUT=0
Cone-beam Angle Horiz.(deg)=11.901690
Cone-beam Angle Vert.(deg)=7.976189
