[System]
Scanner=SkyScan2214
Instrument S/N=20C18017
Software Version=1.8
Home Directory=C:\SkyScan2214\SkyScan2214 User Software
Source Type=Hamamatsu L10711
Camera Type=FlatPanel: 2...50um, 140mm max.FOV
Camera Pixel Size (um)=74.800
Camera X/Y Ratio=1.0030
[User]
User Name=Skyscan4
Computer Name=ANAMIC05
[Acquisition]
Data Directory=D:\Results\EAWAG\10629\proj
Filename Prefix=10629~00
Number Of Files= 2205
Number Of Rows=  972
Number Of Columns= 1536
Filename Index Length=8
Partial Width=OFF
Image crop origin X=0
Image crop origin Y=0
Camera binning=2x2
Image Rotation=0.18000
Optical Axis (line)=  501
Object to Source (mm)=34.998
Camera to Source (mm)=313.563
Source Voltage (kV)=  70
Source Current (uA)= 140
Source Target Power (W)=5.08
Image Pixel Size (um)=16.697521
Scaled Image Pixel Size (um)=16.697521
Image Format=TIFF
Depth (bits)=16
Reference Intensity=58000
Exposure (ms)=976
Rotation Step (deg)=0.100
Use 360 Rotation=NO
High Aspect Ratio=NO
Scanning position=37.878 mm
Frame Averaging=OFF (3)
Flat Field Correction=ON
FF updating interval=315
Random Movement=OFF (20)
Filter=No Filter
Gantry direction=CW
Rotation Direction=CW
Intrinsic CS rotation in degree=0.0
Type of Detector Motion=STEP AND SHOOT
Scanning Trajectory=ROUND
Number of connected scans=3
Current scan number=1
Number of lines to be reconstructed=757
Source Filament Type=W
Source spot size=Large
Suggested HU - Calibration=180000
Number Of Horizontal Offset Positions=1
Study Date and Time=22 Nov 2021  13h:09m:28s
Estimated Scan duration=2h:56m:57s
Scan duration=1h:32m:34s
Maximum vertical TS=5.0
[Reconstruction]
Reconstruction Program=NRecon
Program Version=Version: 2.1.0.1
Program Home Directory=C:\SkyScan2214\SkyScan2214 User Software
Reconstruction engine=GPUReconServer
Engine version=Version: 2.1.0
Reconstruction from batch=Yes
Postalignment Applied=1
Reconstructed using oversize-option=No
Connected Reconstruction (parts)=3
Oversize-option Bitmap=9
Sub-scan post alignment [0]=34.500000
Sub-scan post alignment [1]=11.000000
Sub-scan post alignment [2]=7.000000
Sub-scan scan length [0]=757
Sub-scan scan length [1]=757
Sub-scan scan length [2]=757
Reconstruction servers= ANAMIC05 
Dataset Origin=SkyScan2214
Dataset Prefix=10629~02
Dataset Directory=D:\Results\EAWAG\10629\proj
Output Directory=D:\Results\EAWAG\10629\rec
Time and Date=22 Nov 2021  17h:30m:05s
First Section=887
Last Section=2484
Reconstruction duration per slice (seconds)=0.105518
Total reconstruction time (1649 slices) in seconds=174.000000
Heel Effect Correction On=0
Section to Section Step=1
Sections Count=1598
Result File Type=PNG
Result File Header Length (bytes)=Unknown: compressed JPG format (100%)
Result Image Width (pixels)=1488
Result Image Height (pixels)=1184
Pixel Size (um)=16.69752
Reconstruction Angular Range (deg)=220.50
Use 180+=OFF
Angular Step (deg)=0.1000
Smoothing=0
Ring Artifact Correction=0
Draw Scales=OFF
Object Bigger than FOV=OFF
Reconstruction from ROI=ON
ROI Top (pixels)=1277
ROI Bottom (pixels)=93
ROI Left (pixels)=26
ROI Right (pixels)=1515
ROI reference length=1536
Filter cutoff relative to Nyquist frequency=100
Filter type=0
Filter type description=Hamming (Alpha=0.54)
Undersampling factor=1
Threshold for defect pixel mask (%)=0
Beam Hardening Correction (%)=0
CS Static Rotation (deg)=-22.45
CS Static Rotation Total(deg)=-22.45
Minimum for CS to Image Conversion=0.000000
Maximum for CS to Image Conversion=0.072001
HU Calibration=OFF
BMP LUT=0
Cone-beam Angle Horiz.(deg)=40.246906
Cone-beam Angle Vert.(deg)=26.108994
