[System]
Scanner=SkyScan2214
Instrument S/N=20C18017
Software Version=1.8
Home Directory=C:\SkyScan2214\SkyScan2214 User Software
Source Type=Hamamatsu L10711
Camera Type=FlatPanel: 2...50um, 140mm max.FOV
Camera Pixel Size (um)=74.800
Camera X/Y Ratio=1.0030
[User]
User Name=Skyscan4
Computer Name=ANAMIC05
[Acquisition]
Data Directory=D:\Results\EAWAG\103375\head\proj
Filename Prefix=103375~00
Number Of Files= 1104
Number Of Rows=  972
Number Of Columns= 1536
Filename Index Length=8
Partial Width=OFF
Image crop origin X=0
Image crop origin Y=0
Camera binning=2x2
Image Rotation=0.19000
Optical Axis (line)=  501
Object to Source (mm)=73.359
Camera to Source (mm)=313.563
Source Voltage (kV)=  70
Source Current (uA)= 140
Source Target Power (W)=3.09
Image Pixel Size (um)=34.999138
Scaled Image Pixel Size (um)=34.999138
Image Format=TIFF
Depth (bits)=16
Reference Intensity=58000
Exposure (ms)=850
Rotation Step (deg)=0.200
Use 360 Rotation=NO
High Aspect Ratio=NO
Scanning position=0.000 mm
Frame Averaging=OFF (5)
Flat Field Correction=ON
FF updating interval=158
Random Movement=OFF (20)
Filter=No Filter
Gantry direction=CW
Rotation Direction=CW
Intrinsic CS rotation in degree=0.0
Type of Detector Motion=STEP AND SHOOT
Scanning Trajectory=ROUND
Number of connected scans=3
Current scan number=1
Number of lines to be reconstructed=706
Source Filament Type=W
Source spot size=Mid
Suggested HU - Calibration=180000
Number Of Horizontal Offset Positions=1
Study Date and Time=28 Feb 2022  12h:10m:58s
Estimated Scan duration=2h:49m:30s
Scan duration=0h:45m:39s
Maximum vertical TS=5.0
[Reconstruction]
Reconstruction Program=NRecon
Program Version=Version: 2.1.0.1
Program Home Directory=C:\SkyScan2214\SkyScan2214 User Software
Reconstruction engine=GPUReconServer
Engine version=Version: 2.1.0
Reconstruction from batch=Yes
Postalignment Applied=1
Reconstructed using oversize-option=No
Connected Reconstruction (parts)=3
Oversize-option Bitmap=9
Sub-scan post alignment [0]=7.500000
Sub-scan post alignment [1]=2.000000
Sub-scan post alignment [2]=-2.500000
Sub-scan scan length [0]=661
Sub-scan scan length [1]=707
Sub-scan scan length [2]=706
Reconstruction servers= ANAMIC05 
Dataset Origin=SkyScan2214
Dataset Prefix=103375~02
Dataset Directory=D:\Results\EAWAG\103375\head\proj
Output Directory=D:\Results\EAWAG\103375\head\rec
Time and Date=28 Feb 2022  14h:33m:10s
First Section=265
Last Section=2337
Reconstruction duration per slice (seconds)=0.064471
Total reconstruction time (2125 slices) in seconds=137.000000
Heel Effect Correction On=0
Section to Section Step=1
Sections Count=2073
Result File Type=PNG
Result File Header Length (bytes)=Unknown: compressed JPG format (100%)
Result Image Width (pixels)=1504
Result Image Height (pixels)=896
Pixel Size (um)=34.99914
Reconstruction Angular Range (deg)=220.80
Use 180+=OFF
Angular Step (deg)=0.2000
Smoothing=0
Ring Artifact Correction=0
Draw Scales=OFF
Object Bigger than FOV=OFF
Reconstruction from ROI=ON
ROI Top (pixels)=1343
ROI Bottom (pixels)=444
ROI Left (pixels)=20
ROI Right (pixels)=1527
ROI reference length=1536
Filter cutoff relative to Nyquist frequency=100
Filter type=0
Filter type description=Hamming (Alpha=0.54)
Undersampling factor=1
Threshold for defect pixel mask (%)=0
Beam Hardening Correction (%)=0
CS Static Rotation (deg)=150.00
CS Static Rotation Total(deg)=150.00
Minimum for CS to Image Conversion=0.000000
Maximum for CS to Image Conversion=0.072119
HU Calibration=OFF
BMP LUT=0
Cone-beam Angle Horiz.(deg)=40.246498
Cone-beam Angle Vert.(deg)=26.108717
Sub-Scan 0 ends at slice=821
Sub-Scan 1 ends at slice=1505
Sub-Scan 2 ends at slice=2177
Automatic Matching In Z=50
Automatic Matching In X/Y=0
Automatic Matching In Rotation=0.000000
Automatic Fusion=1
Automatic Heel Effect Correction=0
[File name convention]
Filename Index Length=8
Filename Prefix=103375_rec
