[System]
Scanner=SkyScan2214
Instrument S/N=20C18017
Software Version=1.8
Home Directory=C:\SkyScan2214\SkyScan2214 User Software
Source Type=Hamamatsu L10711
Camera Type=FlatPanel: 2...50um, 140mm max.FOV
Camera Pixel Size (um)=74.800
Camera X/Y Ratio=1.0030
[User]
User Name=Skyscan4
Computer Name=ANAMIC05
[Acquisition]
Data Directory=D:\Results\EAWAG\104929\proj
Filename Prefix=104929~00
Number Of Files= 1471
Number Of Rows= 1944
Number Of Columns= 3072
Filename Index Length=8
Partial Width=OFF
Image crop origin X=0
Image crop origin Y=0
Camera binning=1x1
Image Rotation=0.18000
Optical Axis (line)= 1003
Object to Source (mm)=35.633
Camera to Source (mm)=313.563
Source Voltage (kV)=  70
Source Current (uA)= 140
Source Target Power (W)=6.75
Image Pixel Size (um)=8.500239
Scaled Image Pixel Size (um)=8.500239
Image Format=TIFF
Depth (bits)=16
Reference Intensity=58000
Exposure (ms)=569
Rotation Step (deg)=0.150
Use 360 Rotation=NO
High Aspect Ratio=NO
Scanning position=40.266 mm
Frame Averaging=OFF (5)
Flat Field Correction=ON
FF updating interval=211
Random Movement=OFF (40)
Filter=No Filter
Gantry direction=CW
Rotation Direction=CW
Intrinsic CS rotation in degree=0.0
Type of Detector Motion=STEP AND SHOOT
Scanning Trajectory=ROUND
Number of connected scans=3
Current scan number=1
Number of lines to be reconstructed=1402
Source Filament Type=W
Source spot size=Large
Suggested HU - Calibration=180000
Number Of Horizontal Offset Positions=1
Study Date and Time=29 Nov 2021  11h:43m:14s
Estimated Scan duration=3h:49m:30s
Scan duration=1h:3m:45s
Maximum vertical TS=5.0
[Reconstruction]
Reconstruction Program=NRecon
Program Version=Version: 2.1.0.1
Program Home Directory=C:\SkyScan2214\SkyScan2214 User Software
Reconstruction engine=GPUReconServer
Engine version=Version: 2.1.0
Reconstruction from batch=Yes
Postalignment Applied=1
Reconstructed using oversize-option=No
Connected Reconstruction (parts)=3
Oversize-option Bitmap=9
Sub-scan post alignment [0]=32.000000
Sub-scan post alignment [1]=22.500000
Sub-scan post alignment [2]=13.000000
Sub-scan scan length [0]=1400
Sub-scan scan length [1]=1402
Sub-scan scan length [2]=1402
Reconstruction servers= ANAMIC05 
Dataset Origin=SkyScan2214
Dataset Prefix=104929~02
Dataset Directory=D:\Results\EAWAG\104929\proj
Output Directory=D:\Results\EAWAG\104929\rec
Time and Date=29 Nov 2021  15h:46m:52s
First Section=475
Last Section=4424
Reconstruction duration per slice (seconds)=0.178854
Total reconstruction time (4048 slices) in seconds=724.000000
Heel Effect Correction On=0
Section to Section Step=1
Sections Count=3950
Result File Type=PNG
Result File Header Length (bytes)=Unknown: compressed JPG format (100%)
Result Image Width (pixels)=2968
Result Image Height (pixels)=1828
Pixel Size (um)=8.50024
Reconstruction Angular Range (deg)=220.65
Use 180+=OFF
Angular Step (deg)=0.1500
Smoothing=0
Ring Artifact Correction=0
Draw Scales=OFF
Object Bigger than FOV=OFF
Reconstruction from ROI=ON
ROI Top (pixels)=2472
ROI Bottom (pixels)=644
ROI Left (pixels)=63
ROI Right (pixels)=3034
ROI reference length=3072
Filter cutoff relative to Nyquist frequency=100
Filter type=0
Filter type description=Hamming (Alpha=0.54)
Undersampling factor=1
Threshold for defect pixel mask (%)=0
Beam Hardening Correction (%)=0
CS Static Rotation (deg)=44.86
CS Static Rotation Total(deg)=44.86
Minimum for CS to Image Conversion=0.000000
Maximum for CS to Image Conversion=0.090437
HU Calibration=OFF
BMP LUT=0
Cone-beam Angle Horiz.(deg)=40.246906
Cone-beam Angle Vert.(deg)=26.108994
