[System]
Scanner=SkyScan2214
Instrument S/N=20C18017
Software Version=1.8
Home Directory=C:\SkyScan2214\SkyScan2214 User Software
Source Type=Hamamatsu L10711
Camera Type=FlatPanel: 2...50um, 140mm max.FOV
Camera Pixel Size (um)=74.800
Camera X/Y Ratio=1.0030
[User]
User Name=Skyscan4
Computer Name=ANAMIC05
[Acquisition]
Data Directory=D:\Results\EAWAG\10794\proj
Filename Prefix=10794~00
Number Of Files= 1104
Number Of Rows= 1944
Number Of Columns= 3072
Filename Index Length=8
Partial Width=OFF
Image crop origin X=0
Image crop origin Y=0
Camera binning=1x1
Image Rotation=0.18000
Optical Axis (line)= 1003
Object to Source (mm)=39.500
Camera to Source (mm)=313.563
Source Voltage (kV)=  70
Source Current (uA)= 140
Source Target Power (W)=5.52
Image Pixel Size (um)=9.422742
Scaled Image Pixel Size (um)=9.422742
Image Format=TIFF
Depth (bits)=16
Reference Intensity=58000
Exposure (ms)=813
Rotation Step (deg)=0.200
Use 360 Rotation=NO
High Aspect Ratio=NO
Scanning position=43.306 mm
Frame Averaging=OFF (3)
Flat Field Correction=ON
FF updating interval=158
Random Movement=OFF (40)
Filter=No Filter
Gantry direction=CW
Rotation Direction=CW
Intrinsic CS rotation in degree=0.0
Type of Detector Motion=STEP AND SHOOT
Scanning Trajectory=ROUND
Number of connected scans=3
Current scan number=1
Number of lines to be reconstructed=1504
Source Filament Type=W
Source spot size=Large
Suggested HU - Calibration=180000
Number Of Horizontal Offset Positions=1
Study Date and Time=22 Jul 2021  12h:44m:27s
Estimated Scan duration=2h:54m:42s
Scan duration=0h:55m:33s
Maximum vertical TS=5.0
[Reconstruction]
Reconstruction Program=NRecon
Program Version=Version: 2.0.0.5
Program Home Directory=C:\SkyScan2214\SkyScan2214 User Software
Reconstruction engine=GPUReconServer
Engine version=Version: 2.0.0
Reconstruction from batch=Yes
Postalignment Applied=1
Connected Reconstruction (parts)=3
Sub-scan post alignment [0]=121.500000
Sub-scan post alignment [1]=112.000000
Sub-scan post alignment [2]=104.500000
Sub-scan scan length [0]=1541
Sub-scan scan length [1]=1509
Sub-scan scan length [2]=1504
Used extra rotation per scan(deg)= 0.000  0.000  0.122 
Used extra shift in X per scan(micron)= 0.000  127.309  241.725 
Used extra shift in Y per scan(micron)= 0.000  89.642  95.617 
Reconstruction servers= ANAMIC05 
Dataset Origin=SkyScan2214
Dataset Prefix=10794~02
Dataset Directory=D:\Results\EAWAG\10794\proj
Output Directory=D:\Results\EAWAG\10794\rec
Time and Date=22 Jul 2021  15h:48m:22s
First Section=280
Last Section=4950
Reconstruction duration per slice (seconds)=0.357260
Total reconstruction time (3051 slices) in seconds=1090.000000
Section to Section Step=1
Sections Count=4671
Result File Type=PNG
Result File Header Length (bytes)=Unknown: compressed JPG format (100%)
Result Image Width (pixels)=2888
Result Image Height (pixels)=2276
Pixel Size (um)=9.42274
Reconstruction Angular Range (deg)=220.80
Use 180+=OFF
Angular Step (deg)=0.2000
Smoothing=0
Ring Artifact Correction=0
Draw Scales=OFF
Object Bigger than FOV=OFF
Reconstruction from ROI=ON
ROI Top (pixels)=2698
ROI Bottom (pixels)=420
ROI Left (pixels)=105
ROI Right (pixels)=2993
ROI reference length=3072
Filter cutoff relative to Nyquist frequency=100
Filter type=0
Filter type description=Hamming (Alpha=0.54)
Undersampling factor=1
Threshold for defect pixel mask (%)=0
Beam Hardening Correction (%)=0
CS Static Rotation (deg)=52.90
CS Static Rotation Total(deg)=52.90
Minimum for CS to Image Conversion=0.000000
Maximum for CS to Image Conversion=0.160238
HU Calibration=OFF
BMP LUT=0
Cone-beam Angle Horiz.(deg)=40.247028
Cone-beam Angle Vert.(deg)=26.109076
