[System]
Scanner=SkyScan2214
Instrument S/N=20C18017
Software Version=1.8
Home Directory=C:\SkyScan2214\SkyScan2214 User Software
Source Type=Hamamatsu L10711
Camera Type=FlatPanel: 2...50um, 140mm max.FOV
Camera Pixel Size (um)=74.800
Camera X/Y Ratio=1.0030
[User]
User Name=Skyscan4
Computer Name=ANAMIC05
[Acquisition]
Data Directory=D:\Results\EAWAG\12319\head\50um_proj
Filename Prefix=12319
Number Of Files= 1104
Number Of Rows=  972
Number Of Columns= 1536
Filename Index Length=8
Partial Width=OFF
Image crop origin X=0
Image crop origin Y=0
Camera binning=2x2
Image Rotation=0.18000
Optical Axis (line)=  501
Object to Source (mm)=104.797
Camera to Source (mm)=313.563
Source Voltage (kV)=  70
Source Current (uA)= 140
Source Target Power (W)=4.65
Image Pixel Size (um)=49.998527
Scaled Image Pixel Size (um)=49.998527
Image Format=TIFF
Depth (bits)=16
Reference Intensity=58000
Exposure (ms)=801
Rotation Step (deg)=0.200
Use 360 Rotation=NO
High Aspect Ratio=NO
Scanning position=56.917 mm
Frame Averaging=OFF (4)
Flat Field Correction=ON
FF updating interval=158
Random Movement=OFF (20)
Filter=No Filter
Gantry direction=CW
Rotation Direction=CW
Intrinsic CS rotation in degree=0.0
Type of Detector Motion=STEP AND SHOOT
Scanning Trajectory=ROUND
Source Filament Type=W
Source spot size=Large
Suggested HU - Calibration=180000
Number Of Horizontal Offset Positions=1
Study Date and Time=23 Sep 2021  10h:33m:35s
Estimated Scan duration=1h:51m:6s
Scan duration=0h:43m:32s
Maximum vertical TS=0.0
Maximum horizontal TS=0.0
TS modified at=September23,16:04:26 ---  1104 of 1104 projections
TS modified according to=D:\Results\EAWAG\12319\head\50um_proj\12319_2DTransform.csv
TS modified at level=3
[Reconstruction]
Reconstruction Program=NRecon
Program Version=Version: 2.1.0.1
Program Home Directory=C:\SkyScan2214\SkyScan2214 User Software
Reconstruction engine=GPUReconServer
Engine version=Version: 2.1.0
Reconstruction from batch=Yes
Postalignment Applied=1
Postalignment=21.50
Reconstructed using oversize-option=No
Reconstruction servers= ANAMIC05 
Dataset Origin=SkyScan2214
Dataset Prefix=12319
Dataset Directory=D:\Results\EAWAG\12319\head\50um_proj
Output Directory=D:\Results\EAWAG\12319\head\50um_rec
Time and Date=23 Sep 2021  17h:23m:26s
First Section=26
Last Section=970
Reconstruction duration per slice (seconds)=0.030688
Total reconstruction time (945 slices) in seconds=29.000000
Heel Effect Correction On=0
Section to Section Step=1
Sections Count=945
Result File Type=PNG
Result File Header Length (bytes)=Unknown: compressed JPG format (100%)
Result Image Width (pixels)=1020
Result Image Height (pixels)=604
Pixel Size (um)=49.99853
Reconstruction Angular Range (deg)=220.80
Use 180+=OFF
Angular Step (deg)=0.2000
Smoothing=0
Ring Artifact Correction=0
Draw Scales=OFF
Object Bigger than FOV=OFF
Reconstruction from ROI=ON
ROI Top (pixels)=1077
ROI Bottom (pixels)=470
ROI Left (pixels)=328
ROI Right (pixels)=1350
ROI reference length=1536
Filter cutoff relative to Nyquist frequency=100
Filter type=0
Filter type description=Hamming (Alpha=0.54)
Undersampling factor=1
Threshold for defect pixel mask (%)=0
Beam Hardening Correction (%)=0
CS Static Rotation (deg)=210.62
CS Static Rotation Total(deg)=210.62
Minimum for CS to Image Conversion=0.000000
Maximum for CS to Image Conversion=0.060523
HU Calibration=OFF
BMP LUT=0
Cone-beam Angle Horiz.(deg)=40.246876
Cone-beam Angle Vert.(deg)=26.108973
[File name convention]
Filename Index Length=8
Filename Prefix=12319_rec
