[System]
Scanner=SkyScan2214
Instrument S/N=20C18017
Software Version=1.8
Home Directory=C:\SkyScan2214\SkyScan2214 User Software
Source Type=Hamamatsu L10711
Camera Type=FlatPanel: 2...50um, 140mm max.FOV
Camera Pixel Size (um)=74.800
Camera X/Y Ratio=1.0030
[User]
User Name=Skyscan4
Computer Name=ANAMIC05
[Acquisition]
Data Directory=D:\Results\EAWAG\BI10\proj
Filename Prefix=BI10~00
Number Of Files= 1104
Number Of Rows= 1944
Number Of Columns= 3072
Filename Index Length=8
Partial Width=OFF
Image crop origin X=0
Image crop origin Y=0
Camera binning=1x1
Image Rotation=0.18000
Optical Axis (line)= 1003
Object to Source (mm)=34.998
Camera to Source (mm)=313.563
Source Voltage (kV)=  70
Source Current (uA)= 140
Source Target Power (W)=5.92
Image Pixel Size (um)=8.348760
Scaled Image Pixel Size (um)=8.348760
Image Format=TIFF
Depth (bits)=16
Reference Intensity=58000
Exposure (ms)=813
Rotation Step (deg)=0.200
Use 360 Rotation=NO
High Aspect Ratio=NO
Scanning position=47.584 mm
Frame Averaging=OFF (3)
Flat Field Correction=ON
FF updating interval=158
Random Movement=OFF (40)
Filter=No Filter
Gantry direction=CW
Rotation Direction=CW
Intrinsic CS rotation in degree=0.0
Type of Detector Motion=STEP AND SHOOT
Scanning Trajectory=ROUND
Number of connected scans=3
Current scan number=1
Number of lines to be reconstructed=1535
Source Filament Type=W
Source spot size=Large
Suggested HU - Calibration=180000
Number Of Horizontal Offset Positions=1
Study Date and Time=26 Jul 2021  10h:46m:48s
Estimated Scan duration=2h:54m:42s
Scan duration=0h:54m:39s
Maximum vertical TS=5.0
[Reconstruction]
Reconstruction Program=NRecon
Program Version=Version: 2.0.0.5
Program Home Directory=C:\SkyScan2214\SkyScan2214 User Software
Reconstruction engine=GPUReconServer
Engine version=Version: 2.0.0
Reconstruction from batch=Yes
Postalignment Applied=1
Connected Reconstruction (parts)=3
Sub-scan post alignment [0]=139.000000
Sub-scan post alignment [1]=129.000000
Sub-scan post alignment [2]=122.500000
Sub-scan scan length [0]=1539
Sub-scan scan length [1]=1538
Sub-scan scan length [2]=1535
Used extra rotation per scan(deg)= 0.000  0.000  0.106 
Used extra shift in X per scan(micron)= 0.000  5.179  0.852 
Used extra shift in Y per scan(micron)= 0.000  -38.038  -20.473 
Reconstruction servers= ANAMIC05 
Dataset Origin=SkyScan2214
Dataset Prefix=BI10~02
Dataset Directory=D:\Results\EAWAG\BI10\proj
Output Directory=D:\Results\EAWAG\BI10\rec
Time and Date=26 Jul 2021  15h:21m:44s
First Section=345
Last Section=5012
Reconstruction duration per slice (seconds)=0.312541
Total reconstruction time (3078 slices) in seconds=962.000000
Section to Section Step=1
Sections Count=4668
Result File Type=PNG
Result File Header Length (bytes)=Unknown: compressed JPG format (100%)
Result Image Width (pixels)=2888
Result Image Height (pixels)=2300
Pixel Size (um)=8.34876
Reconstruction Angular Range (deg)=220.80
Use 180+=OFF
Angular Step (deg)=0.2000
Smoothing=0
Ring Artifact Correction=0
Draw Scales=OFF
Object Bigger than FOV=OFF
Reconstruction from ROI=ON
ROI Top (pixels)=2825
ROI Bottom (pixels)=523
ROI Left (pixels)=105
ROI Right (pixels)=2993
ROI reference length=3072
Filter cutoff relative to Nyquist frequency=100
Filter type=0
Filter type description=Hamming (Alpha=0.54)
Undersampling factor=1
Threshold for defect pixel mask (%)=0
Beam Hardening Correction (%)=0
CS Static Rotation (deg)=-86.57
CS Static Rotation Total(deg)=-86.57
Minimum for CS to Image Conversion=0.000000
Maximum for CS to Image Conversion=0.102861
HU Calibration=OFF
BMP LUT=0
Cone-beam Angle Horiz.(deg)=40.246902
Cone-beam Angle Vert.(deg)=26.108990
Sub-Scan 0 ends at slice=1752
Sub-Scan 1 ends at slice=3290
Sub-Scan 2 ends at slice=4697
Automatic matching in Z=50
Automatic matching in X/Y=50
Automatic matching in rotation=5.000000
Automatic fusion=1
[File name convention]
Filename Index Length=8
Filename Prefix=BI10_rec
