[System]
Scanner=SkyScan2214
Instrument S/N=20C18017
Software Version=1.8
Home Directory=C:\SkyScan2214\SkyScan2214 User Software
Source Type=Hamamatsu L10711
Camera Type=FlatPanel: 2...50um, 140mm max.FOV
Camera Pixel Size (um)=74.800
Camera X/Y Ratio=1.0030
[User]
User Name=Skyscan4
Computer Name=ANAMIC05
[Acquisition]
Data Directory=D:\Results\EAWAG\10448\proj_head
Filename Prefix=10448~00
Number Of Files= 1104
Number Of Rows= 1944
Number Of Columns= 3072
Filename Index Length=8
Partial Width=OFF
Image crop origin X=0
Image crop origin Y=0
Camera binning=1x1
Image Rotation=0.18000
Optical Axis (line)= 1003
Object to Source (mm)=125.765
Camera to Source (mm)=313.563
Source Voltage (kV)=  70
Source Current (uA)= 140
Source Target Power (W)=5.08
Image Pixel Size (um)=30.001079
Scaled Image Pixel Size (um)=30.001079
Image Format=TIFF
Depth (bits)=16
Reference Intensity=58000
Exposure (ms)=873
Rotation Step (deg)=0.200
Use 360 Rotation=NO
High Aspect Ratio=NO
Scanning position=37.545 mm
Frame Averaging=OFF (4)
Flat Field Correction=ON
FF updating interval=158
Random Movement=OFF (40)
Filter=No Filter
Gantry direction=CW
Rotation Direction=CW
Intrinsic CS rotation in degree=0.0
Type of Detector Motion=STEP AND SHOOT
Scanning Trajectory=ROUND
Source Filament Type=W
Source spot size=Large
Suggested HU - Calibration=180000
Number Of Horizontal Offset Positions=1
Study Date and Time=11 Oct 2021  11h:28m:22s
Estimated Scan duration=3h:57m:39s
Scan duration=0h:57m:36s
Maximum vertical TS=1.0
Maximum horizontal TS=0.0
TS modified at=October11,17:25:01 ---  1104 of 1104 projections
TS modified according to=D:\Results\EAWAG\10448\proj_head\10448~00_2DTransform.csv
TS modified at level=3
[Reconstruction]
Reconstruction Program=NRecon
Program Version=Version: 2.1.0.1
Program Home Directory=C:\SkyScan2214\SkyScan2214 User Software
Reconstruction engine=GPUReconServer
Engine version=Version: 2.1.0
Reconstruction from batch=Yes
Postalignment Applied=1
Postalignment=33.70
Reconstructed using oversize-option=No
Reconstruction servers= ANAMIC05 
Dataset Origin=SkyScan2214
Dataset Prefix=10448~00
Dataset Directory=D:\Results\EAWAG\10448\proj_head
Output Directory=D:\Results\EAWAG\10448\rec_hed
Time and Date=12 Oct 2021  14h:40m:06s
First Section=821
Last Section=1942
Reconstruction duration per slice (seconds)=0.058824
Total reconstruction time (1122 slices) in seconds=66.000000
Heel Effect Correction On=0
Section to Section Step=1
Sections Count=1122
Result File Type=PNG
Result File Header Length (bytes)=Unknown: compressed JPG format (100%)
Result Image Width (pixels)=1604
Result Image Height (pixels)=824
Pixel Size (um)=30.00108
Reconstruction Angular Range (deg)=220.80
Use 180+=OFF
Angular Step (deg)=0.2000
Smoothing=0
Ring Artifact Correction=0
Draw Scales=OFF
Object Bigger than FOV=OFF
Reconstruction from ROI=ON
ROI Top (pixels)=1876
ROI Bottom (pixels)=1050
ROI Left (pixels)=833
ROI Right (pixels)=2439
ROI reference length=3072
Filter cutoff relative to Nyquist frequency=100
Filter type=0
Filter type description=Hamming (Alpha=0.54)
Undersampling factor=1
Threshold for defect pixel mask (%)=0
Beam Hardening Correction (%)=0
CS Static Rotation (deg)=13.43
CS Static Rotation Total(deg)=13.43
Minimum for CS to Image Conversion=0.000000
Maximum for CS to Image Conversion=0.084901
HU Calibration=OFF
BMP LUT=0
Cone-beam Angle Horiz.(deg)=40.246765
Cone-beam Angle Vert.(deg)=26.108896
[File name convention]
Filename Index Length=8
Filename Prefix=10448_rec
