[System]
Scanner=SkyScan1272
Instrument S/N=15G09089-B
Software Version=1.1.19
Home Directory=C:\SkyScan1272\SkyScan1272
Source Type=HAMAMATSU_L11871_20
Camera Type=XIMEA xiRAY16
Camera Pixel Size (um)=7.4
Camera X/Y Ratio=1.0023
[User]
User Name=haberthu
Computer Name=ANAMIC02
[Acquisition]
Data Directory=D:\Results\EAWAG\TJ3\proj
Filename Prefix=TJ3_
Filename Index Length=8
Number Of Files=  322
Number Of Rows= 1640
Number Of Columns= 2452
Partial Width=OFF
Image crop origin X=0
Image crop origin Y=0
Camera binning=2x2
Image Rotation=0.13600
Optical Axis (line)=  870
Camera to Source (mm)=174.07267
Object to Source (mm)=58.80850
Source Voltage (kV)=  70
Source Current (uA)= 142
Image Pixel Size (um)=5.000014
Scaled Image Pixel Size (um)=5.000014
Image Format=TIFF
Depth (bits)=16
Reference Intensity=57000
Camera position=close
Exposure (ms)=1162
Rotation Step (deg)=0.600
Use 360 Rotation=NO
Scanning position=31.500 mm
Frame Averaging=ON (3)
Random Movement=OFF (30)
Flat Field Correction=ON
Geometrical Correction=ON
Filter=Al 0.5mm
Gantry direction=CC
Rotation Direction=CC
Type of Detector Motion=STEP AND SHOOT
Scanning Trajectory=ROUND
Number Of Horizontal Offset Positions=1
Study Date and Time=26 Oct 2020  11h:39m:02s
Scan duration=0h:34m:25s
Maximum vertical TS=5.0
[Reconstruction]
Reconstruction Program=NRecon
Program Version=Version: 2.1.0.1
Program Home Directory=C:\SkyScan1272\SkyScan1272
Reconstruction engine=GPUReconServer
Engine version=Version: 2.1.0
Reconstruction from batch=Yes
Postalignment Applied=1
Postalignment=44.00
Reconstructed using oversize-option=No
Reconstruction servers= ANAMIC02 
Dataset Origin=SkyScan1272
Dataset Prefix=TJ3_
Dataset Directory=D:\Results\EAWAG\TJ3\jaw_v1\proj
Output Directory=D:\Results\EAWAG\TJ3\jaw_v1\rec
Time and Date=11 Jan 2022  18h:50m:38s
First Section=90
Last Section=1638
Reconstruction duration per slice (seconds)=0.122660
Total reconstruction time (1549 slices) in seconds=190.000000
Heel Effect Correction On=0
Section to Section Step=1
Sections Count=1549
Result File Type=PNG
Result File Header Length (bytes)=Unknown: compressed JPG format (100%)
Result Image Width (pixels)=2304
Result Image Height (pixels)=1620
Pixel Size (um)=5.00001
Reconstruction Angular Range (deg)=193.20
Use 180+=OFF
Angular Step (deg)=0.6000
Smoothing=0
Ring Artifact Correction=13
Draw Scales=OFF
Object Bigger than FOV=OFF
Reconstruction from ROI=ON
ROI Top (pixels)=2401
ROI Bottom (pixels)=780
ROI Left (pixels)=55
ROI Right (pixels)=2361
ROI reference length=2452
Filter cutoff relative to Nyquist frequency=100
Filter type=0
Filter type description=Hamming (Alpha=0.54)
Undersampling factor=1
Threshold for defect pixel mask (%)=50
Beam Hardening Correction (%)=0
CS Static Rotation (deg)=97.00
CS Static Rotation Total(deg)=97.00
Minimum for CS to Image Conversion=0.000000
Maximum for CS to Image Conversion=0.232513
HU Calibration=OFF
BMP LUT=0
Cone-beam Angle Horiz.(deg)=11.901690
Cone-beam Angle Vert.(deg)=7.976189
[File name convention]
Filename Index Length=8
Filename Prefix=TJ3__rec
