[System]
Scanner=SkyScan2214
Instrument S/N=20C18017
Software Version=1.8
Home Directory=C:\SkyScan2214\SkyScan2214 User Software
Source Type=Hamamatsu L10711
Camera Type=FlatPanel: 2...50um, 140mm max.FOV
Camera Pixel Size (um)=74.800
Camera X/Y Ratio=1.0030
[User]
User Name=Skyscan4
Computer Name=ANAMIC05
[Acquisition]
Data Directory=D:\Results\EAWAG\MA31\head\proj
Filename Prefix=MA31~00
Number Of Files= 2205
Number Of Rows= 1944
Number Of Columns= 3072
Filename Index Length=8
Partial Width=OFF
Image crop origin X=0
Image crop origin Y=0
Camera binning=1x1
Image Rotation=0.18000
Optical Axis (line)= 1003
Object to Source (mm)=71.263
Camera to Source (mm)=313.563
Source Voltage (kV)=  70
Source Current (uA)= 140
Source Target Power (W)=5.47
Image Pixel Size (um)=16.999690
Scaled Image Pixel Size (um)=16.999690
Image Format=TIFF
Depth (bits)=16
Reference Intensity=58000
Exposure (ms)=706
Rotation Step (deg)=0.100
Use 360 Rotation=NO
High Aspect Ratio=NO
Scanning position=44.123 mm
Frame Averaging=OFF (4)
Flat Field Correction=ON
FF updating interval=315
Random Movement=OFF (40)
Filter=No Filter
Gantry direction=CW
Rotation Direction=CW
Intrinsic CS rotation in degree=0.0
Type of Detector Motion=STEP AND SHOOT
Scanning Trajectory=ROUND
Number of connected scans=2
Current scan number=1
Number of lines to be reconstructed=1151
Source Filament Type=W
Source spot size=Large
Suggested HU - Calibration=180000
Number Of Horizontal Offset Positions=1
Study Date and Time=19 Oct 2021  11h:15m:30s
Estimated Scan duration=3h:44m:24s
Scan duration=1h:39m:24s
Maximum vertical TS=5.0
[Reconstruction]
Reconstruction Program=NRecon
Program Version=Version: 2.1.0.1
Program Home Directory=C:\SkyScan2214\SkyScan2214 User Software
Reconstruction engine=GPUReconServer
Engine version=Version: 2.1.0
Reconstruction from batch=Yes
Postalignment Applied=1
Reconstructed using oversize-option=No
Connected Reconstruction (parts)=2
Oversize-option Bitmap=9
Sub-scan post alignment [0]=66.000000
Sub-scan post alignment [1]=58.000000
Sub-scan scan length [0]=1152
Sub-scan scan length [1]=1151
Used extra rotation per scan(deg)= 0.000  -0.021 
Used extra shift in X per scan(micron)= 0.000  -1.628 
Used extra shift in Y per scan(micron)= 0.000  4.089 
Reconstruction servers= ANAMIC05 
Dataset Origin=SkyScan2214
Dataset Prefix=MA31~01
Dataset Directory=D:\Results\EAWAG\MA31\head\proj
Output Directory=D:\Results\EAWAG\MA31\head\rec
Time and Date=23 Sep 2022  13h:40m:01s
First Section=447
Last Section=3093
Reconstruction duration per slice (seconds)=0.452732
Total reconstruction time (1153 slices) in seconds=522.000000
Heel Effect Correction On=0
Section to Section Step=1
Sections Count=2647
Result File Type=PNG
Result File Header Length (bytes)=Unknown: compressed JPG format (100%)
Result Image Width (pixels)=2420
Result Image Height (pixels)=1008
Pixel Size (um)=16.99969
Reconstruction Angular Range (deg)=220.50
Use 180+=OFF
Angular Step (deg)=0.1000
Smoothing=0
Ring Artifact Correction=0
Draw Scales=OFF
Object Bigger than FOV=OFF
Reconstruction from ROI=ON
ROI Top (pixels)=2147
ROI Bottom (pixels)=1137
ROI Left (pixels)=213
ROI Right (pixels)=2633
ROI reference length=3072
Filter cutoff relative to Nyquist frequency=100
Filter type=0
Filter type description=Hamming (Alpha=0.54)
Undersampling factor=1
Threshold for defect pixel mask (%)=0
Beam Hardening Correction (%)=0
CS Static Rotation (deg)=241.00
CS Static Rotation Total(deg)=241.00
Minimum for CS to Image Conversion=0.000000
Maximum for CS to Image Conversion=0.078735
HU Calibration=OFF
BMP LUT=0
Cone-beam Angle Horiz.(deg)=40.246746
Cone-beam Angle Vert.(deg)=26.108885
