[System]
Scanner=SkyScan2214
Instrument S/N=20C18017
Software Version=1.8
Home Directory=C:\SkyScan2214\SkyScan2214 User Software
Source Type=Hamamatsu L10711
Camera Type=FlatPanel: 2...50um, 140mm max.FOV
Camera Pixel Size (um)=74.800
Camera X/Y Ratio=1.0030
[User]
User Name=Skyscan4
Computer Name=ANAMIC05
[Acquisition]
Data Directory=D:\Results\EAWAG\IG142\proj
Filename Prefix=IG142~00
Number Of Files= 1104
Number Of Rows= 1944
Number Of Columns= 3072
Filename Index Length=8
Partial Width=OFF
Image crop origin X=0
Image crop origin Y=0
Camera binning=1x1
Image Rotation=0.18000
Optical Axis (line)= 1003
Object to Source (mm)=29.499
Camera to Source (mm)=313.563
Source Voltage (kV)=  70
Source Current (uA)= 140
Source Target Power (W)=4.12
Image Pixel Size (um)=7.036958
Scaled Image Pixel Size (um)=7.036958
Image Format=TIFF
Depth (bits)=16
Reference Intensity=58000
Exposure (ms)=937
Rotation Step (deg)=0.200
Use 360 Rotation=NO
High Aspect Ratio=NO
Scanning position=34.027 mm
Frame Averaging=OFF (3)
Flat Field Correction=ON
FF updating interval=158
Random Movement=OFF (40)
Filter=No Filter
Gantry direction=CW
Rotation Direction=CW
Intrinsic CS rotation in degree=0.0
Type of Detector Motion=STEP AND SHOOT
Scanning Trajectory=ROUND
Number of connected scans=3
Current scan number=1
Number of lines to be reconstructed=1471
Source Filament Type=W
Source spot size=Large
Suggested HU - Calibration=180000
Number Of Horizontal Offset Positions=1
Study Date and Time=25 Jun 2021  14h:02m:50s
Estimated Scan duration=3h:2m:0s
Scan duration=0h:56m:58s
Maximum vertical TS=5.0
[Reconstruction]
Reconstruction Program=NRecon
Program Version=Version: 2.1.0.1
Program Home Directory=C:\SkyScan1272\SkyScan1272
Reconstruction engine=GPUReconServer
Engine version=Version: 2.1.0
Reconstruction from batch=Yes
Postalignment Applied=1
Reconstructed using oversize-option=No
Connected Reconstruction (parts)=3
Oversize-option Bitmap=15
Sub-scan post alignment [0]=155.500000
Sub-scan post alignment [1]=144.000000
Sub-scan post alignment [2]=132.000000
Sub-scan scan length [0]=1473
Sub-scan scan length [1]=1477
Sub-scan scan length [2]=1471
Used extra rotation per scan(deg)= 0.000  0.063  0.063 
Used extra shift in X per scan(micron)= 0.000  -3.173  7.216 
Used extra shift in Y per scan(micron)= 0.000  -28.558  -67.077 
Reconstruction servers= ANAMIC02 
Dataset Origin=SkyScan2214
Dataset Prefix=IG142~02
Dataset Directory=D:\Results\EAWAG\IG142\proj
Output Directory=D:\Results\EAWAG\IG142\rec
Time and Date=03 Sep 2021  14h:43m:12s
First Section=345
Last Section=4884
Reconstruction duration per slice (seconds)=1.065063
Total reconstruction time (2951 slices) in seconds=3143.000000
Heel Effect Correction On=0
Section to Section Step=1
Sections Count=4540
Result File Type=PNG
Result File Header Length (bytes)=Unknown: compressed JPG format (100%)
Result Image Width (pixels)=2872
Result Image Height (pixels)=2236
Pixel Size (um)=7.03696
Reconstruction Angular Range (deg)=220.80
Use 180+=OFF
Angular Step (deg)=0.2000
Smoothing=0
Ring Artifact Correction=0
Draw Scales=OFF
Object Bigger than FOV=OFF
Reconstruction from ROI=ON
ROI Top (pixels)=2712
ROI Bottom (pixels)=474
ROI Left (pixels)=131
ROI Right (pixels)=3004
ROI reference length=3072
Filter cutoff relative to Nyquist frequency=100
Filter type=0
Filter type description=Hamming (Alpha=0.54)
Undersampling factor=1
Threshold for defect pixel mask (%)=0
Beam Hardening Correction (%)=0
CS Static Rotation (deg)=270.61
CS Static Rotation Total(deg)=270.61
Minimum for CS to Image Conversion=0.000000
Maximum for CS to Image Conversion=0.130482
HU Calibration=OFF
BMP LUT=0
Cone-beam Angle Horiz.(deg)=40.246815
Cone-beam Angle Vert.(deg)=26.108929
Sub-Scan 0 ends at slice=1719
Sub-Scan 1 ends at slice=3194
Sub-Scan 2 ends at slice=4570
Automatic Matching In Z=50
Automatic Matching In X/Y=50
Automatic Matching In Rotation=5.000000
Automatic Fusion=1
Automatic Heel Effect Correction=0
[File name convention]
Filename Index Length=8
Filename Prefix=IG142_rec
