[System]
Scanner=SkyScan2214
Instrument S/N=20C18017
Software Version=1.8
Home Directory=C:\SkyScan2214\SkyScan2214 User Software
Source Type=Hamamatsu L10711
Camera Type=FlatPanel: 2...50um, 140mm max.FOV
Camera Pixel Size (um)=74.800
Camera X/Y Ratio=1.0030
[User]
User Name=Skyscan4
Computer Name=ANAMIC05
[Acquisition]
Data Directory=D:\Results\EAWAG\10151\proj
Filename Prefix=10151~00
Number Of Files= 1104
Number Of Rows= 1944
Number Of Columns= 3072
Filename Index Length=8
Partial Width=OFF
Image crop origin X=0
Image crop origin Y=0
Camera binning=1x1
Image Rotation=0.21000
Optical Axis (line)= 1003
Object to Source (mm)=37.729
Camera to Source (mm)=313.563
Source Voltage (kV)=  70
Source Current (uA)= 140
Source Target Power (W)=3.97
Image Pixel Size (um)=9.000117
Scaled Image Pixel Size (um)=9.000117
Image Format=TIFF
Depth (bits)=16
Reference Intensity=58000
Exposure (ms)=909
Rotation Step (deg)=0.200
Use 360 Rotation=NO
High Aspect Ratio=NO
Scanning position=39.681 mm
Frame Averaging=OFF (4)
Flat Field Correction=ON
FF updating interval=158
Random Movement=OFF (40)
Filter=No Filter
Gantry direction=CW
Rotation Direction=CW
Intrinsic CS rotation in degree=0.0
Type of Detector Motion=STEP AND SHOOT
Scanning Trajectory=ROUND
Number of connected scans=3
Current scan number=1
Number of lines to be reconstructed=1450
Source Filament Type=W
Source spot size=Large
Suggested HU - Calibration=180000
Number Of Horizontal Offset Positions=1
Study Date and Time=27 Aug 2021  10h:59m:28s
Estimated Scan duration=3h:0m:21s
Scan duration=0h:59m:28s
Maximum vertical TS=5.0
[Reconstruction]
Reconstruction Program=NRecon
Program Version=Version: 2.1.0.1
Program Home Directory=C:\SkyScan2214\SkyScan2214 User Software
Reconstruction engine=GPUReconServer
Engine version=Version: 2.1.0
Reconstruction from batch=Yes
Postalignment Applied=1
Reconstructed using oversize-option=No
Connected Reconstruction (parts)=3
Oversize-option Bitmap=15
Sub-scan post alignment [0]=126.500000
Sub-scan post alignment [1]=115.000000
Sub-scan post alignment [2]=115.500000
Sub-scan scan length [0]=1449
Sub-scan scan length [1]=1451
Sub-scan scan length [2]=1450
Used extra rotation per scan(deg)= 0.000  0.105  0.254 
Used extra shift in X per scan(micron)= 0.000  -5.011  -11.862 
Used extra shift in Y per scan(micron)= 0.000  -31.850  54.352 
Reconstruction servers= ANAMIC05 
Dataset Origin=SkyScan2214
Dataset Prefix=10151~02
Dataset Directory=D:\Results\EAWAG\10151\proj
Output Directory=D:\Results\EAWAG\10151\rec
Time and Date=30 Aug 2021  14h:22m:56s
First Section=345
Last Section=4842
Reconstruction duration per slice (seconds)=0.385729
Total reconstruction time (2901 slices) in seconds=1119.000000
Heel Effect Correction On=0
Section to Section Step=1
Sections Count=4498
Result File Type=PNG
Result File Header Length (bytes)=Unknown: compressed JPG format (100%)
Result Image Width (pixels)=2880
Result Image Height (pixels)=2048
Pixel Size (um)=9.00012
Reconstruction Angular Range (deg)=220.80
Use 180+=OFF
Angular Step (deg)=0.2000
Smoothing=0
Ring Artifact Correction=0
Draw Scales=OFF
Object Bigger than FOV=OFF
Reconstruction from ROI=ON
ROI Top (pixels)=2669
ROI Bottom (pixels)=621
ROI Left (pixels)=79
ROI Right (pixels)=2962
ROI reference length=3072
Filter cutoff relative to Nyquist frequency=100
Filter type=0
Filter type description=Hamming (Alpha=0.54)
Undersampling factor=1
Threshold for defect pixel mask (%)=0
Beam Hardening Correction (%)=0
CS Static Rotation (deg)=213.74
CS Static Rotation Total(deg)=213.74
Minimum for CS to Image Conversion=0.000000
Maximum for CS to Image Conversion=0.111613
HU Calibration=OFF
BMP LUT=0
Cone-beam Angle Horiz.(deg)=40.246403
Cone-beam Angle Vert.(deg)=26.108650
