[System]
Scanner=SkyScan2214
Instrument S/N=20C18017
Software Version=1.7
Home Directory=C:\SkyScan2214\SkyScan2214 User Software
Source Type=Hamamatsu L10711
Camera Type=FlatPanel: 2...50um, 140mm max.FOV
Camera Pixel Size (um)=74.800
Camera X/Y Ratio=1.0040
[User]
User Name=Skyscan4
Computer Name=ANAMIC05
[Acquisition]
Data Directory=D:\Results\EAWAG\10628\full_188um\proj
Filename Prefix=10628~00
Number Of Files=  278
Number Of Rows=  486
Number Of Columns=  768
Filename Index Length=8
Partial Width=OFF
Image crop origin X=0
Image crop origin Y=0
Camera binning=4x4
Image Rotation=0.17000
Optical Axis (line)=  250
Object to Source (mm)=197.147
Camera to Source (mm)=313.404
Source Voltage (kV)=  70
Source Current (uA)= 200
Source Target Power (W)=2.81
Image Pixel Size (um)=188.212000
Scaled Image Pixel Size (um)=188.212000
Image Format=TIFF
Depth (bits)=16
Reference Intensity=58000
Exposure (ms)=294
Rotation Step (deg)=0.800
Use 360 Rotation=NO
High Aspect Ratio=NO
Scanning position=7.904 mm
Frame Averaging=ON (3)
Flat Field Correction=ON
FF updating interval=40
Random Movement=OFF (10)
Filter=No Filter
Gantry direction=CW
Rotation Direction=CW
Intrinsic CS rotation in degree=0.0
Type of Detector Motion=STEP AND SHOOT
Scanning Trajectory=ROUND
Number of connected scans=2
Current scan number=1
Number of lines to be reconstructed=330
Source Filament Type=W
Source spot size=Mid
Suggested HU - Calibration=180000
Number Of Horizontal Offset Positions=1
Study Date and Time=10 Feb 2021  14h:41m:06s
Estimated Scan duration=1h:6m:40s
Scan duration=0h:11m:14s
Maximum vertical TS=5.0
[Reconstruction]
Pseudo-parallel projection calculated=1
