[System]
Scanner=SkyScan2214
Instrument S/N=20C18017
Software Version=1.8
Home Directory=C:\SkyScan2214\SkyScan2214 User Software
Source Type=Hamamatsu L10711
Camera Type=FlatPanel: 2...50um, 140mm max.FOV
Camera Pixel Size (um)=74.800
Camera X/Y Ratio=1.0030
[User]
User Name=Skyscan4
Computer Name=ANAMIC05
[Acquisition]
Data Directory=D:\Results\EAWAG\11639\proj
Filename Prefix=11639~00
Number Of Files= 1104
Number Of Rows= 1944
Number Of Columns= 3070
Filename Index Length=8
Partial Width=OFF
Image crop origin X=0
Image crop origin Y=0
Camera binning=1x1
Image Rotation=0.21000
Optical Axis (line)= 1003
Object to Source (mm)=33.500
Camera to Source (mm)=313.563
Source Voltage (kV)=  70
Source Current (uA)= 140
Source Target Power (W)=3.81
Image Pixel Size (um)=7.991271
Scaled Image Pixel Size (um)=7.991271
Image Format=TIFF
Depth (bits)=16
Reference Intensity=58000
Exposure (ms)=900
Rotation Step (deg)=0.200
Use 360 Rotation=NO
High Aspect Ratio=NO
Scanning position=36.631 mm
Frame Averaging=OFF (3)
Flat Field Correction=ON
FF updating interval=158
Random Movement=OFF (40)
Filter=No Filter
Gantry direction=CW
Rotation Direction=CW
Intrinsic CS rotation in degree=0.0
Type of Detector Motion=STEP AND SHOOT
Scanning Trajectory=ROUND
Number of connected scans=4
Current scan number=1
Number of lines to be reconstructed=1256
Source Filament Type=W
Source spot size=Mid
Suggested HU - Calibration=180000
Number Of Horizontal Offset Positions=1
Study Date and Time=01 Jun 2021  10h:10m:51s
Estimated Scan duration=3h:59m:44s
Scan duration=0h:57m:23s
Maximum vertical TS=5.0
[Reconstruction]
Reconstruction Program=NRecon
Program Version=Version: 2.0.0.5
Program Home Directory=C:\SkyScan1272\SkyScan1272
Reconstruction engine=GPUReconServer
Engine version=Version: 2.0.0
Reconstruction from batch=Yes
Postalignment Applied=1
Connected Reconstruction (parts)=4
Sub-scan post alignment [0]=34.000000
Sub-scan post alignment [1]=25.500000
Sub-scan post alignment [2]=16.000000
Sub-scan post alignment [3]=8.500000
Sub-scan scan length [0]=1258
Sub-scan scan length [1]=1261
Sub-scan scan length [2]=1259
Sub-scan scan length [3]=1256
Used extra rotation per scan(deg)= 0.000  0.138  0.201  0.292 
Used extra shift in X per scan(micron)= 0.000  -8.432  -12.168  -11.649 
Used extra shift in Y per scan(micron)= 0.000  10.074  47.320  112.447 
Reconstruction servers= ANAMIC02 
Dataset Origin=SkyScan2214
Dataset Prefix=11639~03
Dataset Directory=D:\Results\EAWAG\11639\proj
Output Directory=D:\Results\EAWAG\11639\rec
Time and Date=04 Jun 2021  21h:01m:22s
First Section=344
Last Section=5388
Reconstruction duration per slice (seconds)=1.363853
Total reconstruction time (3779 slices) in seconds=5154.000000
Section to Section Step=1
Sections Count=5045
Result File Type=PNG
Result File Header Length (bytes)=Unknown: compressed JPG format (100%)
Result Image Width (pixels)=3004
Result Image Height (pixels)=2456
Pixel Size (um)=7.99127
Reconstruction Angular Range (deg)=220.80
Use 180+=OFF
Angular Step (deg)=0.2000
Smoothing=0
Ring Artifact Correction=0
Draw Scales=OFF
Object Bigger than FOV=OFF
Reconstruction from ROI=ON
ROI Top (pixels)=2732
ROI Bottom (pixels)=273
ROI Left (pixels)=42
ROI Right (pixels)=3047
ROI reference length=3070
Filter cutoff relative to Nyquist frequency=100
Filter type=0
Filter type description=Hamming (Alpha=0.54)
Undersampling factor=1
Threshold for defect pixel mask (%)=0
Beam Hardening Correction (%)=0
CS Static Rotation (deg)=-31.84
CS Static Rotation Total(deg)=-31.84
Minimum for CS to Image Conversion=0.000000
Maximum for CS to Image Conversion=0.114091
HU Calibration=OFF
BMP LUT=0
Cone-beam Angle Horiz.(deg)=40.222149
Cone-beam Angle Vert.(deg)=26.108547
Sub-Scan 0 ends at slice=1611
Sub-Scan 1 ends at slice=2870
Sub-Scan 2 ends at slice=4130
Sub-Scan 3 ends at slice=5398
Automatic matching in Z=50
Automatic matching in X/Y=50
Automatic matching in rotation=5.000000
Automatic fusion=1
[File name convention]
Filename Index Length=8
Filename Prefix=11639_rec
